{
  "aor": 0.0007533888888888887,
  "aqi": 0.006551525388888889,
  "bids_meta": {
    "AccelFactPE": 2,
    "AcquisitionNumber": 1,
    "AcquisitionTime": "14:46:29.350000",
    "BandwidthPerPixelPhaseEncode": 65.104,
    "BodyPartExamined": "HEAD",
    "ConversionSoftware": "dcm2niix",
    "ConversionSoftwareVersion": "v1.0.20170724 GCC4.8.5",
    "DeviceSerialNumber": "35353",
    "EchoTime": 0.027,
    "EffectiveEchoSpacing": 0.000240001,
    "FlipAngle": 90,
    "ImageType": [
      "ORIGINAL",
      "PRIMARY",
      "M",
      "ND",
      "MOSAIC"
    ],
    "InstitutionAddress": "De_Pintelaan_185_Gent_ACCD6F_District_BE_9000",
    "InstitutionName": "UZ_Gent",
    "MagneticFieldStrength": 3,
    "Manufacturer": "Siemens",
    "ManufacturersModelName": "TrioTim",
    "Modality": "MR",
    "PhaseEncodingDirection": "j-",
    "PhaseEncodingLines": 64,
    "ProcedureStepDescription": "Brain_Research_3T_MRP",
    "ProtocolName": "fMRI_Resting_State",
    "RepetitionTime": 2.4,
    "ScanningSequence": "EP",
    "SequenceName": "_epfid2d1_64",
    "SequenceVariant": "SK",
    "SeriesDescription": "fMRI_Resting_State",
    "SliceTiming": [
      2.3325,
      2.275,
      2.22,
      2.1625,
      2.105,
      2.0475,
      1.9925,
      1.935,
      1.8775,
      1.82,
      1.765,
      1.7075,
      1.65,
      1.5925,
      1.5375,
      1.48,
      1.4225,
      1.365,
      1.31,
      1.2525,
      1.195,
      1.1375,
      1.0825,
      1.025,
      0.9675,
      0.91,
      0.855,
      0.7975,
      0.74,
      0.6825,
      0.6275,
      0.57,
      0.5125,
      0.455,
      0.4,
      0.3425,
      0.285,
      0.2275,
      0.1725,
      0.115,
      0.0575,
      0
    ],
    "SoftwareVersions": "syngo_MR_B17",
    "TaskName": "rest",
    "TotalReadoutTime": 0.01464,
    "TrueEchoSpacing": 0.000480001,
    "dataset": "<unset>",
    "modality": "bold",
    "session_id": "preop",
    "subject_id": "PAT19",
    "task_id": "rest"
  },
  "dummy_trs": 0,
  "dvars_nstd": 50.849859696201136,
  "dvars_std": 1.1060886767597768,
  "dvars_vstd": 0.9548353774301674,
  "efc": 0.50561518775447,
  "fber": 538.0489501953125,
  "fd_mean": 0.47629563936461156,
  "fd_num": 145,
  "fd_perc": 80.55555555555556,
  "fwhm_avg": 3.617911111111111,
  "fwhm_x": 3.694433333333333,
  "fwhm_y": 3.6490666666666667,
  "fwhm_z": 3.5102333333333333,
  "gcor": 0.0232534,
  "gsr_x": -0.015676898881793022,
  "gsr_y": 0.058182381093502045,
  "provenance": {
    "md5sum": "b98aa270eb01898a9cd547aa93e08f3c",
    "settings": {
      "fd_thres": 0.2,
      "testing": false
    },
    "software": "mriqc",
    "version": "21.0.0rc2",
    "webapi_port": null,
    "webapi_url": "https://mriqc.nimh.nih.gov/api/v1"
  },
  "size_t": 180,
  "size_x": 64,
  "size_y": 64,
  "size_z": 42,
  "snr": 1.7715019147667919,
  "spacing_tr": 2.4000000953674316,
  "spacing_x": 3.0,
  "spacing_y": 3.0,
  "spacing_z": 3.0,
  "summary_bg_k": 68.54183396417591,
  "summary_bg_mad": 11.918474563827573,
  "summary_bg_mean": 53.77777099609375,
  "summary_bg_median": 28.77777862548828,
  "summary_bg_n": 102397.0,
  "summary_bg_p05": 19.288888931274414,
  "summary_bg_p95": 180.9666748046875,
  "summary_bg_stdv": 72.8946762084961,
  "summary_fg_k": 2.5226596244962582,
  "summary_fg_mad": 281.1755243132161,
  "summary_fg_mean": 789.606689453125,
  "summary_fg_median": 672.013916015625,
  "summary_fg_n": 33576.0,
  "summary_fg_p05": 395.0888977050781,
  "summary_fg_p95": 1566.4875183105469,
  "summary_fg_stdv": 379.3413391113281,
  "tsnr": 39.83065250236541
}