{
  "bids_meta": {
    "AcquisitionNumber": 1,
    "AcquisitionTime": "16:53:52.397500",
    "BodyPartExamined": "HEAD",
    "ConversionSoftware": "dcm2niix",
    "ConversionSoftwareVersion": "v1.0.20170724 GCC4.8.5",
    "DeviceSerialNumber": "35353",
    "EchoTime": 0.00418,
    "FlipAngle": 9,
    "ImageType": [
      "ORIGINAL",
      "PRIMARY",
      "M",
      "ND",
      "NORM"
    ],
    "InstitutionAddress": "De_Pintelaan_185_Gent_88C96F_District_BE_9000",
    "InstitutionName": "UZ",
    "InversionTime": 0.9,
    "MagneticFieldStrength": 3,
    "Manufacturer": "Siemens",
    "ManufacturersModelName": "TrioTim",
    "Modality": "MR",
    "PhaseEncodingDirection": "i-",
    "PhaseEncodingLines": 256,
    "ProcedureStepDescription": "MR_hersenen_(stereotaxie_neuronavigatie)",
    "ProtocolName": "T1_mprage",
    "RepetitionTime": 1.59,
    "ScanningSequence": "GR_IR",
    "SequenceName": "_tfl3d1_ns",
    "SequenceVariant": "SP_MP",
    "SeriesDescription": "T1_mprage",
    "SoftwareVersions": "syngo_MR_B17",
    "dataset": "<unset>",
    "modality": "T1w",
    "session_id": "preop",
    "subject_id": "PAT01"
  },
  "cjv": 0.4367675289960832,
  "cnr": 3.0854640691672164,
  "efc": 0.6445815067980674,
  "fber": 3271.8399999999997,
  "fwhm_avg": 3.4309196339143835,
  "fwhm_x": 3.611938901743151,
  "fwhm_y": 3.54844,
  "fwhm_z": 3.13238,
  "icvs_csf": 0.22659669561017104,
  "icvs_gm": 0.404185130285567,
  "icvs_wm": 0.36921817410426194,
  "inu_med": 1.1352243423461914,
  "inu_range": 0.2826774060726165,
  "provenance": {
    "md5sum": "f6f419a0707333ac21abef535dcd4fea",
    "settings": {
      "testing": false
    },
    "software": "mriqc",
    "version": "21.0.0rc2",
    "warnings": {
      "large_rot_frame": true,
      "small_air_mask": false
    },
    "webapi_port": null,
    "webapi_url": "https://mriqc.nimh.nih.gov/api/v1"
  },
  "qi_1": 0.0,
  "qi_2": 0.014530883873728414,
  "rpve_csf": 24.980307272615867,
  "rpve_gm": 13.65681226955339,
  "rpve_wm": 17.285430843710607,
  "size_x": 144,
  "size_y": 256,
  "size_z": 256,
  "snr_csf": 3.9635330039997325,
  "snr_gm": 12.548963138799234,
  "snr_total": 11.590558751077602,
  "snr_wm": 18.25918011043384,
  "snrd_csf": 41.40507522977209,
  "snrd_gm": 84.6700152596072,
  "snrd_total": 79.72576474501884,
  "snrd_wm": 113.10220374567722,
  "spacing_x": 1.000005841255188,
  "spacing_y": 1.0,
  "spacing_z": 1.0,
  "summary_bg_k": 229.55375859425098,
  "summary_bg_mad": 5.792428088888143,
  "summary_bg_mean": 8.888971182191163,
  "summary_bg_median": 7.755554310977459,
  "summary_bg_n": 2073295.0,
  "summary_bg_p05": 0.0,
  "summary_bg_p95": 23.61653756350279,
  "summary_bg_stdv": 8.960465364663511,
  "summary_csf_k": 1.7257240199591344,
  "summary_csf_mad": 77.46291892005635,
  "summary_csf_mean": 383.66214441195757,
  "summary_csf_median": 366.0854884535074,
  "summary_csf_n": 40569.0,
  "summary_csf_p05": 263.6888465732336,
  "summary_csf_p95": 561.6070945039392,
  "summary_csf_stdv": 92.3622879308097,
  "summary_gm_k": 0.09306835221971399,
  "summary_gm_mad": 58.35655164178353,
  "summary_gm_mean": 745.7695255614665,
  "summary_gm_median": 748.6150845438242,
  "summary_gm_n": 7553.0,
  "summary_gm_p05": 642.3464967519045,
  "summary_gm_p95": 840.0489879995583,
  "summary_gm_stdv": 59.651583733061386,
  "summary_wm_k": 0.441731183338522,
  "summary_wm_mad": 51.44021959534992,
  "summary_wm_mean": 1001.3374284082156,
  "summary_wm_median": 1000.000006608665,
  "summary_wm_n": 155359.0,
  "summary_wm_p05": 913.3477231040597,
  "summary_wm_p95": 1094.0579697936773,
  "summary_wm_stdv": 54.76679578179442,
  "tpm_overlap_csf": 0.1647455096244812,
  "tpm_overlap_gm": 0.42071327567100525,
  "tpm_overlap_wm": 0.4810955822467804,
  "wm2max": 0.5323461848885578
}