{
  "bids_meta": {
    "AccelFactPE": 2,
    "AcquisitionNumber": 1,
    "AcquisitionTime": "13:49:16.185000",
    "BodyPartExamined": "HEAD",
    "ConversionSoftware": "dcm2niix",
    "ConversionSoftwareVersion": "v1.0.20170724 GCC4.8.5",
    "DeviceSerialNumber": "35353",
    "EchoTime": 0.00418,
    "FlipAngle": 9,
    "ImageType": [
      "ORIGINAL",
      "PRIMARY",
      "M",
      "ND",
      "NORM"
    ],
    "InstitutionAddress": "De_Pintelaan_185_Gent_88C96F_District_BE_9000",
    "InstitutionName": "UZ",
    "InversionTime": 0.9,
    "MagneticFieldStrength": 3,
    "Manufacturer": "Siemens",
    "ManufacturersModelName": "TrioTim",
    "Modality": "MR",
    "PhaseEncodingDirection": "i-",
    "PhaseEncodingLines": 256,
    "ProcedureStepDescription": "MR_hersenen_(structuur_alleen)",
    "ProtocolName": "T1_mprage",
    "RepetitionTime": 1.75,
    "ScanningSequence": "GR_IR",
    "SequenceName": "_tfl3d1_ns",
    "SequenceVariant": "SP_MP",
    "SeriesDescription": "T1_mprage",
    "SoftwareVersions": "syngo_MR_B17",
    "dataset": "<unset>",
    "modality": "T1w",
    "session_id": "preop",
    "subject_id": "CON04"
  },
  "cjv": 0.39326166954183345,
  "cnr": 3.3364594431075854,
  "efc": 0.5705117073877674,
  "fber": 7215.786071998838,
  "fwhm_avg": 3.4715310236557912,
  "fwhm_x": 3.680163070967376,
  "fwhm_y": 3.47375,
  "fwhm_z": 3.26068,
  "icvs_csf": 0.22866996234618103,
  "icvs_gm": 0.40164265875838506,
  "icvs_wm": 0.3696873788954339,
  "inu_med": 1.2870402336120605,
  "inu_range": 0.3155373573303224,
  "provenance": {
    "md5sum": "194f2dc283421174feae79ab141062f5",
    "settings": {
      "testing": false
    },
    "software": "mriqc",
    "version": "21.0.0rc2",
    "warnings": {
      "large_rot_frame": true,
      "small_air_mask": false
    },
    "webapi_port": null,
    "webapi_url": "https://mriqc.nimh.nih.gov/api/v1"
  },
  "qi_1": 0.0,
  "qi_2": 0.01390041907509336,
  "rpve_csf": 24.64724875459487,
  "rpve_gm": 13.806025549032109,
  "rpve_wm": 17.612332387992307,
  "size_x": 160,
  "size_y": 256,
  "size_z": 256,
  "snr_csf": 4.6535538837318855,
  "snr_gm": 13.00890172292972,
  "snr_total": 14.41716614239988,
  "snr_wm": 25.589042820538037,
  "snrd_csf": 42.19181885898785,
  "snrd_gm": 89.18046154030353,
  "snrd_total": 82.71016200045622,
  "snrd_wm": 116.75820560207728,
  "spacing_x": 0.9999991655349731,
  "spacing_y": 1.0,
  "spacing_z": 1.0,
  "summary_bg_k": 4.815977067352271,
  "summary_bg_mad": 5.610796450231401,
  "summary_bg_mean": 6.524858476467226,
  "summary_bg_median": 3.7844246961176395,
  "summary_bg_n": 2474884.0,
  "summary_bg_p05": 0.0,
  "summary_bg_p95": 18.922123480588198,
  "summary_bg_stdv": 6.107324975421554,
  "summary_csf_k": 2.915255324834183,
  "summary_csf_mad": 58.74436283435045,
  "summary_csf_mean": 374.93468252323163,
  "summary_csf_median": 361.34416526183486,
  "summary_csf_n": 41032.0,
  "summary_csf_p05": 278.36039481684566,
  "summary_csf_p95": 527.0837287604809,
  "summary_csf_stdv": 77.64813109797163,
  "summary_gm_k": 0.13282664594408145,
  "summary_gm_mad": 56.24316441677742,
  "summary_gm_mean": 763.7045182131516,
  "summary_gm_median": 763.769856441766,
  "summary_gm_n": 12425.0,
  "summary_gm_p05": 666.1590565688908,
  "summary_gm_p95": 860.7058432362974,
  "summary_gm_stdv": 58.70896228477581,
  "summary_wm_k": 0.6294282462924494,
  "summary_wm_mad": 36.63917681958336,
  "summary_wm_mean": 998.4221591749019,
  "summary_wm_median": 999.9544338621199,
  "summary_wm_n": 189792.0,
  "summary_wm_p05": 931.7891938537359,
  "summary_wm_p95": 1059.2285556085408,
  "summary_wm_stdv": 39.077342850555134,
  "tpm_overlap_csf": 0.17534619569778442,
  "tpm_overlap_gm": 0.4262887239456177,
  "tpm_overlap_wm": 0.4857199490070343,
  "wm2max": 0.5760098755055943
}