{
  "aor": 0.00045577777777777777,
  "aqi": 0.003531339,
  "bids_meta": {
    "AccelFactPE": 2,
    "AcquisitionNumber": 1,
    "AcquisitionTime": "13:54:41.040000",
    "BandwidthPerPixelPhaseEncode": 65.104,
    "BodyPartExamined": "HEAD",
    "ConversionSoftware": "dcm2niix",
    "ConversionSoftwareVersion": "v1.0.20170724 GCC4.8.5",
    "DeviceSerialNumber": "35353",
    "EchoTime": 0.027,
    "EffectiveEchoSpacing": 0.000240001,
    "FlipAngle": 90,
    "ImageType": [
      "ORIGINAL",
      "PRIMARY",
      "M",
      "ND",
      "MOSAIC"
    ],
    "InstitutionAddress": "De_Pintelaan_185_Gent_9C4B6E_District_BE_9000",
    "InstitutionName": "UZ_Gent",
    "MagneticFieldStrength": 3,
    "Manufacturer": "Siemens",
    "ManufacturersModelName": "TrioTim",
    "Modality": "MR",
    "PhaseEncodingDirection": "j-",
    "PhaseEncodingLines": 64,
    "ProcedureStepDescription": "MR_hersenen_(stereotaxie_neuronavigatie)",
    "ProtocolName": "fMRI_Resting_State",
    "RepetitionTime": 2.4,
    "ScanningSequence": "EP",
    "SequenceName": "_epfid2d1_64",
    "SequenceVariant": "SK",
    "SeriesDescription": "fMRI_Resting_State",
    "SliceTiming": [
      2.3325,
      2.275,
      2.2175,
      2.16,
      2.105,
      2.0475,
      1.99,
      1.9325,
      1.8775,
      1.82,
      1.7625,
      1.705,
      1.65,
      1.5925,
      1.535,
      1.4775,
      1.4225,
      1.365,
      1.3075,
      1.25,
      1.195,
      1.1375,
      1.08,
      1.0225,
      0.9675,
      0.91,
      0.8525,
      0.795,
      0.74,
      0.6825,
      0.625,
      0.5675,
      0.5125,
      0.455,
      0.3975,
      0.34,
      0.285,
      0.2275,
      0.17,
      0.1125,
      0.0575,
      0
    ],
    "SoftwareVersions": "syngo_MR_B17",
    "TaskName": "rest",
    "TotalReadoutTime": 0.01464,
    "TrueEchoSpacing": 0.000480001,
    "dataset": "<unset>",
    "modality": "bold",
    "session_id": "preop",
    "subject_id": "PAT26",
    "task_id": "rest"
  },
  "dummy_trs": 0,
  "dvars_nstd": 35.644081829497225,
  "dvars_std": 1.0649468773743018,
  "dvars_vstd": 0.9933570016759774,
  "efc": 0.6232811904006149,
  "fber": 274.5858459472656,
  "fd_mean": 0.3173631773861946,
  "fd_num": 125,
  "fd_perc": 69.44444444444444,
  "fwhm_avg": 2.718585555555555,
  "fwhm_x": 2.49097,
  "fwhm_y": 2.7552133333333333,
  "fwhm_z": 2.909573333333333,
  "gcor": 0.022673,
  "gsr_x": 0.011965276673436165,
  "gsr_y": 0.06142471730709076,
  "provenance": {
    "md5sum": "f18f74a130c82109b968704b084dfc8f",
    "settings": {
      "fd_thres": 0.2,
      "testing": false
    },
    "software": "mriqc",
    "version": "21.0.0rc2",
    "webapi_port": null,
    "webapi_url": "https://mriqc.nimh.nih.gov/api/v1"
  },
  "size_t": 180,
  "size_x": 64,
  "size_y": 64,
  "size_z": 42,
  "snr": 2.8883799812969495,
  "spacing_tr": 2.4000000953674316,
  "spacing_x": 3.0,
  "spacing_y": 3.0,
  "spacing_z": 3.0,
  "summary_bg_k": 46.04656858600777,
  "summary_bg_mad": 18.44192375968436,
  "summary_bg_mean": 64.95437622070312,
  "summary_bg_median": 32.905555725097656,
  "summary_bg_n": 85650.0,
  "summary_bg_p05": 18.41111183166504,
  "summary_bg_p95": 207.91111755371094,
  "summary_bg_stdv": 100.11680603027344,
  "summary_fg_k": 0.951934815813841,
  "summary_fg_mad": 170.42512049267606,
  "summary_fg_mean": 579.4334716796875,
  "summary_fg_median": 546.7666625976562,
  "summary_fg_n": 47504.0,
  "summary_fg_p05": 326.25972442626954,
  "summary_fg_p95": 936.9736083984371,
  "summary_fg_stdv": 189.29673767089844,
  "tsnr": 47.509684392018244
}