{
  "aor": 0.0007166111111111111,
  "aqi": 0.0054133294444444445,
  "bids_meta": {
    "AccelFactPE": 2,
    "AcquisitionNumber": 1,
    "AcquisitionTime": "16:15:26.377500",
    "BandwidthPerPixelPhaseEncode": 65.104,
    "BodyPartExamined": "HEAD",
    "ConversionSoftware": "dcm2niix",
    "ConversionSoftwareVersion": "v1.0.20170724 GCC4.8.5",
    "DeviceSerialNumber": "35353",
    "EchoTime": 0.027,
    "EffectiveEchoSpacing": 0.000240001,
    "FlipAngle": 90,
    "ImageType": [
      "ORIGINAL",
      "PRIMARY",
      "M",
      "ND",
      "MOSAIC"
    ],
    "InstitutionAddress": "De_Pintelaan_185_Gent_ACCD6F_District_BE_9000",
    "InstitutionName": "UZ_Gent",
    "MagneticFieldStrength": 3,
    "Manufacturer": "Siemens",
    "ManufacturersModelName": "TrioTim",
    "Modality": "MR",
    "PhaseEncodingDirection": "j-",
    "PhaseEncodingLines": 64,
    "ProcedureStepDescription": "MR_hersenen_(stereotaxie_neuronavigatie)",
    "ProtocolName": "fMRI_Resting_State",
    "RepetitionTime": 2.4,
    "ScanningSequence": "EP",
    "SequenceName": "_epfid2d1_64",
    "SequenceVariant": "SK",
    "SeriesDescription": "fMRI_Resting_State",
    "SliceTiming": [
      2.33,
      2.275,
      2.2175,
      2.16,
      2.1025,
      2.0475,
      1.99,
      1.9325,
      1.875,
      1.82,
      1.7625,
      1.705,
      1.6475,
      1.5925,
      1.535,
      1.4775,
      1.42,
      1.365,
      1.3075,
      1.25,
      1.1925,
      1.1375,
      1.08,
      1.0225,
      0.965,
      0.91,
      0.8525,
      0.795,
      0.7375,
      0.6825,
      0.625,
      0.5675,
      0.51,
      0.455,
      0.3975,
      0.34,
      0.2825,
      0.2275,
      0.17,
      0.1125,
      0.055,
      0
    ],
    "SoftwareVersions": "syngo_MR_B17",
    "TaskName": "rest",
    "TotalReadoutTime": 0.01464,
    "TrueEchoSpacing": 0.000480001,
    "dataset": "<unset>",
    "modality": "bold",
    "session_id": "preop",
    "subject_id": "PAT28",
    "task_id": "rest"
  },
  "dummy_trs": 0,
  "dvars_nstd": 31.433088984189965,
  "dvars_std": 1.040163485530726,
  "dvars_vstd": 0.9807499055865934,
  "efc": 0.5936739381609665,
  "fber": 315.17529296875,
  "fd_mean": 0.1537589562065726,
  "fd_num": 37,
  "fd_perc": 20.555555555555557,
  "fwhm_avg": 2.4972144444444444,
  "fwhm_x": 2.3013533333333336,
  "fwhm_y": 2.5932033333333333,
  "fwhm_z": 2.5970866666666668,
  "gcor": 0.00833639,
  "gsr_x": 0.01811712048947811,
  "gsr_y": 0.07928423583507538,
  "provenance": {
    "md5sum": "c2d4da40bac30ef385abdd9dfa7dd1df",
    "settings": {
      "fd_thres": 0.2,
      "testing": false
    },
    "software": "mriqc",
    "version": "21.0.0rc2",
    "webapi_port": null,
    "webapi_url": "https://mriqc.nimh.nih.gov/api/v1"
  },
  "size_t": 180,
  "size_x": 64,
  "size_y": 64,
  "size_z": 42,
  "snr": 3.1796901177748644,
  "spacing_tr": 2.4000000953674316,
  "spacing_x": 3.0,
  "spacing_y": 3.0,
  "spacing_z": 3.0,
  "summary_bg_k": 40.43972128259979,
  "summary_bg_mad": 15.287276711318086,
  "summary_bg_mean": 58.017154693603516,
  "summary_bg_median": 29.77777862548828,
  "summary_bg_n": 95287.0,
  "summary_bg_p05": 17.2722225189209,
  "summary_bg_p95": 198.56055603027332,
  "summary_bg_stdv": 85.88054656982422,
  "summary_fg_k": 1.0799981649230297,
  "summary_fg_mad": 152.2797352748644,
  "summary_fg_mean": 558.9866333007812,
  "summary_fg_median": 531.9444580078125,
  "summary_fg_n": 38601.0,
  "summary_fg_p05": 333.95001220703125,
  "summary_fg_p95": 875.0277709960938,
  "summary_fg_stdv": 167.29226684570312,
  "tsnr": 43.91400954127312
}