{
  "bids_meta": {
    "AccelFactPE": 2,
    "AcquisitionNumber": 1,
    "AcquisitionTime": "14:54:58.192500",
    "BodyPartExamined": "HEAD",
    "ConversionSoftware": "dcm2niix",
    "ConversionSoftwareVersion": "v1.0.20170724 GCC4.8.5",
    "DeviceSerialNumber": "35353",
    "EchoTime": 0.00418,
    "FlipAngle": 9,
    "ImageType": [
      "ORIGINAL",
      "PRIMARY",
      "M",
      "ND",
      "NORM"
    ],
    "InstitutionAddress": "De_Pintelaan_185_Gent_ACCD6F_District_BE_9000",
    "InstitutionName": "UZ_Gent",
    "InversionTime": 0.9,
    "MagneticFieldStrength": 3,
    "Manufacturer": "Siemens",
    "ManufacturersModelName": "TrioTim",
    "Modality": "MR",
    "PhaseEncodingDirection": "i-",
    "PhaseEncodingLines": 256,
    "ProcedureStepDescription": "MR_hersenen_(stereotaxie_neuronavigatie)",
    "ProtocolName": "T1_mprage",
    "RepetitionTime": 1.75,
    "ScanningSequence": "GR_IR",
    "SequenceName": "_tfl3d1_ns",
    "SequenceVariant": "SP_MP",
    "SeriesDescription": "T1_mprage",
    "SoftwareVersions": "syngo_MR_B17",
    "dataset": "<unset>",
    "modality": "T1w",
    "session_id": "preop",
    "subject_id": "PAT24"
  },
  "cjv": 0.5845095838120842,
  "cnr": 2.34401252491356,
  "efc": 0.6155342828086167,
  "fber": 7326.759310557094,
  "fwhm_avg": 3.531848418344778,
  "fwhm_x": 3.6735352550343348,
  "fwhm_y": 3.61654,
  "fwhm_z": 3.30547,
  "icvs_csf": 0.24639957586541703,
  "icvs_gm": 0.37724849098922114,
  "icvs_wm": 0.3763519331453618,
  "inu_med": 1.4027667045593262,
  "inu_range": 0.48664650321006775,
  "provenance": {
    "md5sum": "dbc821556f3fcf9cf6600938405148b6",
    "settings": {
      "testing": false
    },
    "software": "mriqc",
    "version": "21.0.0rc2",
    "warnings": {
      "large_rot_frame": true,
      "small_air_mask": false
    },
    "webapi_port": null,
    "webapi_url": "https://mriqc.nimh.nih.gov/api/v1"
  },
  "qi_1": 2.66625123933071e-06,
  "qi_2": 0.016975989041486877,
  "rpve_csf": 20.711976240869525,
  "rpve_gm": 12.591034871162234,
  "rpve_wm": 15.057379411002403,
  "size_x": 160,
  "size_y": 256,
  "size_z": 256,
  "snr_csf": 3.8981369832082993,
  "snr_gm": 13.029165955542593,
  "snr_total": 12.193008299660226,
  "snr_wm": 19.651721960229786,
  "snrd_csf": 38.730637318321484,
  "snrd_gm": 85.31438424502161,
  "snrd_total": 76.43279894591093,
  "snrd_wm": 105.25337527438967,
  "spacing_x": 0.9999985694885254,
  "spacing_y": 1.0,
  "spacing_z": 1.0,
  "summary_bg_k": 39.38154766919686,
  "summary_bg_mad": 6.22483242405911,
  "summary_bg_mean": 8.50151846199562,
  "summary_bg_median": 8.323511935770512,
  "summary_bg_n": 2410475.0,
  "summary_bg_p05": 0.0,
  "summary_bg_p95": 24.970535807311535,
  "summary_bg_stdv": 8.500576996982149,
  "summary_csf_k": 1.6299280052614282,
  "summary_csf_mad": 75.46244219341833,
  "summary_csf_mean": 390.29121898110833,
  "summary_csf_median": 368.002350717783,
  "summary_csf_n": 54184.0,
  "summary_csf_p05": 277.2539727985859,
  "summary_csf_p95": 581.0989881530404,
  "summary_csf_stdv": 94.40380274711067,
  "summary_gm_k": 0.024663874692959276,
  "summary_gm_mad": 62.357531826978104,
  "summary_gm_mean": 811.291292097338,
  "summary_gm_median": 810.6216712668538,
  "summary_gm_n": 10653.0,
  "summary_gm_p05": 711.0341656282544,
  "summary_gm_p95": 914.8644508376717,
  "summary_gm_stdv": 62.21300937463558,
  "summary_wm_k": 0.3855044931115197,
  "summary_wm_mad": 48.37896076944185,
  "summary_wm_mean": 1000.2121972932331,
  "summary_wm_median": 1000.07364205271,
  "summary_wm_n": 200901.0,
  "summary_wm_p05": 916.9858414903283,
  "summary_wm_p95": 1084.4873117730021,
  "summary_wm_stdv": 50.88974671543896,
  "tpm_overlap_csf": 0.1645447164773941,
  "tpm_overlap_gm": 0.40764108300209045,
  "tpm_overlap_wm": 0.4808657467365265,
  "wm2max": 0.4992278276217091
}