{
  "bids_meta": {
    "AccelFactPE": 2,
    "AcquisitionNumber": 1,
    "AcquisitionTime": "14:33:35.200000",
    "BodyPartExamined": "HEAD",
    "ConversionSoftware": "dcm2niix",
    "ConversionSoftwareVersion": "v1.0.20170724 GCC4.8.5",
    "DeviceSerialNumber": "35353",
    "EchoTime": 0.00418,
    "FlipAngle": 9,
    "ImageType": [
      "ORIGINAL",
      "PRIMARY",
      "M",
      "ND",
      "NORM"
    ],
    "InstitutionAddress": "De_Pintelaan_185_Gent_88C96F_District_BE_9000",
    "InstitutionName": "UZ",
    "InversionTime": 0.9,
    "MagneticFieldStrength": 3,
    "Manufacturer": "Siemens",
    "ManufacturersModelName": "TrioTim",
    "Modality": "MR",
    "PhaseEncodingDirection": "i-",
    "PhaseEncodingLines": 256,
    "ProcedureStepDescription": "Brain_Research_3T_MRP",
    "ProtocolName": "T1_mprage",
    "RepetitionTime": 1.75,
    "ScanningSequence": "GR_IR",
    "SequenceName": "_tfl3d1_ns",
    "SequenceVariant": "SP_MP",
    "SeriesDescription": "T1_mprage",
    "SoftwareVersions": "syngo_MR_B17",
    "dataset": "<unset>",
    "modality": "T1w",
    "session_id": "preop",
    "subject_id": "PAT13"
  },
  "cjv": 0.41423440088758895,
  "cnr": 3.152756466279401,
  "efc": 0.5918554606043342,
  "fber": 5178.401512345679,
  "fwhm_avg": 3.676872779252499,
  "fwhm_x": 3.780658337757498,
  "fwhm_y": 3.84863,
  "fwhm_z": 3.40133,
  "icvs_csf": 0.21737768709984265,
  "icvs_gm": 0.41111380402423214,
  "icvs_wm": 0.37150850887592524,
  "inu_med": 1.380197525024414,
  "inu_range": 0.4410070896148681,
  "provenance": {
    "md5sum": "6e8c72b8cdeed0552e926e7aff2f8bff",
    "settings": {
      "testing": false
    },
    "software": "mriqc",
    "version": "21.0.0rc2",
    "warnings": {
      "large_rot_frame": true,
      "small_air_mask": false
    },
    "webapi_port": null,
    "webapi_url": "https://mriqc.nimh.nih.gov/api/v1"
  },
  "qi_1": 0.0,
  "qi_2": 0.002797021723687361,
  "rpve_csf": 27.623572371175545,
  "rpve_gm": 14.665375522049976,
  "rpve_wm": 18.808493044333908,
  "size_x": 160,
  "size_y": 256,
  "size_z": 256,
  "snr_csf": 4.588394087007849,
  "snr_gm": 14.563206189233169,
  "snr_total": 14.574182221731098,
  "snr_wm": 24.570946388952276,
  "snrd_csf": 50.96381299652631,
  "snrd_gm": 106.51584210531213,
  "snrd_total": 97.68555138524927,
  "snrd_wm": 135.5769990539094,
  "spacing_x": 0.9999977946281433,
  "spacing_y": 1.0,
  "spacing_z": 1.0,
  "summary_bg_k": 868.6558635639086,
  "summary_bg_mad": 4.8322088380820185,
  "summary_bg_mean": 6.721349715369069,
  "summary_bg_median": 6.46422940865159,
  "summary_bg_n": 1793880.0,
  "summary_bg_p05": 0.0,
  "summary_bg_p95": 19.501330737024546,
  "summary_bg_stdv": 7.483947784950057,
  "summary_csf_k": 3.133223751193044,
  "summary_csf_mad": 65.79857701188348,
  "summary_csf_mean": 392.38538882860644,
  "summary_csf_median": 375.9030883014202,
  "summary_csf_n": 44221.0,
  "summary_csf_p05": 295.5619513653219,
  "summary_csf_p95": 551.1977799125016,
  "summary_csf_stdv": 81.92383454240385,
  "summary_gm_k": 0.16931884819581233,
  "summary_gm_mad": 52.22812385826981,
  "summary_gm_mean": 783.8482632602281,
  "summary_gm_median": 785.6483188010752,
  "summary_gm_n": 12170.0,
  "summary_gm_p05": 692.704650580883,
  "summary_gm_p95": 871.0413325019181,
  "summary_gm_stdv": 53.94526657494543,
  "summary_wm_k": 1.1162338853960696,
  "summary_wm_mad": 36.563713541487274,
  "summary_wm_mean": 1001.2363033528461,
  "summary_wm_median": 999.9999931417406,
  "summary_wm_n": 172093.0,
  "summary_wm_p05": 937.1503004878759,
  "summary_wm_p95": 1069.8571277596056,
  "summary_wm_stdv": 40.698354548580426,
  "tpm_overlap_csf": 0.16358120739459991,
  "tpm_overlap_gm": 0.43071484565734863,
  "tpm_overlap_wm": 0.49488365650177,
  "wm2max": 0.517397414277684
}