{
  "aor": 0.0011476111111111112,
  "aqi": 0.008262851666666666,
  "bids_meta": {
    "AccelFactPE": 2,
    "AcquisitionNumber": 1,
    "AcquisitionTime": "14:18:39.637500",
    "BandwidthPerPixelPhaseEncode": 65.104,
    "BodyPartExamined": "HEAD",
    "ConversionSoftware": "dcm2niix",
    "ConversionSoftwareVersion": "v1.0.20170724 GCC4.8.5",
    "DeviceSerialNumber": "35353",
    "EchoTime": 0.027,
    "EffectiveEchoSpacing": 0.000240001,
    "FlipAngle": 90,
    "ImageType": [
      "ORIGINAL",
      "PRIMARY",
      "M",
      "ND",
      "MOSAIC"
    ],
    "InstitutionAddress": "De_Pintelaan_185_Gent_ACCD6F_District_BE_9000",
    "InstitutionName": "UZ_Gent",
    "MagneticFieldStrength": 3,
    "Manufacturer": "Siemens",
    "ManufacturersModelName": "TrioTim",
    "Modality": "MR",
    "PhaseEncodingDirection": "j-",
    "PhaseEncodingLines": 64,
    "ProcedureStepDescription": "Brain_Research_3T_MRP",
    "ProtocolName": "fMRI_Resting_State",
    "RepetitionTime": 2.4,
    "ScanningSequence": "EP",
    "SequenceName": "_epfid2d1_64",
    "SequenceVariant": "SK",
    "SeriesDescription": "fMRI_Resting_State",
    "SliceTiming": [
      2.3325,
      2.275,
      2.2175,
      2.1625,
      2.105,
      2.0475,
      1.99,
      1.935,
      1.8775,
      1.82,
      1.7625,
      1.7075,
      1.65,
      1.5925,
      1.535,
      1.48,
      1.4225,
      1.365,
      1.3075,
      1.2525,
      1.195,
      1.1375,
      1.08,
      1.025,
      0.9675,
      0.91,
      0.8525,
      0.7975,
      0.74,
      0.6825,
      0.625,
      0.57,
      0.5125,
      0.455,
      0.3975,
      0.3425,
      0.285,
      0.2275,
      0.17,
      0.115,
      0.0575,
      0
    ],
    "SoftwareVersions": "syngo_MR_B17",
    "TaskName": "rest",
    "TotalReadoutTime": 0.01464,
    "TrueEchoSpacing": 0.000480001,
    "dataset": "<unset>",
    "modality": "bold",
    "session_id": "preop",
    "subject_id": "CON11",
    "task_id": "rest"
  },
  "dummy_trs": 0,
  "dvars_nstd": 50.84011208960892,
  "dvars_std": 1.1732815184357548,
  "dvars_vstd": 0.9932102479329605,
  "efc": 0.5777168185600874,
  "fber": 403.74853515625,
  "fd_mean": 0.4964392951415176,
  "fd_num": 168,
  "fd_perc": 93.33333333333333,
  "fwhm_avg": 2.3336888888888887,
  "fwhm_x": 2.2170566666666667,
  "fwhm_y": 2.3934133333333336,
  "fwhm_z": 2.3905966666666667,
  "gcor": 0.00644962,
  "gsr_x": 0.013721930794417858,
  "gsr_y": 0.044029489159584045,
  "provenance": {
    "md5sum": "53f25748b89ced82e715b669732d30fe",
    "settings": {
      "fd_thres": 0.2,
      "testing": false
    },
    "software": "mriqc",
    "version": "21.0.0rc2",
    "webapi_port": null,
    "webapi_url": "https://mriqc.nimh.nih.gov/api/v1"
  },
  "size_t": 180,
  "size_x": 64,
  "size_y": 64,
  "size_z": 42,
  "snr": 3.63943535407269,
  "spacing_tr": 2.4000000953674316,
  "spacing_x": 3.0,
  "spacing_y": 3.0,
  "spacing_z": 3.0,
  "summary_bg_k": 54.32800051562148,
  "summary_bg_mad": 12.009078535463239,
  "summary_bg_mean": 45.96913528442383,
  "summary_bg_median": 26.93889045715332,
  "summary_bg_n": 96242.0,
  "summary_bg_p05": 17.438888549804688,
  "summary_bg_p95": 128.71584091186517,
  "summary_bg_stdv": 66.10273742675781,
  "summary_fg_k": 0.4136475024913602,
  "summary_fg_mad": 145.6080252915892,
  "summary_fg_mean": 558.9164428710938,
  "summary_fg_median": 543.6889038085938,
  "summary_fg_n": 38004.0,
  "summary_fg_p05": 341.55418395996094,
  "summary_fg_p95": 825.0753204345702,
  "summary_fg_stdv": 149.38629150390625,
  "tsnr": 40.04178051277995
}