{
  "aor": 0.0016616666666666668,
  "aqi": 0.005615965611111112,
  "bids_meta": {
    "AccelFactPE": 2,
    "AcquisitionNumber": 1,
    "AcquisitionTime": "13:55:5.420000",
    "BandwidthPerPixelPhaseEncode": 65.104,
    "BodyPartExamined": "HEAD",
    "ConversionSoftware": "dcm2niix",
    "ConversionSoftwareVersion": "v1.0.20170724 GCC4.8.5",
    "DeviceSerialNumber": "35353",
    "EchoTime": 0.027,
    "EffectiveEchoSpacing": 0.000240001,
    "FlipAngle": 90,
    "ImageType": [
      "ORIGINAL",
      "PRIMARY",
      "M",
      "ND",
      "MOSAIC"
    ],
    "InstitutionAddress": "De_Pintelaan_185_Gent_88C96F_District_BE_9000",
    "InstitutionName": "UZ",
    "MagneticFieldStrength": 3,
    "Manufacturer": "Siemens",
    "ManufacturersModelName": "TrioTim",
    "Modality": "MR",
    "PhaseEncodingDirection": "j-",
    "PhaseEncodingLines": 64,
    "ProcedureStepDescription": "MR_hersenen_(structuur_alleen)",
    "ProtocolName": "RESTING_STATE",
    "RepetitionTime": 2.1,
    "ScanningSequence": "EP",
    "SequenceName": "_epfid2d1_64",
    "SequenceVariant": "SK",
    "SeriesDescription": "RESTING_STATE",
    "SliceTiming": [
      2.0375,
      1.9875,
      1.9375,
      1.89,
      1.84,
      1.79,
      1.74,
      1.69,
      1.64,
      1.59,
      1.54,
      1.4925,
      1.4425,
      1.3925,
      1.3425,
      1.2925,
      1.2425,
      1.1925,
      1.1425,
      1.0925,
      1.045,
      0.995,
      0.945,
      0.895,
      0.845,
      0.795,
      0.745,
      0.695,
      0.6475,
      0.5975,
      0.5475,
      0.4975,
      0.4475,
      0.3975,
      0.3475,
      0.2975,
      0.2475,
      0.2,
      0.15,
      0.1,
      0.05,
      0
    ],
    "SoftwareVersions": "syngo_MR_B17",
    "TaskName": "rest",
    "TotalReadoutTime": 0.01464,
    "TrueEchoSpacing": 0.000480001,
    "dataset": "<unset>",
    "modality": "bold",
    "session_id": "preop",
    "subject_id": "CON04",
    "task_id": "rest"
  },
  "dummy_trs": 0,
  "dvars_nstd": 34.134699400391035,
  "dvars_std": 1.0895389865363123,
  "dvars_vstd": 1.0092828343575422,
  "efc": 0.5544391448265049,
  "fber": 398.9205627441406,
  "fd_mean": 0.08582492806209074,
  "fd_num": 7,
  "fd_perc": 3.888888888888889,
  "fwhm_avg": 2.3443798094846073,
  "fwhm_x": 2.2139333333333333,
  "fwhm_y": 2.4306,
  "fwhm_z": 2.388606095120489,
  "gcor": 0.00900849,
  "gsr_x": 0.009603974409401417,
  "gsr_y": 0.04399525746703148,
  "provenance": {
    "md5sum": "0cec152748282d3d59e4d8cbed8b273e",
    "settings": {
      "fd_thres": 0.2,
      "testing": false
    },
    "software": "mriqc",
    "version": "21.0.0rc2",
    "webapi_port": null,
    "webapi_url": "https://mriqc.nimh.nih.gov/api/v1"
  },
  "size_t": 180,
  "size_x": 64,
  "size_y": 64,
  "size_z": 42,
  "snr": 3.4999552474061515,
  "spacing_tr": 2.0999999046325684,
  "spacing_x": 3.0,
  "spacing_y": 3.0,
  "spacing_z": 3.299999952316284,
  "summary_bg_k": 69.69940214418621,
  "summary_bg_mad": 10.650027444446208,
  "summary_bg_mean": 43.37820816040039,
  "summary_bg_median": 26.894445419311523,
  "summary_bg_n": 101271.0,
  "summary_bg_p05": 18.072221755981445,
  "summary_bg_p95": 113.61111450195312,
  "summary_bg_stdv": 59.98245620727539,
  "summary_fg_k": 1.1454383325566502,
  "summary_fg_mad": 137.4372437536409,
  "summary_fg_mean": 558.3489990234375,
  "summary_fg_median": 535.1666870117188,
  "summary_fg_n": 34321.0,
  "summary_fg_p05": 345.6055603027344,
  "summary_fg_p95": 841.4666748046875,
  "summary_fg_stdv": 152.9044952392578,
  "tsnr": 42.741707437089644
}