{
  "aor": 0.0007847777777777778,
  "aqi": 0.0028400247222222217,
  "bids_meta": {
    "AccelFactPE": 2,
    "AcquisitionNumber": 1,
    "AcquisitionTime": "11:40:5.290000",
    "BandwidthPerPixelPhaseEncode": 65.104,
    "BodyPartExamined": "HEAD",
    "ConversionSoftware": "dcm2niix",
    "ConversionSoftwareVersion": "v1.0.20170724 GCC4.8.5",
    "DeviceSerialNumber": "35353",
    "EchoTime": 0.027,
    "EffectiveEchoSpacing": 0.000240001,
    "FlipAngle": 90,
    "ImageType": [
      "ORIGINAL",
      "PRIMARY",
      "M",
      "ND",
      "MOSAIC"
    ],
    "InstitutionAddress": "De_Pintelaan_185_Gent_ACCD6F_District_BE_9000",
    "InstitutionName": "UZ",
    "MagneticFieldStrength": 3,
    "Manufacturer": "Siemens",
    "ManufacturersModelName": "TrioTim",
    "Modality": "MR",
    "PhaseEncodingDirection": "j-",
    "PhaseEncodingLines": 64,
    "ProcedureStepDescription": "MR_hersenen_(stereotaxie_neuronavigatie)",
    "ProtocolName": "fMRI_Resting_State",
    "RepetitionTime": 2.4,
    "ScanningSequence": "EP",
    "SequenceName": "_epfid2d1_64",
    "SequenceVariant": "SK",
    "SeriesDescription": "fMRI_Resting_State",
    "SliceTiming": [
      2.3325,
      2.275,
      2.22,
      2.1625,
      2.105,
      2.0475,
      1.9925,
      1.935,
      1.8775,
      1.82,
      1.765,
      1.7075,
      1.65,
      1.5925,
      1.5375,
      1.48,
      1.4225,
      1.365,
      1.31,
      1.2525,
      1.195,
      1.1375,
      1.0825,
      1.025,
      0.9675,
      0.91,
      0.855,
      0.7975,
      0.74,
      0.6825,
      0.6275,
      0.57,
      0.5125,
      0.455,
      0.4,
      0.3425,
      0.285,
      0.2275,
      0.1725,
      0.115,
      0.0575,
      0
    ],
    "SoftwareVersions": "syngo_MR_B17",
    "TaskName": "rest",
    "TotalReadoutTime": 0.01464,
    "TrueEchoSpacing": 0.000480001,
    "dataset": "<unset>",
    "modality": "bold",
    "session_id": "preop",
    "subject_id": "PAT15",
    "task_id": "rest"
  },
  "dummy_trs": 0,
  "dvars_nstd": 28.514809251396645,
  "dvars_std": 1.1241108929608938,
  "dvars_vstd": 1.0055670317877095,
  "efc": 0.5576411640221528,
  "fber": 553.6690063476562,
  "fd_mean": 0.07440511754079676,
  "fd_num": 1,
  "fd_perc": 0.5555555555555556,
  "fwhm_avg": 2.7493833333333337,
  "fwhm_x": 2.6024833333333333,
  "fwhm_y": 2.8028600000000004,
  "fwhm_z": 2.8428066666666667,
  "gcor": 0.0113018,
  "gsr_x": -0.01532556489109993,
  "gsr_y": 0.06956879794597626,
  "provenance": {
    "md5sum": "4241ae352245daec5b41dfb0ab3e60f0",
    "settings": {
      "fd_thres": 0.2,
      "testing": false
    },
    "software": "mriqc",
    "version": "21.0.0rc2",
    "webapi_port": null,
    "webapi_url": "https://mriqc.nimh.nih.gov/api/v1"
  },
  "size_t": 180,
  "size_x": 64,
  "size_y": 64,
  "size_z": 42,
  "snr": 3.079399710765625,
  "spacing_tr": 2.4000000953674316,
  "spacing_x": 3.0,
  "spacing_y": 3.0,
  "spacing_z": 3.0,
  "summary_bg_k": 97.92801434283832,
  "summary_bg_mad": 7.973107086348795,
  "summary_bg_mean": 43.975345611572266,
  "summary_bg_median": 24.361112594604492,
  "summary_bg_n": 97725.0,
  "summary_bg_p05": 17.7722225189209,
  "summary_bg_p95": 120.71889343261732,
  "summary_bg_stdv": 74.50498962402344,
  "summary_fg_k": 1.5236432669230267,
  "summary_fg_mad": 165.02184348958562,
  "summary_fg_mean": 608.4991455078125,
  "summary_fg_median": 577.4722290039062,
  "summary_fg_n": 37847.0,
  "summary_fg_p05": 356.80446166992186,
  "summary_fg_p95": 968.0900390625,
  "summary_fg_stdv": 187.52505493164062,
  "tsnr": 57.40118218585849
}