{
  "aor": 0.0007160335195530727,
  "aqi": 0.004463920949720671,
  "bids_meta": {
    "AccelFactPE": 2,
    "AcquisitionNumber": 1,
    "AcquisitionTime": "12:53:58.857500",
    "BandwidthPerPixelPhaseEncode": 52.083,
    "BodyPartExamined": "HEAD",
    "ConversionSoftware": "dcm2niix",
    "ConversionSoftwareVersion": "v1.0.20170724 GCC4.8.5",
    "DeviceSerialNumber": "35353",
    "EchoTime": 0.027,
    "EffectiveEchoSpacing": 0.000300002,
    "FlipAngle": 90,
    "ImageType": [
      "ORIGINAL",
      "PRIMARY",
      "M",
      "ND",
      "MOSAIC"
    ],
    "InstitutionAddress": "De_Pintelaan_185_Gent_ACCD6F_District_BE_9000",
    "InstitutionName": "UZ",
    "MagneticFieldStrength": 3,
    "Manufacturer": "Siemens",
    "ManufacturersModelName": "TrioTim",
    "Modality": "MR",
    "PhaseEncodingDirection": "j-",
    "PhaseEncodingLines": 64,
    "ProcedureStepDescription": "MR_hersenen_(structuur_alleen)",
    "ProtocolName": "fMRI_Resting_State",
    "RepetitionTime": 2.4,
    "ScanningSequence": "EP",
    "SequenceName": "_epfid2d1_64",
    "SequenceVariant": "SK_OSP",
    "SeriesDescription": "fMRI_Resting_State",
    "SliceTiming": [
      2.3375,
      2.2875,
      2.235,
      2.1825,
      2.13,
      2.0775,
      2.0275,
      1.975,
      1.9225,
      1.87,
      1.82,
      1.7675,
      1.715,
      1.6625,
      1.61,
      1.56,
      1.5075,
      1.455,
      1.4025,
      1.3525,
      1.3,
      1.2475,
      1.195,
      1.145,
      1.0925,
      1.04,
      0.9875,
      0.935,
      0.885,
      0.8325,
      0.78,
      0.7275,
      0.6775,
      0.625,
      0.5725,
      0.52,
      0.4675,
      0.4175,
      0.365,
      0.3125,
      0.26,
      0.21,
      0.1575,
      0.105,
      0.0525,
      0
    ],
    "SoftwareVersions": "syngo_MR_B17",
    "TaskName": "rest",
    "TotalReadoutTime": 0.0231001,
    "TrueEchoSpacing": 0.000600004,
    "dataset": "<unset>",
    "modality": "bold",
    "session_id": "preop",
    "subject_id": "CON09",
    "task_id": "rest"
  },
  "dummy_trs": 1,
  "dvars_nstd": 27.819987939943807,
  "dvars_std": 1.0437552117977533,
  "dvars_vstd": 0.980517501516854,
  "efc": 0.5938349613204364,
  "fber": 460.55987548828125,
  "fd_mean": 0.12017484509748264,
  "fd_num": 3,
  "fd_perc": 1.675977653631285,
  "fwhm_avg": 2.5727977777777777,
  "fwhm_x": 2.3743066666666666,
  "fwhm_y": 2.61575,
  "fwhm_z": 2.728336666666667,
  "gcor": 0.00445314,
  "gsr_x": -6.077826037653722e-05,
  "gsr_y": 0.06200364604592323,
  "provenance": {
    "md5sum": "0be1fed6e4b63a1b3bd26833539ec366",
    "settings": {
      "fd_thres": 0.2,
      "testing": false
    },
    "software": "mriqc",
    "version": "21.0.0rc2",
    "webapi_port": null,
    "webapi_url": "https://mriqc.nimh.nih.gov/api/v1"
  },
  "size_t": 179,
  "size_x": 64,
  "size_y": 64,
  "size_z": 46,
  "snr": 3.026322223374499,
  "spacing_tr": 2.4000000953674316,
  "spacing_x": 3.0,
  "spacing_y": 3.0,
  "spacing_z": 3.0,
  "summary_bg_k": 73.5813115016278,
  "summary_bg_mad": 13.699577844690152,
  "summary_bg_mean": 50.95222091674805,
  "summary_bg_median": 26.486032485961914,
  "summary_bg_n": 98671.0,
  "summary_bg_p05": 15.642457962036133,
  "summary_bg_p95": 165.86871337890625,
  "summary_bg_stdv": 80.67948150634766,
  "summary_fg_k": 1.2018716605828503,
  "summary_fg_mad": 174.6737341468815,
  "summary_fg_mean": 602.9415283203125,
  "summary_fg_median": 574.1396484375,
  "summary_fg_n": 48067.0,
  "summary_fg_p05": 350.3083770751953,
  "summary_fg_p95": 961.8848937988281,
  "summary_fg_stdv": 189.7133331298828,
  "tsnr": 49.66298634884879
}