{
  "aor": 0.0007582777777777777,
  "aqi": 0.01472220211111111,
  "bids_meta": {
    "AccelFactPE": 2,
    "AcquisitionNumber": 1,
    "AcquisitionTime": "12:56:6.252500",
    "BandwidthPerPixelPhaseEncode": 65.104,
    "BodyPartExamined": "HEAD",
    "ConversionSoftware": "dcm2niix",
    "ConversionSoftwareVersion": "v1.0.20170724 GCC4.8.5",
    "DeviceSerialNumber": "35353",
    "EchoTime": 0.027,
    "EffectiveEchoSpacing": 0.000240001,
    "FlipAngle": 90,
    "ImageType": [
      "ORIGINAL",
      "PRIMARY",
      "M",
      "ND",
      "MOSAIC"
    ],
    "InstitutionAddress": "De_Pintelaan_185_Gent_88C96F_District_BE_9000",
    "InstitutionName": "UZ",
    "MagneticFieldStrength": 3,
    "Manufacturer": "Siemens",
    "ManufacturersModelName": "TrioTim",
    "Modality": "MR",
    "PhaseEncodingDirection": "j-",
    "PhaseEncodingLines": 64,
    "ProcedureStepDescription": "MR_hersenen_(stereotaxie_neuronavigatie)",
    "ProtocolName": "RESTING_STATE",
    "RepetitionTime": 2.1,
    "ScanningSequence": "EP",
    "SequenceName": "_epfid2d1_64",
    "SequenceVariant": "SK",
    "SeriesDescription": "RESTING_STATE",
    "SliceTiming": [
      2.04,
      1.99,
      1.94,
      1.89,
      1.84,
      1.79,
      1.74,
      1.69,
      1.6425,
      1.5925,
      1.5425,
      1.4925,
      1.4425,
      1.3925,
      1.3425,
      1.2925,
      1.245,
      1.195,
      1.145,
      1.095,
      1.045,
      0.995,
      0.945,
      0.895,
      0.845,
      0.7975,
      0.7475,
      0.6975,
      0.6475,
      0.5975,
      0.5475,
      0.4975,
      0.4475,
      0.3975,
      0.35,
      0.3,
      0.25,
      0.2,
      0.15,
      0.1,
      0.05,
      0
    ],
    "SoftwareVersions": "syngo_MR_B17",
    "TaskName": "rest",
    "TotalReadoutTime": 0.01464,
    "TrueEchoSpacing": 0.000480001,
    "dataset": "<unset>",
    "modality": "bold",
    "session_id": "preop",
    "subject_id": "PAT08",
    "task_id": "rest"
  },
  "dummy_trs": 0,
  "dvars_nstd": 75.35762375586592,
  "dvars_std": 1.1602782243575425,
  "dvars_vstd": 0.9804294745810055,
  "efc": 0.6157249035951976,
  "fber": 167.86285400390625,
  "fd_mean": 0.9581515697275949,
  "fd_num": 178,
  "fd_perc": 98.88888888888889,
  "fwhm_avg": 2.597143750287457,
  "fwhm_x": 2.3750666666666667,
  "fwhm_y": 2.7352433333333335,
  "fwhm_z": 2.681121250862371,
  "gcor": 0.0198309,
  "gsr_x": 0.02414712682366371,
  "gsr_y": 0.05204145237803459,
  "provenance": {
    "md5sum": "311a9f691cd052a0f3cc2d558e2ae747",
    "settings": {
      "fd_thres": 0.2,
      "testing": false
    },
    "software": "mriqc",
    "version": "21.0.0rc2",
    "webapi_port": null,
    "webapi_url": "https://mriqc.nimh.nih.gov/api/v1"
  },
  "size_t": 180,
  "size_x": 64,
  "size_y": 64,
  "size_z": 42,
  "snr": 2.974505960154312,
  "spacing_tr": 2.0999999046325684,
  "spacing_x": 3.0,
  "spacing_y": 3.0,
  "spacing_z": 3.299999952316284,
  "summary_bg_k": 42.38654590829249,
  "summary_bg_mad": 24.314678645763323,
  "summary_bg_mean": 64.2369384765625,
  "summary_bg_median": 40.82222366333008,
  "summary_bg_n": 92095.0,
  "summary_bg_p05": 20.916667938232422,
  "summary_bg_p95": 187.17944641113283,
  "summary_bg_stdv": 75.52243041992188,
  "summary_fg_k": 1.7889780198850005,
  "summary_fg_mad": 156.24572335662432,
  "summary_fg_mean": 549.315185546875,
  "summary_fg_median": 525.336181640625,
  "summary_fg_n": 40960.0,
  "summary_fg_p05": 305.8455612182617,
  "summary_fg_p95": 874.5592132568356,
  "summary_fg_stdv": 176.6107635498047,
  "tsnr": 27.310910608211998
}