{
  "bids_meta": {
    "AccelFactPE": 2,
    "AcquisitionNumber": 1,
    "AcquisitionTime": "12:17:51.277500",
    "BodyPartExamined": "HEAD",
    "ConversionSoftware": "dcm2niix",
    "ConversionSoftwareVersion": "v1.0.20170724 GCC4.8.5",
    "DeviceSerialNumber": "35353",
    "EchoTime": 0.00418,
    "FlipAngle": 9,
    "ImageType": [
      "ORIGINAL",
      "PRIMARY",
      "M",
      "ND",
      "NORM"
    ],
    "InstitutionAddress": "De_Pintelaan_185_Gent_88C96F_District_BE_9000",
    "InstitutionName": "UZ",
    "InversionTime": 0.9,
    "MagneticFieldStrength": 3,
    "Manufacturer": "Siemens",
    "ManufacturersModelName": "TrioTim",
    "Modality": "MR",
    "PhaseEncodingDirection": "i-",
    "PhaseEncodingLines": 256,
    "ProcedureStepDescription": "MR_hersenen_(stereotaxie_neuronavigatie)",
    "ProtocolName": "T1_mprage",
    "RepetitionTime": 1.7,
    "ScanningSequence": "GR_IR",
    "SequenceName": "_tfl3d1_ns",
    "SequenceVariant": "SP_MP",
    "SeriesDescription": "T1_mprage",
    "SoftwareVersions": "syngo_MR_B17",
    "dataset": "<unset>",
    "modality": "T1w",
    "session_id": "preop",
    "subject_id": "PAT05"
  },
  "cjv": 0.3772930376842213,
  "cnr": 3.442409119202,
  "efc": 0.6205825407179024,
  "fber": 6108.756841165973,
  "fwhm_avg": 3.655838866207681,
  "fwhm_x": 3.747296598623042,
  "fwhm_y": 3.83367,
  "fwhm_z": 3.38655,
  "icvs_csf": 0.19466600967092787,
  "icvs_gm": 0.4046005262140682,
  "icvs_wm": 0.4007334641150039,
  "inu_med": 1.2042274475097656,
  "inu_range": 0.3308095216751097,
  "provenance": {
    "md5sum": "eea6f777bc25a73306808634998c9678",
    "settings": {
      "testing": false
    },
    "software": "mriqc",
    "version": "21.0.0rc2",
    "warnings": {
      "large_rot_frame": true,
      "small_air_mask": false
    },
    "webapi_port": null,
    "webapi_url": "https://mriqc.nimh.nih.gov/api/v1"
  },
  "qi_1": 0.0,
  "qi_2": 0.009907006149942003,
  "rpve_csf": 28.25069215646397,
  "rpve_gm": 14.212837809999643,
  "rpve_wm": 17.14101475322418,
  "size_x": 160,
  "size_y": 256,
  "size_z": 256,
  "snr_csf": 3.7478005098788674,
  "snr_gm": 14.043079357360709,
  "snr_total": 13.941315040870096,
  "snr_wm": 24.033065255370712,
  "snrd_csf": 36.7948239609772,
  "snrd_gm": 76.83910293784034,
  "snrd_total": 71.5095656066443,
  "snrd_wm": 100.89476992111541,
  "spacing_x": 1.0000035762786865,
  "spacing_y": 1.0,
  "spacing_z": 1.0,
  "summary_bg_k": 6190.710979238123,
  "summary_bg_mad": 6.493263900083095,
  "summary_bg_mean": 7.552288307753951,
  "summary_bg_median": 4.379639945924282,
  "summary_bg_n": 2575165.0,
  "summary_bg_p05": 0.0,
  "summary_bg_p95": 21.791379243135452,
  "summary_bg_stdv": 11.173381233952341,
  "summary_csf_k": 0.5842097879990025,
  "summary_csf_mad": 85.67940902304767,
  "summary_csf_mean": 390.7279695101436,
  "summary_csf_median": 364.68514086306095,
  "summary_csf_n": 21514.0,
  "summary_csf_p05": 271.91154835000634,
  "summary_csf_p95": 575.4072440417483,
  "summary_csf_stdv": 97.30418261923967,
  "summary_gm_k": 0.32439620930878155,
  "summary_gm_mad": 52.183669636033656,
  "summary_gm_mean": 761.2863815183867,
  "summary_gm_median": 761.5766584016383,
  "summary_gm_n": 15189.0,
  "summary_gm_p05": 672.0610907264054,
  "summary_gm_p95": 849.9492468714714,
  "summary_gm_stdv": 54.22967204007791,
  "summary_wm_k": 1.0717706901618849,
  "summary_wm_mad": 37.771791223654105,
  "summary_wm_mean": 999.3587017113042,
  "summary_wm_median": 999.9999842382967,
  "summary_wm_n": 215062.0,
  "summary_wm_p05": 929.8189246170223,
  "summary_wm_p95": 1065.2673014812171,
  "summary_wm_stdv": 41.6092432945566,
  "tpm_overlap_csf": 0.18179921805858612,
  "tpm_overlap_gm": 0.43823492527008057,
  "tpm_overlap_wm": 0.5150055885314941,
  "wm2max": 0.5029143946923098
}