{
  "bids_meta": {
    "AccelFactPE": 2,
    "AcquisitionNumber": 1,
    "AcquisitionTime": "11:40:9.197500",
    "BodyPartExamined": "HEAD",
    "ConversionSoftware": "dcm2niix",
    "ConversionSoftwareVersion": "v1.0.20170724 GCC4.8.5",
    "DeviceSerialNumber": "35353",
    "EchoTime": 0.00418,
    "FlipAngle": 9,
    "ImageType": [
      "ORIGINAL",
      "PRIMARY",
      "M",
      "ND",
      "NORM"
    ],
    "InstitutionAddress": "De_Pintelaan_185_Gent_9C4B6E_District_BE_9000",
    "InstitutionName": "UZ_Gent",
    "InversionTime": 0.9,
    "MagneticFieldStrength": 3,
    "Manufacturer": "Siemens",
    "ManufacturersModelName": "TrioTim",
    "Modality": "MR",
    "PhaseEncodingDirection": "i-",
    "PhaseEncodingLines": 256,
    "ProcedureStepDescription": "Brain_Research_3T_MRP",
    "ProtocolName": "T1_mprage",
    "RepetitionTime": 1.75,
    "ScanningSequence": "GR_IR",
    "SequenceName": "_tfl3d1_ns",
    "SequenceVariant": "SP_MP",
    "SeriesDescription": "T1_mprage",
    "SoftwareVersions": "syngo_MR_B17",
    "dataset": "<unset>",
    "modality": "T1w",
    "session_id": "preop",
    "subject_id": "PAT31"
  },
  "cjv": 0.41121971564516696,
  "cnr": 3.150089744519425,
  "efc": 0.5576066922160327,
  "fber": 12933.715830228652,
  "fwhm_avg": 3.5966031964822993,
  "fwhm_x": 3.6564595894468983,
  "fwhm_y": 3.74685,
  "fwhm_z": 3.3865,
  "icvs_csf": 0.16940793464404907,
  "icvs_gm": 0.4296995691171752,
  "icvs_wm": 0.4008924962387757,
  "inu_med": 1.294908881187439,
  "inu_range": 0.4203729987144469,
  "provenance": {
    "md5sum": "313053daaafacf722c406eed7100ffa7",
    "settings": {
      "testing": false
    },
    "software": "mriqc",
    "version": "21.0.0rc2",
    "warnings": {
      "large_rot_frame": true,
      "small_air_mask": false
    },
    "webapi_port": null,
    "webapi_url": "https://mriqc.nimh.nih.gov/api/v1"
  },
  "qi_1": 0.0,
  "qi_2": 0.006329549475048139,
  "rpve_csf": 30.94621861217944,
  "rpve_gm": 13.47800780578295,
  "rpve_wm": 16.878010502611062,
  "size_x": 160,
  "size_y": 256,
  "size_z": 256,
  "snr_csf": 3.5469187082228633,
  "snr_gm": 13.209984683194953,
  "snr_total": 14.123105895192884,
  "snr_wm": 25.612414294160835,
  "snrd_csf": 54.224258757938244,
  "snrd_gm": 108.29872674582694,
  "snrd_total": 100.65190793479724,
  "snrd_wm": 139.43273830062657,
  "spacing_x": 0.9999973773956299,
  "spacing_y": 1.0,
  "spacing_z": 1.0,
  "summary_bg_k": 825.6253572164491,
  "summary_bg_mad": 4.698583516466272,
  "summary_bg_mean": 5.486280376250095,
  "summary_bg_median": 3.1691464222967625,
  "summary_bg_n": 2598665.0,
  "summary_bg_p05": 0.0,
  "summary_bg_p95": 15.738303419202566,
  "summary_bg_stdv": 6.57215405283152,
  "summary_csf_k": 0.7668656204708526,
  "summary_csf_mad": 111.4121752463782,
  "summary_csf_mean": 415.53335547140773,
  "summary_csf_median": 388.8918660581112,
  "summary_csf_n": 16187.0,
  "summary_csf_p05": 281.64043111912906,
  "summary_csf_p95": 604.48513716273,
  "summary_csf_stdv": 109.63878379733417,
  "summary_gm_k": 0.28922373767553866,
  "summary_gm_mad": 56.94046125887091,
  "summary_gm_mean": 778.7143273538237,
  "summary_gm_median": 776.7094451934099,
  "summary_gm_n": 20573.0,
  "summary_gm_p05": 686.6949439309537,
  "summary_gm_p95": 880.16327586025,
  "summary_gm_stdv": 58.79572056124301,
  "summary_wm_k": 0.9753703914551299,
  "summary_wm_mad": 34.88100983410554,
  "summary_wm_mean": 998.3715975268196,
  "summary_wm_median": 999.9999820999801,
  "summary_wm_n": 199429.0,
  "summary_wm_p05": 931.0307616554201,
  "summary_wm_p95": 1058.8171911239624,
  "summary_wm_stdv": 39.043467884514406,
  "tpm_overlap_csf": 0.16944199800491333,
  "tpm_overlap_gm": 0.4420630633831024,
  "tpm_overlap_wm": 0.4996544122695923,
  "wm2max": 0.5520564599828011
}