{
  "bids_meta": {
    "AccelFactPE": 2,
    "AcquisitionNumber": 1,
    "AcquisitionTime": "16:24:59.792500",
    "BodyPartExamined": "HEAD",
    "ConversionSoftware": "dcm2niix",
    "ConversionSoftwareVersion": "v1.0.20170724 GCC4.8.5",
    "DeviceSerialNumber": "35353",
    "EchoTime": 0.00418,
    "FlipAngle": 9,
    "ImageType": [
      "ORIGINAL",
      "PRIMARY",
      "M",
      "ND",
      "NORM"
    ],
    "InstitutionAddress": "De_Pintelaan_185_Gent_88C96F_District_BE_9000",
    "InstitutionName": "UZ",
    "InversionTime": 0.9,
    "MagneticFieldStrength": 3,
    "Manufacturer": "Siemens",
    "ManufacturersModelName": "TrioTim",
    "Modality": "MR",
    "PhaseEncodingDirection": "i-",
    "PhaseEncodingLines": 256,
    "ProcedureStepDescription": "MR_hersenen_(stereotaxie_neuronavigatie)",
    "ProtocolName": "T1_mprage",
    "RepetitionTime": 1.75,
    "ScanningSequence": "GR_IR",
    "SequenceName": "_tfl3d1_ns",
    "SequenceVariant": "SP_MP",
    "SeriesDescription": "T1_mprage",
    "SoftwareVersions": "syngo_MR_B17",
    "dataset": "<unset>",
    "modality": "T1w",
    "session_id": "preop",
    "subject_id": "PAT11"
  },
  "cjv": 0.52563229338408,
  "cnr": 2.4798610903943885,
  "efc": 0.5964027639997825,
  "fber": 4125.722599885969,
  "fwhm_avg": 3.4750718868892747,
  "fwhm_x": 3.6400956606678236,
  "fwhm_y": 3.57009,
  "fwhm_z": 3.21503,
  "icvs_csf": 0.2594179319024197,
  "icvs_gm": 0.38466042036742876,
  "icvs_wm": 0.35592164773015156,
  "inu_med": 1.3122358322143555,
  "inu_range": 0.36201424598693865,
  "provenance": {
    "md5sum": "be612660559dfbdace7546a699238a18",
    "settings": {
      "testing": false
    },
    "software": "mriqc",
    "version": "21.0.0rc2",
    "warnings": {
      "large_rot_frame": true,
      "small_air_mask": false
    },
    "webapi_port": null,
    "webapi_url": "https://mriqc.nimh.nih.gov/api/v1"
  },
  "qi_1": 8.942319246386046e-05,
  "qi_2": 0.009716181671531692,
  "rpve_csf": 24.811494717807175,
  "rpve_gm": 15.377281161399498,
  "rpve_wm": 19.10598485668524,
  "size_x": 160,
  "size_y": 256,
  "size_z": 256,
  "snr_csf": 4.274811928358482,
  "snr_gm": 13.553438988600803,
  "snr_total": 11.573804807024649,
  "snr_wm": 16.893163504114664,
  "snrd_csf": 52.23938126401163,
  "snrd_gm": 102.14562149373141,
  "snrd_total": 94.54229193627276,
  "snrd_wm": 129.24187305107526,
  "spacing_x": 1.0000011920928955,
  "spacing_y": 1.0,
  "spacing_z": 1.0,
  "summary_bg_k": 682.6326402716337,
  "summary_bg_mad": 5.069072083398816,
  "summary_bg_mean": 11.541691102976142,
  "summary_bg_median": 6.838074326515198,
  "summary_bg_n": 2650938.0,
  "summary_bg_p05": 0.0,
  "summary_bg_p95": 37.95131251215935,
  "summary_bg_stdv": 15.599611673233387,
  "summary_csf_k": 0.10953208344972643,
  "summary_csf_mad": 94.08197786788203,
  "summary_csf_mean": 420.044259468717,
  "summary_csf_median": 404.19857344031334,
  "summary_csf_n": 58188.0,
  "summary_csf_p05": 290.16342693418267,
  "summary_csf_p95": 589.852291405201,
  "summary_csf_stdv": 94.55272114582574,
  "summary_gm_k": 0.24038310540268615,
  "summary_gm_mad": 56.06393724239091,
  "summary_gm_mean": 791.4448531502045,
  "summary_gm_median": 790.3446306586266,
  "summary_gm_n": 10719.0,
  "summary_gm_p05": 696.9980780273676,
  "summary_gm_p95": 889.4351657241583,
  "summary_gm_stdv": 58.31049698421783,
  "summary_wm_k": 0.8348084841663961,
  "summary_wm_mad": 54.13768985069935,
  "summary_wm_mean": 1003.5747759503392,
  "summary_wm_median": 999.9999895095825,
  "summary_wm_n": 146753.0,
  "summary_wm_p05": 912.7461611032486,
  "summary_wm_p95": 1107.453489476442,
  "summary_wm_stdv": 59.195341486801475,
  "tpm_overlap_csf": 0.16600871086120605,
  "tpm_overlap_gm": 0.4090670645236969,
  "tpm_overlap_wm": 0.4802878797054291,
  "wm2max": 0.5420311341734618
}