{
	"Modality": "MR",
	"Manufacturer": "Siemens",
	"ManufacturersModelName": "TrioTim",
	"AcquisitionNumber": 1,
	"InstitutionName": "UZ",
	"InstitutionAddress": "De_Pintelaan_185_Gent_ACCD6F_District_BE_9000",
	"DeviceSerialNumber": "35353",
	"SoftwareVersions": "syngo_MR_B17",
	"ProcedureStepDescription": "MR_hersenen_(structuur_alleen)",
	"ScanningSequence": "EP",
	"SequenceVariant": "SK_OSP",
	"SeriesDescription": "fMRI_Resting_State",
	"BodyPartExamined": "HEAD",
	"ProtocolName": "fMRI_Resting_State",
	"SequenceName": "_epfid2d1_64",
	"ImageType": ["ORIGINAL", "PRIMARY", "M", "ND", "MOSAIC"],
	"AcquisitionTime": "12:53:58.857500",
	"MagneticFieldStrength": 3,
	"FlipAngle": 90,
	"EchoTime": 0.027,
	"RepetitionTime": 2.4,
	"PhaseEncodingLines": 64,
	"BandwidthPerPixelPhaseEncode": 52.083,
	"EffectiveEchoSpacing": 0.000300002,
	"TotalReadoutTime": 0.0231001,
	"AccelFactPE": 2,
	"TrueEchoSpacing": 0.000600004,
	"SliceTiming": [
		2.3375,
		2.2875,
		2.235,
		2.1825,
		2.13,
		2.0775,
		2.0275,
		1.975,
		1.9225,
		1.87,
		1.82,
		1.7675,
		1.715,
		1.6625,
		1.61,
		1.56,
		1.5075,
		1.455,
		1.4025,
		1.3525,
		1.3,
		1.2475,
		1.195,
		1.145,
		1.0925,
		1.04,
		0.9875,
		0.935,
		0.885,
		0.8325,
		0.78,
		0.7275,
		0.6775,
		0.625,
		0.5725,
		0.52,
		0.4675,
		0.4175,
		0.365,
		0.3125,
		0.26,
		0.21,
		0.1575,
		0.105,
		0.0525,
		0	],
	"PhaseEncodingDirection": "j-",
	"ConversionSoftware": "dcm2niix",
	"ConversionSoftwareVersion": "v1.0.20170724 GCC4.8.5",
	"TaskName": "rest"
}
