{
  "bids_meta": {
    "AccelFactPE": 2,
    "AcquisitionNumber": 1,
    "AcquisitionTime": "12:16:38.215000",
    "BodyPartExamined": "HEAD",
    "ConversionSoftware": "dcm2niix",
    "ConversionSoftwareVersion": "v1.0.20170724 GCC4.8.5",
    "DeviceSerialNumber": "35353",
    "EchoTime": 0.00418,
    "FlipAngle": 9,
    "ImageType": [
      "ORIGINAL",
      "PRIMARY",
      "M",
      "ND",
      "NORM"
    ],
    "InstitutionAddress": "De_Pintelaan_185_Gent_88C96F_District_BE_9000",
    "InstitutionName": "UZ",
    "InversionTime": 0.9,
    "MagneticFieldStrength": 3,
    "Manufacturer": "Siemens",
    "ManufacturersModelName": "TrioTim",
    "Modality": "MR",
    "PhaseEncodingDirection": "i-",
    "PhaseEncodingLines": 256,
    "ProcedureStepDescription": "MR_hersenen_(structuur_alleen)",
    "ProtocolName": "T1_mprage",
    "RepetitionTime": 1.75,
    "ScanningSequence": "GR_IR",
    "SequenceName": "_tfl3d1_ns",
    "SequenceVariant": "SP_MP",
    "SeriesDescription": "T1_mprage",
    "SoftwareVersions": "syngo_MR_B17",
    "dataset": "<unset>",
    "modality": "T1w",
    "session_id": "preop",
    "subject_id": "CON06"
  },
  "cjv": 0.5682327275910146,
  "cnr": 2.327512018362733,
  "efc": 0.641805770397527,
  "fber": 1772.1468847656251,
  "fwhm_avg": 3.6924634461560886,
  "fwhm_x": 3.854460338468267,
  "fwhm_y": 3.80503,
  "fwhm_z": 3.4179,
  "icvs_csf": 0.28032340095645936,
  "icvs_gm": 0.35645389242047315,
  "icvs_wm": 0.3632227066230675,
  "inu_med": 1.3625402450561523,
  "inu_range": 0.4787404537200928,
  "provenance": {
    "md5sum": "dc32c3f091223ef830b6b477723d42cd",
    "settings": {
      "testing": false
    },
    "software": "mriqc",
    "version": "21.0.0rc2",
    "warnings": {
      "large_rot_frame": true,
      "small_air_mask": false
    },
    "webapi_port": null,
    "webapi_url": "https://mriqc.nimh.nih.gov/api/v1"
  },
  "qi_1": 0.00048336387808358767,
  "qi_2": 0.016178912833974903,
  "rpve_csf": 18.091132328610954,
  "rpve_gm": 12.568271611249461,
  "rpve_wm": 14.782142212327608,
  "size_x": 160,
  "size_y": 256,
  "size_z": 256,
  "snr_csf": 4.692384624398029,
  "snr_gm": 12.511052253593316,
  "snr_total": 12.459011292259396,
  "snr_wm": 20.173596998786845,
  "snrd_csf": 36.08531838816652,
  "snrd_gm": 82.3259546909727,
  "snrd_total": 73.3924692593788,
  "snrd_wm": 101.7661346989972,
  "spacing_x": 0.9999973177909851,
  "spacing_y": 1.0,
  "spacing_z": 1.0,
  "summary_bg_k": 8.30436785934107,
  "summary_bg_mad": 6.437666071662444,
  "summary_bg_mean": 10.295391719739724,
  "summary_bg_median": 8.63196462392807,
  "summary_bg_n": 2187264.0,
  "summary_bg_p05": 0.0,
  "summary_bg_p95": 30.185718715190887,
  "summary_bg_stdv": 9.922158756904002,
  "summary_csf_k": 3.0575156359429556,
  "summary_csf_mad": 54.75894273004441,
  "summary_csf_mean": 369.3884514574261,
  "summary_csf_median": 354.5906437635422,
  "summary_csf_n": 89749.0,
  "summary_csf_p05": 278.26315051317215,
  "summary_csf_p95": 521.2974223732944,
  "summary_csf_stdv": 75.56683790518909,
  "summary_gm_k": 0.3463012401994181,
  "summary_gm_mad": 61.54563888992951,
  "summary_gm_mean": 810.1492957955091,
  "summary_gm_median": 808.9720300734043,
  "summary_gm_n": 9028.0,
  "summary_gm_p05": 704.4206282496452,
  "summary_gm_p95": 918.119299122691,
  "summary_gm_stdv": 64.6570095731503,
  "summary_wm_k": 0.43671452870359717,
  "summary_wm_mad": 47.00271854731857,
  "summary_wm_mean": 1001.048525362423,
  "summary_wm_median": 1000.0000229477882,
  "summary_wm_n": 201338.0,
  "summary_wm_p05": 921.5276172757149,
  "summary_wm_p95": 1084.3840165138245,
  "summary_wm_stdv": 49.569620113787174,
  "tpm_overlap_csf": 0.15627114474773407,
  "tpm_overlap_gm": 0.38058820366859436,
  "tpm_overlap_wm": 0.4611158072948456,
  "wm2max": 0.4794317087654628
}