{
  "aor": 0.002317777777777778,
  "aqi": 0.020742452777777778,
  "bids_meta": {
    "AccelFactPE": 2,
    "AcquisitionNumber": 1,
    "AcquisitionTime": "14:35:24.940000",
    "BandwidthPerPixelPhaseEncode": 65.104,
    "BodyPartExamined": "HEAD",
    "ConversionSoftware": "dcm2niix",
    "ConversionSoftwareVersion": "v1.0.20170724 GCC4.8.5",
    "DeviceSerialNumber": "35353",
    "EchoTime": 0.027,
    "EffectiveEchoSpacing": 0.000240001,
    "FlipAngle": 90,
    "ImageType": [
      "ORIGINAL",
      "PRIMARY",
      "M",
      "ND",
      "MOSAIC"
    ],
    "InstitutionAddress": "De_Pintelaan_185_Gent_88C96F_District_BE_9000",
    "InstitutionName": "UZ",
    "MagneticFieldStrength": 3,
    "Manufacturer": "Siemens",
    "ManufacturersModelName": "TrioTim",
    "Modality": "MR",
    "PhaseEncodingDirection": "j-",
    "PhaseEncodingLines": 64,
    "ProcedureStepDescription": "MR_hersenen_(structuur_alleen)",
    "ProtocolName": "RESTING_STATE",
    "RepetitionTime": 2.1,
    "ScanningSequence": "EP",
    "SequenceName": "_epfid2d1_64",
    "SequenceVariant": "SK",
    "SeriesDescription": "RESTING_STATE",
    "SliceTiming": [
      2.04,
      1.99,
      1.94,
      1.89,
      1.84,
      1.79,
      1.74,
      1.69,
      1.6425,
      1.5925,
      1.5425,
      1.4925,
      1.4425,
      1.3925,
      1.3425,
      1.2925,
      1.2425,
      1.195,
      1.145,
      1.095,
      1.045,
      0.995,
      0.945,
      0.895,
      0.845,
      0.795,
      0.7475,
      0.6975,
      0.6475,
      0.5975,
      0.5475,
      0.4975,
      0.4475,
      0.3975,
      0.35,
      0.3,
      0.25,
      0.2,
      0.15,
      0.1,
      0.05,
      0
    ],
    "SoftwareVersions": "syngo_MR_B17",
    "TaskName": "rest",
    "TotalReadoutTime": 0.01464,
    "TrueEchoSpacing": 0.000480001,
    "dataset": "<unset>",
    "modality": "bold",
    "session_id": "preop",
    "subject_id": "CON03",
    "task_id": "rest"
  },
  "dummy_trs": 0,
  "dvars_nstd": 90.6592591140782,
  "dvars_std": 1.1078732857541898,
  "dvars_vstd": 0.9708604410614532,
  "efc": 0.5592796232802857,
  "fber": 280.778564453125,
  "fd_mean": 1.1205061229179765,
  "fd_num": 172,
  "fd_perc": 95.55555555555556,
  "fwhm_avg": 2.7566068820097023,
  "fwhm_x": 2.6597500000000003,
  "fwhm_y": 2.8440100000000004,
  "fwhm_z": 2.766060646029106,
  "gcor": 0.0412258,
  "gsr_x": -0.006157541181892157,
  "gsr_y": 0.09741412848234177,
  "provenance": {
    "md5sum": "e076fec7438bb3140bb53b4507b97955",
    "settings": {
      "fd_thres": 0.2,
      "testing": false
    },
    "software": "mriqc",
    "version": "21.0.0rc2",
    "webapi_port": null,
    "webapi_url": "https://mriqc.nimh.nih.gov/api/v1"
  },
  "size_t": 180,
  "size_x": 64,
  "size_y": 64,
  "size_z": 42,
  "snr": 2.788276395834873,
  "spacing_tr": 2.0999999046325684,
  "spacing_x": 3.0,
  "spacing_y": 3.0,
  "spacing_z": 3.299999952316284,
  "summary_bg_k": 48.39686069848395,
  "summary_bg_mad": 18.78786748222022,
  "summary_bg_mean": 56.62584686279297,
  "summary_bg_median": 34.46111297607422,
  "summary_bg_n": 103045.0,
  "summary_bg_p05": 19.328889083862308,
  "summary_bg_p95": 162.64556274414036,
  "summary_bg_stdv": 68.11956787109375,
  "summary_fg_k": 2.456784195883797,
  "summary_fg_mad": 177.52926366392023,
  "summary_fg_mean": 609.7135620117188,
  "summary_fg_median": 573.4944458007812,
  "summary_fg_n": 32914.0,
  "summary_fg_p05": 346.2522415161133,
  "summary_fg_p95": 1005.74111328125,
  "summary_fg_stdv": 205.67750549316406,
  "tsnr": 20.371649960055947
}