{
  "bids_meta": {
    "AccelFactPE": 2,
    "AcquisitionNumber": 1,
    "AcquisitionTime": "14:48:24.182500",
    "BodyPartExamined": "HEAD",
    "ConversionSoftware": "dcm2niix",
    "ConversionSoftwareVersion": "v1.0.20170724 GCC4.8.5",
    "DeviceSerialNumber": "35353",
    "EchoTime": 0.00418,
    "FlipAngle": 9,
    "ImageType": [
      "ORIGINAL",
      "PRIMARY",
      "M",
      "ND",
      "NORM"
    ],
    "InstitutionAddress": "De_Pintelaan_185_Gent_ACCD6F_District_BE_9000",
    "InstitutionName": "UZ",
    "InversionTime": 0.9,
    "MagneticFieldStrength": 3,
    "Manufacturer": "Siemens",
    "ManufacturersModelName": "TrioTim",
    "Modality": "MR",
    "PhaseEncodingDirection": "i-",
    "PhaseEncodingLines": 256,
    "ProcedureStepDescription": "Brain_Research_3T_MRP",
    "ProtocolName": "T1_mprage",
    "RepetitionTime": 1.75,
    "ScanningSequence": "GR_IR",
    "SequenceName": "_tfl3d1_ns",
    "SequenceVariant": "SP_MP",
    "SeriesDescription": "T1_mprage",
    "SoftwareVersions": "syngo_MR_B17",
    "dataset": "<unset>",
    "modality": "T1w",
    "session_id": "preop",
    "subject_id": "CON08"
  },
  "cjv": 0.6114174412964953,
  "cnr": 2.230692501383149,
  "efc": 0.6654823549483512,
  "fber": 3175.474799123448,
  "fwhm_avg": 3.4486227987712117,
  "fwhm_x": 3.611968396313635,
  "fwhm_y": 3.54095,
  "fwhm_z": 3.19295,
  "icvs_csf": 0.2755551378019629,
  "icvs_gm": 0.36063938516964883,
  "icvs_wm": 0.36380547702838834,
  "inu_med": 1.353706955909729,
  "inu_range": 0.3919297695159911,
  "provenance": {
    "md5sum": "62fa0dd3bb01c7808d120509169b0b1f",
    "settings": {
      "testing": false
    },
    "software": "mriqc",
    "version": "21.0.0rc2",
    "warnings": {
      "large_rot_frame": true,
      "small_air_mask": false
    },
    "webapi_port": null,
    "webapi_url": "https://mriqc.nimh.nih.gov/api/v1"
  },
  "qi_1": 0.0,
  "qi_2": 0.01419766385527743,
  "rpve_csf": 19.62114813872636,
  "rpve_gm": 13.457112194156245,
  "rpve_wm": 15.945552173099975,
  "size_x": 160,
  "size_y": 256,
  "size_z": 256,
  "snr_csf": 4.033174223514807,
  "snr_gm": 12.563348719526969,
  "snr_total": 11.875097049441903,
  "snr_wm": 19.02876820528393,
  "snrd_csf": 40.08943352417602,
  "snrd_gm": 86.5277574455673,
  "snrd_total": 77.68671593776514,
  "snrd_wm": 106.44295684355212,
  "spacing_x": 0.9999976754188538,
  "spacing_y": 1.0,
  "spacing_z": 1.0,
  "summary_bg_k": 7.69350979780876,
  "summary_bg_mad": 6.15510576044609,
  "summary_bg_mean": 10.552706188660169,
  "summary_bg_median": 8.255392462015152,
  "summary_bg_n": 2025210.0,
  "summary_bg_p05": 0.0,
  "summary_bg_p95": 28.774576038122177,
  "summary_bg_stdv": 9.335235155279971,
  "summary_csf_k": 1.3516480360615928,
  "summary_csf_mad": 75.7714743613536,
  "summary_csf_mean": 396.3323130702361,
  "summary_csf_median": 376.64631620049477,
  "summary_csf_n": 65111.0,
  "summary_csf_p05": 279.4187893718481,
  "summary_csf_p95": 583.0788467824459,
  "summary_csf_stdv": 93.3863510416433,
  "summary_gm_k": 0.20406768092739425,
  "summary_gm_mad": 63.74425620875778,
  "summary_gm_mean": 814.8896578772438,
  "summary_gm_median": 812.9414218664169,
  "summary_gm_n": 6830.0,
  "summary_gm_p05": 711.6076723709702,
  "summary_gm_p95": 923.9716785773633,
  "summary_gm_stdv": 64.70264618821533,
  "summary_wm_k": 0.3024687588412158,
  "summary_wm_mad": 50.65581292505058,
  "summary_wm_mean": 1001.2727561958451,
  "summary_wm_median": 1000.0477446615696,
  "summary_wm_n": 181842.0,
  "summary_wm_p05": 916.8257535994053,
  "summary_wm_p95": 1089.854962080717,
  "summary_wm_stdv": 52.55437367769384,
  "tpm_overlap_csf": 0.16323734819889069,
  "tpm_overlap_gm": 0.3989048898220062,
  "tpm_overlap_wm": 0.49045538902282715,
  "wm2max": 0.5031330276330637
}