{
  "aor": 0.0009214444444444444,
  "aqi": 0.006822443277777777,
  "bids_meta": {
    "AccelFactPE": 2,
    "AcquisitionNumber": 1,
    "AcquisitionTime": "17:28:59.730000",
    "BandwidthPerPixelPhaseEncode": 65.104,
    "BodyPartExamined": "HEAD",
    "ConversionSoftware": "dcm2niix",
    "ConversionSoftwareVersion": "v1.0.20170724 GCC4.8.5",
    "DeviceSerialNumber": "35353",
    "EchoTime": 0.027,
    "EffectiveEchoSpacing": 0.000240001,
    "FlipAngle": 90,
    "ImageType": [
      "ORIGINAL",
      "PRIMARY",
      "M",
      "ND",
      "MOSAIC"
    ],
    "InstitutionAddress": "De_Pintelaan_185_Gent_88C96F_District_BE_9000",
    "InstitutionName": "UZ",
    "MagneticFieldStrength": 3,
    "Manufacturer": "Siemens",
    "ManufacturersModelName": "TrioTim",
    "Modality": "MR",
    "PhaseEncodingDirection": "j-",
    "PhaseEncodingLines": 64,
    "ProcedureStepDescription": "MR_hersenen_(structuur_alleen)",
    "ProtocolName": "fMRI_Resting_State",
    "RepetitionTime": 2.4,
    "ScanningSequence": "EP",
    "SequenceName": "_epfid2d1_64",
    "SequenceVariant": "SK",
    "SeriesDescription": "fMRI_Resting_State",
    "SliceTiming": [
      2.3325,
      2.275,
      2.2175,
      2.1625,
      2.105,
      2.0475,
      1.99,
      1.935,
      1.8775,
      1.82,
      1.7625,
      1.7075,
      1.65,
      1.5925,
      1.535,
      1.48,
      1.4225,
      1.365,
      1.3075,
      1.2525,
      1.195,
      1.1375,
      1.08,
      1.025,
      0.9675,
      0.91,
      0.8525,
      0.795,
      0.74,
      0.6825,
      0.625,
      0.5675,
      0.5125,
      0.455,
      0.3975,
      0.34,
      0.285,
      0.2275,
      0.17,
      0.1125,
      0.0575,
      0
    ],
    "SoftwareVersions": "syngo_MR_B17",
    "TaskName": "rest",
    "TotalReadoutTime": 0.01464,
    "TrueEchoSpacing": 0.000480001,
    "dataset": "<unset>",
    "modality": "bold",
    "session_id": "preop",
    "subject_id": "CON07",
    "task_id": "rest"
  },
  "dummy_trs": 0,
  "dvars_nstd": 35.47818163648047,
  "dvars_std": 1.0363587716759775,
  "dvars_vstd": 0.97488952150838,
  "efc": 0.5785509157531226,
  "fber": 338.88848876953125,
  "fd_mean": 0.19723563642811084,
  "fd_num": 70,
  "fd_perc": 38.888888888888886,
  "fwhm_avg": 2.8730422222222223,
  "fwhm_x": 2.73603,
  "fwhm_y": 2.8523266666666665,
  "fwhm_z": 3.03077,
  "gcor": 0.0261535,
  "gsr_x": -0.008318062871694565,
  "gsr_y": 0.07634489983320236,
  "provenance": {
    "md5sum": "9546387b99003dfd1a5e813170cc95c9",
    "settings": {
      "fd_thres": 0.2,
      "testing": false
    },
    "software": "mriqc",
    "version": "21.0.0rc2",
    "webapi_port": null,
    "webapi_url": "https://mriqc.nimh.nih.gov/api/v1"
  },
  "size_t": 180,
  "size_x": 64,
  "size_y": 64,
  "size_z": 42,
  "snr": 2.7414711889768153,
  "spacing_tr": 2.4000000953674316,
  "spacing_x": 3.0,
  "spacing_y": 3.0,
  "spacing_z": 3.0,
  "summary_bg_k": 82.89707289333607,
  "summary_bg_mad": 14.764248035231391,
  "summary_bg_mean": 57.74345397949219,
  "summary_bg_median": 31.95833396911621,
  "summary_bg_n": 95272.0,
  "summary_bg_p05": 20.544445037841797,
  "summary_bg_p95": 153.7611083984375,
  "summary_bg_stdv": 87.89102935791016,
  "summary_fg_k": 2.397181902522381,
  "summary_fg_mad": 179.8561455881544,
  "summary_fg_mean": 628.4562377929688,
  "summary_fg_median": 589.74169921875,
  "summary_fg_n": 39900.0,
  "summary_fg_p05": 356.9775054931641,
  "summary_fg_p95": 1041.7131225585936,
  "summary_fg_stdv": 215.11599731445312,
  "tsnr": 38.79193191812374
}