{
  "bids_meta": {
    "AccelFactPE": 2,
    "AcquisitionNumber": 1,
    "AcquisitionTime": "13:47:23.210000",
    "BodyPartExamined": "HEAD",
    "ConversionSoftware": "dcm2niix",
    "ConversionSoftwareVersion": "v1.0.20170724 GCC4.8.5",
    "DeviceSerialNumber": "35353",
    "EchoTime": 0.00418,
    "FlipAngle": 9,
    "ImageType": [
      "ORIGINAL",
      "PRIMARY",
      "M",
      "ND",
      "NORM"
    ],
    "InstitutionAddress": "De_Pintelaan_185_Gent_9C4B6E_District_BE_9000",
    "InstitutionName": "UZ_Gent",
    "InversionTime": 0.9,
    "MagneticFieldStrength": 3,
    "Manufacturer": "Siemens",
    "ManufacturersModelName": "TrioTim",
    "Modality": "MR",
    "PhaseEncodingDirection": "i-",
    "PhaseEncodingLines": 256,
    "ProcedureStepDescription": "MR_hersenen_(stereotaxie_neuronavigatie)",
    "ProtocolName": "T1_mprage",
    "RepetitionTime": 1.75,
    "ScanningSequence": "GR_IR",
    "SequenceName": "_tfl3d1_ns",
    "SequenceVariant": "SP_MP",
    "SeriesDescription": "T1_mprage",
    "SoftwareVersions": "syngo_MR_B17",
    "dataset": "<unset>",
    "modality": "T1w",
    "session_id": "preop",
    "subject_id": "PAT26"
  },
  "cjv": 0.6322428943726672,
  "cnr": 2.130666932973326,
  "efc": 0.607165517006198,
  "fber": 3065.976155473484,
  "fwhm_avg": 3.6344687960667965,
  "fwhm_x": 3.7872463882003893,
  "fwhm_y": 3.73352,
  "fwhm_z": 3.38264,
  "icvs_csf": 0.2605834366543888,
  "icvs_gm": 0.38471668914088164,
  "icvs_wm": 0.35469987420472954,
  "inu_med": 1.4550901651382446,
  "inu_range": 0.524608850479126,
  "provenance": {
    "md5sum": "4096e06bea2c2eb8797e8830ea0fd7db",
    "settings": {
      "testing": false
    },
    "software": "mriqc",
    "version": "21.0.0rc2",
    "warnings": {
      "large_rot_frame": true,
      "small_air_mask": false
    },
    "webapi_port": null,
    "webapi_url": "https://mriqc.nimh.nih.gov/api/v1"
  },
  "qi_1": 0.0,
  "qi_2": 0.018785156656017984,
  "rpve_csf": 17.55634038101345,
  "rpve_gm": 10.862095206776031,
  "rpve_wm": 13.590112657180848,
  "size_x": 160,
  "size_y": 256,
  "size_z": 256,
  "snr_csf": 4.143105139029445,
  "snr_gm": 11.205259994225454,
  "snr_total": 11.165728377370135,
  "snr_wm": 18.148819998855505,
  "snrd_csf": 38.27020433007111,
  "snrd_gm": 82.35590156555716,
  "snrd_total": 74.27575945545554,
  "snrd_wm": 102.20117247073836,
  "spacing_x": 1.0000009536743164,
  "spacing_y": 1.0,
  "spacing_z": 1.0,
  "summary_bg_k": 122.67861783957565,
  "summary_bg_mad": 6.410262894785559,
  "summary_bg_mean": 11.20938872107912,
  "summary_bg_median": 8.647313237190247,
  "summary_bg_n": 2859680.0,
  "summary_bg_p05": 0.0,
  "summary_bg_p95": 30.03397186845541,
  "summary_bg_stdv": 9.906734400698817,
  "summary_csf_k": 1.826197489857834,
  "summary_csf_mad": 71.5431126650174,
  "summary_csf_mean": 392.68075336367855,
  "summary_csf_median": 374.45954643189907,
  "summary_csf_n": 94395.0,
  "summary_csf_p05": 279.5707252845168,
  "summary_csf_p95": 573.5793753489852,
  "summary_csf_stdv": 90.38089799552301,
  "summary_gm_k": 0.17749999382531678,
  "summary_gm_mad": 70.45565735250914,
  "summary_gm_mean": 811.0419790823586,
  "summary_gm_median": 805.8215022906661,
  "summary_gm_n": 21390.0,
  "summary_gm_p05": 703.2118657529354,
  "summary_gm_p95": 939.5884893361479,
  "summary_gm_stdv": 71.91289323750789,
  "summary_wm_k": 0.3275616992827244,
  "summary_wm_mad": 52.31232398066072,
  "summary_wm_mean": 1002.9177254779737,
  "summary_wm_median": 1000.0000093579292,
  "summary_wm_n": 209749.0,
  "summary_wm_p05": 917.0012439116836,
  "summary_wm_p95": 1099.1352789700031,
  "summary_wm_stdv": 55.09987016326878,
  "tpm_overlap_csf": 0.15960624814033508,
  "tpm_overlap_gm": 0.3941403031349182,
  "tpm_overlap_wm": 0.45464086532592773,
  "wm2max": 0.5014301036652115
}