{
  "bids_meta": {
    "AccelFactPE": 2,
    "AcquisitionNumber": 1,
    "AcquisitionTime": "16:09:1.245000",
    "BodyPartExamined": "HEAD",
    "ConversionSoftware": "dcm2niix",
    "ConversionSoftwareVersion": "v1.0.20170724 GCC4.8.5",
    "DeviceSerialNumber": "35353",
    "EchoTime": 0.00418,
    "FlipAngle": 9,
    "ImageType": [
      "ORIGINAL",
      "PRIMARY",
      "M",
      "ND",
      "NORM"
    ],
    "InstitutionAddress": "De_Pintelaan_185_Gent_ACCD6F_District_BE_9000",
    "InstitutionName": "UZ_Gent",
    "InversionTime": 0.9,
    "MagneticFieldStrength": 3,
    "Manufacturer": "Siemens",
    "ManufacturersModelName": "TrioTim",
    "Modality": "MR",
    "PhaseEncodingDirection": "i-",
    "PhaseEncodingLines": 256,
    "ProcedureStepDescription": "MR_hersenen_(stereotaxie_neuronavigatie)",
    "ProtocolName": "T1_mprage",
    "RepetitionTime": 1.75,
    "ScanningSequence": "GR_IR",
    "SequenceName": "_tfl3d1_ns",
    "SequenceVariant": "SP_MP",
    "SeriesDescription": "T1_mprage",
    "SoftwareVersions": "syngo_MR_B17",
    "dataset": "<unset>",
    "modality": "T1w",
    "session_id": "preop",
    "subject_id": "PAT28"
  },
  "cjv": 0.5860508256955864,
  "cnr": 2.2562894416695154,
  "efc": 0.594385441911082,
  "fber": 6269.363186682521,
  "fwhm_avg": 3.5205223787396256,
  "fwhm_x": 3.6280571362188754,
  "fwhm_y": 3.68332,
  "fwhm_z": 3.25019,
  "icvs_csf": 0.21739906932750858,
  "icvs_gm": 0.39446751352318293,
  "icvs_wm": 0.38813341714930855,
  "inu_med": 1.402433156967163,
  "inu_range": 0.5130565226078032,
  "provenance": {
    "md5sum": "2ba1aa890588b55f777b88da805d428e",
    "settings": {
      "testing": false
    },
    "software": "mriqc",
    "version": "21.0.0rc2",
    "warnings": {
      "large_rot_frame": true,
      "small_air_mask": false
    },
    "webapi_port": null,
    "webapi_url": "https://mriqc.nimh.nih.gov/api/v1"
  },
  "qi_1": 0.0,
  "qi_2": 0.01013197729939751,
  "rpve_csf": 23.49042590883344,
  "rpve_gm": 12.920713289091372,
  "rpve_wm": 15.89422263485965,
  "size_x": 160,
  "size_y": 256,
  "size_z": 256,
  "snr_csf": 3.2570423703549305,
  "snr_gm": 11.926758421475752,
  "snr_total": 12.231571713176145,
  "snr_wm": 21.51091434769775,
  "snrd_csf": 35.755680939036885,
  "snrd_gm": 77.95548563124727,
  "snrd_total": 69.8768047736974,
  "snrd_wm": 95.91924775080801,
  "spacing_x": 0.9999980330467224,
  "spacing_y": 1.0,
  "spacing_z": 1.0,
  "summary_bg_k": 2588.7546382049873,
  "summary_bg_mad": 6.83051984851631,
  "summary_bg_mean": 7.4609597852267076,
  "summary_bg_median": 4.607115626335144,
  "summary_bg_n": 2983685.0,
  "summary_bg_p05": 0.0,
  "summary_bg_p95": 22.971590414643288,
  "summary_bg_stdv": 9.247861604050014,
  "summary_csf_k": 0.7677694793503531,
  "summary_csf_mad": 91.35820297390565,
  "summary_csf_mean": 407.522294342591,
  "summary_csf_median": 372.7924394309521,
  "summary_csf_n": 26074.0,
  "summary_csf_p05": 275.0607998214662,
  "summary_csf_p95": 632.7745337337255,
  "summary_csf_stdv": 114.45515539388626,
  "summary_gm_k": 0.1742043232102235,
  "summary_gm_mad": 65.83862187319887,
  "summary_gm_mean": 814.7489695998805,
  "summary_gm_median": 812.7719817459583,
  "summary_gm_n": 10151.0,
  "summary_gm_p05": 707.2882302179933,
  "summary_gm_p95": 932.5889818891883,
  "summary_gm_stdv": 68.14357413428434,
  "summary_wm_k": 0.5079387767880967,
  "summary_wm_mad": 43.92403735920905,
  "summary_wm_mean": 1000.0579317033418,
  "summary_wm_median": 1000.0640294998884,
  "summary_wm_n": 218214.0,
  "summary_wm_p05": 923.4707322120667,
  "summary_wm_p95": 1075.9534619003534,
  "summary_wm_stdv": 46.490898613470065,
  "tpm_overlap_csf": 0.18074986338615417,
  "tpm_overlap_gm": 0.43336814641952515,
  "tpm_overlap_wm": 0.5122827887535095,
  "wm2max": 0.4987713419498963
}