{
  "aor": 0.0009598314606741573,
  "aqi": 0.006231696460674158,
  "bids_meta": {
    "AccelFactPE": 2,
    "AcquisitionNumber": 1,
    "AcquisitionTime": "15:02:6.217500",
    "BandwidthPerPixelPhaseEncode": 65.104,
    "BodyPartExamined": "HEAD",
    "ConversionSoftware": "dcm2niix",
    "ConversionSoftwareVersion": "v1.0.20170724 GCC4.8.5",
    "DeviceSerialNumber": "35353",
    "EchoTime": 0.027,
    "EffectiveEchoSpacing": 0.000240001,
    "FlipAngle": 90,
    "ImageType": [
      "ORIGINAL",
      "PRIMARY",
      "M",
      "ND",
      "MOSAIC"
    ],
    "InstitutionAddress": "De_Pintelaan_185_Gent_ACCD6F_District_BE_9000",
    "InstitutionName": "UZ_Gent",
    "MagneticFieldStrength": 3,
    "Manufacturer": "Siemens",
    "ManufacturersModelName": "TrioTim",
    "Modality": "MR",
    "PhaseEncodingDirection": "j-",
    "PhaseEncodingLines": 64,
    "ProcedureStepDescription": "MR_hersenen_(stereotaxie_neuronavigatie)",
    "ProtocolName": "fMRI_Resting_State",
    "RepetitionTime": 2.4,
    "ScanningSequence": "EP",
    "SequenceName": "_epfid2d1_64",
    "SequenceVariant": "SK",
    "SeriesDescription": "fMRI_Resting_State",
    "SliceTiming": [
      2.3325,
      2.275,
      2.2175,
      2.16,
      2.105,
      2.0475,
      1.99,
      1.9325,
      1.8775,
      1.82,
      1.7625,
      1.705,
      1.65,
      1.5925,
      1.535,
      1.4775,
      1.4225,
      1.365,
      1.3075,
      1.25,
      1.195,
      1.1375,
      1.08,
      1.0225,
      0.9675,
      0.91,
      0.8525,
      0.795,
      0.74,
      0.6825,
      0.625,
      0.5675,
      0.5125,
      0.455,
      0.3975,
      0.34,
      0.285,
      0.2275,
      0.17,
      0.1125,
      0.0575,
      0
    ],
    "SoftwareVersions": "syngo_MR_B17",
    "TaskName": "rest",
    "TotalReadoutTime": 0.01464,
    "TrueEchoSpacing": 0.000480001,
    "dataset": "<unset>",
    "modality": "bold",
    "session_id": "preop",
    "subject_id": "PAT24",
    "task_id": "rest"
  },
  "dummy_trs": 2,
  "dvars_nstd": 33.64662175819209,
  "dvars_std": 1.043388667062147,
  "dvars_vstd": 0.9877583300000002,
  "efc": 0.5924912710527478,
  "fber": 320.45819091796875,
  "fd_mean": 0.2926849159164838,
  "fd_num": 140,
  "fd_perc": 78.65168539325843,
  "fwhm_avg": 2.633884444444444,
  "fwhm_x": 2.4840133333333334,
  "fwhm_y": 2.6539066666666664,
  "fwhm_z": 2.763733333333333,
  "gcor": 0.0334082,
  "gsr_x": 0.0007121784146875143,
  "gsr_y": 0.06582319736480713,
  "provenance": {
    "md5sum": "567be1eee572ae45a4f0805415098615",
    "settings": {
      "fd_thres": 0.2,
      "testing": false
    },
    "software": "mriqc",
    "version": "21.0.0rc2",
    "webapi_port": null,
    "webapi_url": "https://mriqc.nimh.nih.gov/api/v1"
  },
  "size_t": 178,
  "size_x": 64,
  "size_y": 64,
  "size_z": 42,
  "snr": 2.7612648259326678,
  "spacing_tr": 2.4000000953674316,
  "spacing_x": 3.0,
  "spacing_y": 3.0,
  "spacing_z": 3.0,
  "summary_bg_k": 50.61250075273175,
  "summary_bg_mad": 16.16286342609719,
  "summary_bg_mean": 59.20278549194336,
  "summary_bg_median": 32.28089904785156,
  "summary_bg_n": 92136.0,
  "summary_bg_p05": 18.814607620239258,
  "summary_bg_p95": 188.56179809570312,
  "summary_bg_stdv": 84.28179168701172,
  "summary_fg_k": 1.7646239117041436,
  "summary_fg_mad": 186.47057485827568,
  "summary_fg_mean": 611.5249633789062,
  "summary_fg_median": 576.4635009765625,
  "summary_fg_n": 41946.0,
  "summary_fg_p05": 340.2626419067383,
  "summary_fg_p95": 1000.2472229003906,
  "summary_fg_stdv": 208.7654266357422,
  "tsnr": 39.80255570309237
}