{
  "aor": 0.0008396666666666666,
  "aqi": 0.011373046777777777,
  "bids_meta": {
    "AccelFactPE": 2,
    "AcquisitionNumber": 1,
    "AcquisitionTime": "13:30:35.567500",
    "BandwidthPerPixelPhaseEncode": 65.104,
    "BodyPartExamined": "HEAD",
    "ConversionSoftware": "dcm2niix",
    "ConversionSoftwareVersion": "v1.0.20170724 GCC4.8.5",
    "DeviceSerialNumber": "35353",
    "EchoTime": 0.027,
    "EffectiveEchoSpacing": 0.000240001,
    "FlipAngle": 90,
    "ImageType": [
      "ORIGINAL",
      "PRIMARY",
      "M",
      "ND",
      "MOSAIC"
    ],
    "InstitutionAddress": "De_Pintelaan_185_Gent_ACCD6F_District_BE_9000",
    "InstitutionName": "UZ_Gent",
    "MagneticFieldStrength": 3,
    "Manufacturer": "Siemens",
    "ManufacturersModelName": "TrioTim",
    "Modality": "MR",
    "PhaseEncodingDirection": "j-",
    "PhaseEncodingLines": 64,
    "ProcedureStepDescription": "Brain_Research_3T_MRP",
    "ProtocolName": "fMRI_Resting_State",
    "RepetitionTime": 2.4,
    "ScanningSequence": "EP",
    "SequenceName": "_epfid2d1_64",
    "SequenceVariant": "SK",
    "SeriesDescription": "fMRI_Resting_State",
    "SliceTiming": [
      2.3325,
      2.2775,
      2.22,
      2.1625,
      2.105,
      2.0475,
      1.9925,
      1.935,
      1.8775,
      1.82,
      1.765,
      1.7075,
      1.65,
      1.5925,
      1.5375,
      1.48,
      1.4225,
      1.365,
      1.31,
      1.2525,
      1.195,
      1.1375,
      1.0825,
      1.025,
      0.9675,
      0.91,
      0.855,
      0.7975,
      0.74,
      0.6825,
      0.6275,
      0.57,
      0.5125,
      0.455,
      0.4,
      0.3425,
      0.285,
      0.2275,
      0.1725,
      0.115,
      0.0575,
      0
    ],
    "SoftwareVersions": "syngo_MR_B17",
    "TaskName": "rest",
    "TotalReadoutTime": 0.01464,
    "TrueEchoSpacing": 0.000480001,
    "dataset": "<unset>",
    "modality": "bold",
    "session_id": "preop",
    "subject_id": "PAT23",
    "task_id": "rest"
  },
  "dummy_trs": 0,
  "dvars_nstd": 36.85207372301676,
  "dvars_std": 1.0114490362011181,
  "dvars_vstd": 0.9546598002234642,
  "efc": 0.5950660694709133,
  "fber": 278.4462585449219,
  "fd_mean": 0.24798304254766856,
  "fd_num": 88,
  "fd_perc": 48.888888888888886,
  "fwhm_avg": 2.88294,
  "fwhm_x": 2.67792,
  "fwhm_y": 2.9546566666666667,
  "fwhm_z": 3.0162433333333336,
  "gcor": 0.0289392,
  "gsr_x": -0.0019917329773306847,
  "gsr_y": 0.06511307507753372,
  "provenance": {
    "md5sum": "faf4294ae1f9c7c2a217964aee81d8ff",
    "settings": {
      "fd_thres": 0.2,
      "testing": false
    },
    "software": "mriqc",
    "version": "21.0.0rc2",
    "webapi_port": null,
    "webapi_url": "https://mriqc.nimh.nih.gov/api/v1"
  },
  "size_t": 180,
  "size_x": 64,
  "size_y": 64,
  "size_z": 42,
  "snr": 2.84828500798897,
  "spacing_tr": 2.4000000953674316,
  "spacing_x": 3.0,
  "spacing_y": 3.0,
  "spacing_z": 3.0,
  "summary_bg_k": 113.96249131852747,
  "summary_bg_mad": 19.006137087547014,
  "summary_bg_mean": 52.783775329589844,
  "summary_bg_median": 33.708335876464844,
  "summary_bg_n": 90422.0,
  "summary_bg_p05": 17.899999618530273,
  "summary_bg_p95": 127.55527954101561,
  "summary_bg_stdv": 82.40001678466797,
  "summary_fg_k": 1.3578233096361156,
  "summary_fg_mad": 171.67708413669334,
  "summary_fg_mean": 604.9502563476562,
  "summary_fg_median": 566.2166748046875,
  "summary_fg_n": 43211.0,
  "summary_fg_p05": 347.9083557128906,
  "summary_fg_p95": 992.2917175292969,
  "summary_fg_stdv": 198.7898406982422,
  "tsnr": 33.00040050165262
}