{
  "bids_meta": {
    "AccelFactPE": 2,
    "AcquisitionNumber": 1,
    "AcquisitionTime": "17:22:26.195000",
    "BodyPartExamined": "HEAD",
    "ConversionSoftware": "dcm2niix",
    "ConversionSoftwareVersion": "v1.0.20170724 GCC4.8.5",
    "DeviceSerialNumber": "35353",
    "EchoTime": 0.00418,
    "FlipAngle": 9,
    "ImageType": [
      "ORIGINAL",
      "PRIMARY",
      "M",
      "ND",
      "NORM"
    ],
    "InstitutionAddress": "De_Pintelaan_185_Gent_88C96F_District_BE_9000",
    "InstitutionName": "UZ",
    "InversionTime": 0.9,
    "MagneticFieldStrength": 3,
    "Manufacturer": "Siemens",
    "ManufacturersModelName": "TrioTim",
    "Modality": "MR",
    "PhaseEncodingDirection": "i-",
    "PhaseEncodingLines": 256,
    "ProcedureStepDescription": "MR_hersenen_(structuur_alleen)",
    "ProtocolName": "T1_mprage",
    "RepetitionTime": 1.75,
    "ScanningSequence": "GR_IR",
    "SequenceName": "_tfl3d1_ns",
    "SequenceVariant": "SP_MP",
    "SeriesDescription": "T1_mprage",
    "SoftwareVersions": "syngo_MR_B17",
    "dataset": "<unset>",
    "modality": "T1w",
    "session_id": "preop",
    "subject_id": "CON07"
  },
  "cjv": 0.4583219972897879,
  "cnr": 2.9263482823100104,
  "efc": 0.6485930305841415,
  "fber": 2986.9795207191733,
  "fwhm_avg": 3.760000303646001,
  "fwhm_x": 3.820750910938003,
  "fwhm_y": 3.89468,
  "fwhm_z": 3.56457,
  "icvs_csf": 0.2073508889231367,
  "icvs_gm": 0.38711790028081644,
  "icvs_wm": 0.40553121079604687,
  "inu_med": 1.2063074111938477,
  "inu_range": 0.3871331214904785,
  "provenance": {
    "md5sum": "dd3f568439bdbac3a83b4b1e4f8def70",
    "settings": {
      "testing": false
    },
    "software": "mriqc",
    "version": "21.0.0rc2",
    "warnings": {
      "large_rot_frame": true,
      "small_air_mask": false
    },
    "webapi_port": null,
    "webapi_url": "https://mriqc.nimh.nih.gov/api/v1"
  },
  "qi_1": 0.0,
  "qi_2": 0.016092751262283378,
  "rpve_csf": 24.00109719891571,
  "rpve_gm": 12.80863948074358,
  "rpve_wm": 14.686016620764521,
  "size_x": 160,
  "size_y": 256,
  "size_z": 256,
  "snr_csf": 3.7146566361799187,
  "snr_gm": 13.09485527170618,
  "snr_total": 13.270328133458824,
  "snr_wm": 23.001472492490375,
  "snrd_csf": 39.36773783756893,
  "snrd_gm": 82.27053784830731,
  "snrd_total": 75.59319818787613,
  "snrd_wm": 105.14131887775213,
  "spacing_x": 0.9999997615814209,
  "spacing_y": 1.0,
  "spacing_z": 1.0,
  "summary_bg_k": 6.645770046107707,
  "summary_bg_mad": 6.231007530375883,
  "summary_bg_mean": 7.574666647246749,
  "summary_bg_median": 4.202750712633133,
  "summary_bg_n": 1957499.0,
  "summary_bg_p05": 0.0,
  "summary_bg_p95": 21.45949985086918,
  "summary_bg_stdv": 8.065041300297766,
  "summary_csf_k": 2.042058903825583,
  "summary_csf_mad": 78.83168617975548,
  "summary_csf_mean": 400.2134906689433,
  "summary_csf_median": 374.42688167095184,
  "summary_csf_n": 34052.0,
  "summary_csf_p05": 278.9734980612993,
  "summary_csf_p95": 599.3026999153195,
  "summary_csf_stdv": 100.79569134725448,
  "summary_gm_k": 0.07315067654400975,
  "summary_gm_mad": 59.194571538570884,
  "summary_gm_mean": 783.614521356172,
  "summary_gm_median": 782.4757690429688,
  "summary_gm_n": 10057.0,
  "summary_gm_p05": 687.7737863183022,
  "summary_gm_p95": 885.4558971107006,
  "summary_gm_stdv": 59.75147107732405,
  "summary_wm_k": 0.5626995697535855,
  "summary_wm_mad": 40.50154894744323,
  "summary_wm_mean": 1000.3566264784397,
  "summary_wm_median": 999.9999574422836,
  "summary_wm_n": 229045.0,
  "summary_wm_p05": 928.8715855330229,
  "summary_wm_p95": 1072.465568214655,
  "summary_wm_stdv": 43.475380751790276,
  "tpm_overlap_csf": 0.17064909636974335,
  "tpm_overlap_gm": 0.41658130288124084,
  "tpm_overlap_wm": 0.4975506067276001,
  "wm2max": 0.5079222069789107
}