{
  "bids_meta": {
    "AccelFactPE": 2,
    "AcquisitionNumber": 1,
    "AcquisitionTime": "13:06:12.192500",
    "BodyPartExamined": "HEAD",
    "ConversionSoftware": "dcm2niix",
    "ConversionSoftwareVersion": "v1.0.20170724 GCC4.8.5",
    "DeviceSerialNumber": "35353",
    "EchoTime": 0.00418,
    "FlipAngle": 9,
    "ImageType": [
      "ORIGINAL",
      "PRIMARY",
      "M",
      "ND",
      "NORM"
    ],
    "InstitutionAddress": "De_Pintelaan_185_Gent_ACCD6F_District_BE_9000",
    "InstitutionName": "Experimental_Psychology",
    "InversionTime": 0.9,
    "MagneticFieldStrength": 3,
    "Manufacturer": "Siemens",
    "ManufacturersModelName": "TrioTim",
    "Modality": "MR",
    "PhaseEncodingDirection": "i-",
    "PhaseEncodingLines": 256,
    "ProcedureStepDescription": "Brain_Research_3T_MRP",
    "ProtocolName": "T1_mprage",
    "RepetitionTime": 1.75,
    "ScanningSequence": "GR_IR",
    "SequenceName": "_tfl3d1_ns",
    "SequenceVariant": "SP_MP",
    "SeriesDescription": "T1_mprage",
    "SoftwareVersions": "syngo_MR_B17",
    "dataset": "<unset>",
    "modality": "T1w",
    "session_id": "preop",
    "subject_id": "PAT16"
  },
  "cjv": 0.43688848644176487,
  "cnr": 2.921132490931774,
  "efc": 0.6101352885356741,
  "fber": 7826.719726562499,
  "fwhm_avg": 3.463890776335322,
  "fwhm_x": 3.5749423290059656,
  "fwhm_y": 3.57362,
  "fwhm_z": 3.24311,
  "icvs_csf": 0.22385386024945544,
  "icvs_gm": 0.3903151679644613,
  "icvs_wm": 0.3858309717860833,
  "inu_med": 1.3900761604309082,
  "inu_range": 0.3926798820495605,
  "provenance": {
    "md5sum": "007ee49f198ff2fe3da375b21e3aa7fa",
    "settings": {
      "testing": false
    },
    "software": "mriqc",
    "version": "21.0.0rc2",
    "warnings": {
      "large_rot_frame": true,
      "small_air_mask": false
    },
    "webapi_port": null,
    "webapi_url": "https://mriqc.nimh.nih.gov/api/v1"
  },
  "qi_1": 1.155346814615659e-05,
  "qi_2": 0.017329530031575734,
  "rpve_csf": 23.08713829147824,
  "rpve_gm": 12.887913381604315,
  "rpve_wm": 15.806007572110456,
  "size_x": 160,
  "size_y": 256,
  "size_z": 256,
  "snr_csf": 4.201519228262926,
  "snr_gm": 12.211854936994524,
  "snr_total": 13.230355689509286,
  "snr_wm": 23.277692903270403,
  "snrd_csf": 41.14419584883338,
  "snrd_gm": 88.69218488041223,
  "snrd_total": 81.45138623603007,
  "snrd_wm": 114.51777797884462,
  "spacing_x": 1.000002145767212,
  "spacing_y": 1.0,
  "spacing_z": 1.0,
  "summary_bg_k": 3096.2968456515764,
  "summary_bg_mad": 5.720826838442688,
  "summary_bg_mean": 8.734991283483923,
  "summary_bg_median": 7.717278130352497,
  "summary_bg_n": 2474139.0,
  "summary_bg_p05": 0.0,
  "summary_bg_p95": 23.274330869317055,
  "summary_bg_stdv": 9.637572527175813,
  "summary_csf_k": 2.76089585117344,
  "summary_csf_mad": 63.74635619978995,
  "summary_csf_mean": 377.69339988684715,
  "summary_csf_median": 359.2821707352996,
  "summary_csf_n": 44838.0,
  "summary_csf_p05": 276.29080671444535,
  "summary_csf_p95": 553.3165922984481,
  "summary_csf_stdv": 85.51148876073833,
  "summary_gm_k": 0.5226729972686992,
  "summary_gm_mad": 58.297949686987394,
  "summary_gm_mean": 778.6020972258233,
  "summary_gm_median": 774.4839837960899,
  "summary_gm_n": 8074.0,
  "summary_gm_p05": 680.9579226449132,
  "summary_gm_p95": 890.9168863818049,
  "summary_gm_stdv": 63.41673928345756,
  "summary_wm_k": 0.7492784010737403,
  "summary_wm_mad": 40.22740141952557,
  "summary_wm_mean": 1000.1669152973449,
  "summary_wm_median": 1000.0000002719462,
  "summary_wm_n": 206097.0,
  "summary_wm_p05": 930.2382559031248,
  "summary_wm_p95": 1070.2517305538058,
  "summary_wm_stdv": 42.95947963495993,
  "tpm_overlap_csf": 0.18062172830104828,
  "tpm_overlap_gm": 0.4189271628856659,
  "tpm_overlap_wm": 0.4943942129611969,
  "wm2max": 0.5125070861316515
}