{
  "bids_meta": {
    "AccelFactPE": 2,
    "AcquisitionNumber": 1,
    "AcquisitionTime": "17:23:7.195000",
    "BodyPartExamined": "HEAD",
    "ConversionSoftware": "dcm2niix",
    "ConversionSoftwareVersion": "v1.0.20170724 GCC4.8.5",
    "DeviceSerialNumber": "35353",
    "EchoTime": 0.00418,
    "FlipAngle": 9,
    "ImageType": [
      "ORIGINAL",
      "PRIMARY",
      "M",
      "ND",
      "NORM"
    ],
    "InstitutionAddress": "De_Pintelaan_185_Gent_ACCD6F_District_BE_9000",
    "InstitutionName": "UZ_Gent",
    "InversionTime": 0.9,
    "MagneticFieldStrength": 3,
    "Manufacturer": "Siemens",
    "ManufacturersModelName": "TrioTim",
    "Modality": "MR",
    "PhaseEncodingDirection": "i-",
    "PhaseEncodingLines": 256,
    "ProcedureStepDescription": "Brain_Research_3T_MRP",
    "ProtocolName": "T1_mprage",
    "RepetitionTime": 1.75,
    "ScanningSequence": "GR_IR",
    "SequenceName": "_tfl3d1_ns",
    "SequenceVariant": "SP_MP",
    "SeriesDescription": "T1_mprage",
    "SoftwareVersions": "syngo_MR_B17",
    "dataset": "<unset>",
    "modality": "T1w",
    "session_id": "preop",
    "subject_id": "CON10"
  },
  "cjv": 0.6531831964780157,
  "cnr": 2.0924605868505397,
  "efc": 0.6202001610072778,
  "fber": 8095.5285675706955,
  "fwhm_avg": 3.516676646595741,
  "fwhm_x": 3.6252599397872225,
  "fwhm_y": 3.69942,
  "fwhm_z": 3.22535,
  "icvs_csf": 0.21391876917999197,
  "icvs_gm": 0.41374471353792047,
  "icvs_wm": 0.37233651728208755,
  "inu_med": 1.3426741361618042,
  "inu_range": 0.5558641433715819,
  "provenance": {
    "md5sum": "3bb1850bd3df07a78bd394450b96ca28",
    "settings": {
      "testing": false
    },
    "software": "mriqc",
    "version": "21.0.0rc2",
    "warnings": {
      "large_rot_frame": true,
      "small_air_mask": false
    },
    "webapi_port": null,
    "webapi_url": "https://mriqc.nimh.nih.gov/api/v1"
  },
  "qi_1": 0.0,
  "qi_2": 0.02512935580157245,
  "rpve_csf": 22.759926365291992,
  "rpve_gm": 11.809851372561582,
  "rpve_wm": 15.025748616376838,
  "size_x": 160,
  "size_y": 256,
  "size_z": 256,
  "snr_csf": 3.8561741743070725,
  "snr_gm": 11.917342551996109,
  "snr_total": 11.346857423726364,
  "snr_wm": 18.267055544875912,
  "snrd_csf": 38.907505276303326,
  "snrd_gm": 85.41703082777893,
  "snrd_total": 76.34661409950257,
  "snrd_wm": 104.71530619442545,
  "spacing_x": 0.9999972581863403,
  "spacing_y": 1.0,
  "spacing_z": 1.0,
  "summary_bg_k": 9.412204899738592,
  "summary_bg_mad": 6.256683427651497,
  "summary_bg_mean": 8.345780395509992,
  "summary_bg_median": 4.220068842172623,
  "summary_bg_n": 2759909.0,
  "summary_bg_p05": 0.0,
  "summary_bg_p95": 25.112014591693878,
  "summary_bg_stdv": 8.704952050436079,
  "summary_csf_k": 2.2909426498276213,
  "summary_csf_mad": 70.05940578864085,
  "summary_csf_mean": 396.39762545555874,
  "summary_csf_median": 371.57445657253265,
  "summary_csf_n": 31176.0,
  "summary_csf_p05": 285.2974935770035,
  "summary_csf_p95": 594.6129098236561,
  "summary_csf_stdv": 96.35677239308777,
  "summary_gm_k": 0.03135050946567386,
  "summary_gm_mad": 67.93522314345051,
  "summary_gm_mean": 818.2699061915363,
  "summary_gm_median": 815.7497271150351,
  "summary_gm_n": 10620.0,
  "summary_gm_p05": 709.333657811582,
  "summary_gm_p95": 934.1487079456448,
  "summary_gm_stdv": 68.44741739661225,
  "summary_wm_k": 0.4700910993389149,
  "summary_wm_mad": 52.44800058488107,
  "summary_wm_mean": 1001.7358637194034,
  "summary_wm_median": 1000.0521163642406,
  "summary_wm_n": 185272.0,
  "summary_wm_p05": 914.6608468294144,
  "summary_wm_p95": 1093.7272247374058,
  "summary_wm_stdv": 54.74606539780524,
  "tpm_overlap_csf": 0.18416239321231842,
  "tpm_overlap_gm": 0.43862155079841614,
  "tpm_overlap_wm": 0.4927412271499634,
  "wm2max": 0.42733425352865223
}