{
  "bids_meta": {
    "AccelFactPE": 2,
    "AcquisitionNumber": 1,
    "AcquisitionTime": "12:39:31.290000",
    "BodyPartExamined": "HEAD",
    "ConversionSoftware": "dcm2niix",
    "ConversionSoftwareVersion": "v1.0.20170724 GCC4.8.5",
    "DeviceSerialNumber": "35353",
    "EchoTime": 0.00418,
    "FlipAngle": 9,
    "ImageType": [
      "ORIGINAL",
      "PRIMARY",
      "M",
      "ND",
      "NORM"
    ],
    "InstitutionAddress": "De_Pintelaan_185_Gent_88C96F_District_BE_9000",
    "InstitutionName": "UZ",
    "InversionTime": 0.9,
    "MagneticFieldStrength": 3,
    "Manufacturer": "Siemens",
    "ManufacturersModelName": "TrioTim",
    "Modality": "MR",
    "PhaseEncodingDirection": "i-",
    "PhaseEncodingLines": 256,
    "ProcedureStepDescription": "Brain_Research_3T_MRP",
    "ProtocolName": "T1_mprage",
    "RepetitionTime": 1.7,
    "ScanningSequence": "GR_IR",
    "SequenceName": "_tfl3d1_ns",
    "SequenceVariant": "SP_MP",
    "SeriesDescription": "T1_mprage",
    "SoftwareVersions": "syngo_MR_B17",
    "dataset": "<unset>",
    "modality": "T1w",
    "session_id": "preop",
    "subject_id": "CON02"
  },
  "cjv": 0.6328884915125591,
  "cnr": 2.0623896671315736,
  "efc": 0.6195824250984864,
  "fber": 2839.575905423156,
  "fwhm_avg": 3.8178088425307917,
  "fwhm_x": 3.9380165275923753,
  "fwhm_y": 3.99867,
  "fwhm_z": 3.51674,
  "icvs_csf": 0.2308749333785211,
  "icvs_gm": 0.38696101641525116,
  "icvs_wm": 0.38216405020622773,
  "inu_med": 1.4339957237243652,
  "inu_range": 0.5124557852745055,
  "provenance": {
    "md5sum": "79f93cf54de5fda126adc97366d58e99",
    "settings": {
      "testing": false
    },
    "software": "mriqc",
    "version": "21.0.0rc2",
    "warnings": {
      "large_rot_frame": true,
      "small_air_mask": false
    },
    "webapi_port": null,
    "webapi_url": "https://mriqc.nimh.nih.gov/api/v1"
  },
  "qi_1": 0.0,
  "qi_2": 0.013093097530534299,
  "rpve_csf": 23.187718134548952,
  "rpve_gm": 13.11831796079845,
  "rpve_wm": 15.676831326826504,
  "size_x": 160,
  "size_y": 256,
  "size_z": 256,
  "snr_csf": 4.243795456903719,
  "snr_gm": 11.521165836296225,
  "snr_total": 12.019977650961401,
  "snr_wm": 20.294971659684258,
  "snrd_csf": 45.7388839814857,
  "snrd_gm": 108.36170695596142,
  "snrd_total": 95.38910001139111,
  "snrd_wm": 132.06670909672616,
  "spacing_x": 1.0000059604644775,
  "spacing_y": 1.0,
  "spacing_z": 1.0,
  "summary_bg_k": 6.604441310871209,
  "summary_bg_mad": 4.960949232975726,
  "summary_bg_mean": 9.200821574895745,
  "summary_bg_median": 6.692218817770481,
  "summary_bg_n": 2380450.0,
  "summary_bg_p05": 0.0,
  "summary_bg_p95": 26.708036918193102,
  "summary_bg_stdv": 8.666892493148394,
  "summary_csf_k": 2.705221631637107,
  "summary_csf_mad": 63.13935387423651,
  "summary_csf_mean": 363.5348073045579,
  "summary_csf_median": 346.3527429960668,
  "summary_csf_n": 55222.0,
  "summary_csf_p05": 264.76851177215576,
  "summary_csf_p95": 524.8524703718722,
  "summary_csf_stdv": 81.61317162804926,
  "summary_gm_k": 0.34844944701198743,
  "summary_gm_mad": 66.70221741428271,
  "summary_gm_mean": 823.608125643742,
  "summary_gm_median": 820.5572845879942,
  "summary_gm_n": 12538.0,
  "summary_gm_p05": 711.8695671521127,
  "summary_gm_p95": 947.9315021136775,
  "summary_gm_stdv": 71.2188829481553,
  "summary_wm_k": 0.5111375667689528,
  "summary_wm_mad": 46.90352002086141,
  "summary_wm_mean": 1001.977030570424,
  "summary_wm_median": 1000.0608447864652,
  "summary_wm_n": 199208.0,
  "summary_wm_p05": 924.7429639101028,
  "summary_wm_p95": 1085.9645990654826,
  "summary_wm_stdv": 49.276163153154016,
  "tpm_overlap_csf": 0.17975179851055145,
  "tpm_overlap_gm": 0.41274937987327576,
  "tpm_overlap_wm": 0.502102255821228,
  "wm2max": 0.4440887879859776
}