{
  "aor": 0.0006804444444444445,
  "aqi": 0.008202217444444444,
  "bids_meta": {
    "AccelFactPE": 2,
    "AcquisitionNumber": 1,
    "AcquisitionTime": "14:43:18.482500",
    "BandwidthPerPixelPhaseEncode": 65.104,
    "BodyPartExamined": "HEAD",
    "ConversionSoftware": "dcm2niix",
    "ConversionSoftwareVersion": "v1.0.20170724 GCC4.8.5",
    "DeviceSerialNumber": "35353",
    "EchoTime": 0.027,
    "EffectiveEchoSpacing": 0.000240001,
    "FlipAngle": 90,
    "ImageType": [
      "ORIGINAL",
      "PRIMARY",
      "M",
      "ND",
      "MOSAIC"
    ],
    "InstitutionAddress": "De_Pintelaan_185_Gent_9C4B6E_District_BE_9000",
    "InstitutionName": "UZ_Gent",
    "MagneticFieldStrength": 3,
    "Manufacturer": "Siemens",
    "ManufacturersModelName": "TrioTim",
    "Modality": "MR",
    "PhaseEncodingDirection": "j-",
    "PhaseEncodingLines": 64,
    "ProcedureStepDescription": "Brain_Research_3T_MRP",
    "ProtocolName": "fMRI_Resting_State",
    "RepetitionTime": 2.4,
    "ScanningSequence": "EP",
    "SequenceName": "_epfid2d1_64",
    "SequenceVariant": "SK",
    "SeriesDescription": "fMRI_Resting_State",
    "SliceTiming": [
      2.3325,
      2.275,
      2.2175,
      2.16,
      2.105,
      2.0475,
      1.99,
      1.9325,
      1.8775,
      1.82,
      1.7625,
      1.705,
      1.65,
      1.5925,
      1.535,
      1.4775,
      1.4225,
      1.365,
      1.3075,
      1.25,
      1.195,
      1.1375,
      1.08,
      1.0225,
      0.9675,
      0.91,
      0.8525,
      0.795,
      0.7375,
      0.6825,
      0.625,
      0.5675,
      0.51,
      0.455,
      0.3975,
      0.34,
      0.2825,
      0.2275,
      0.17,
      0.1125,
      0.055,
      0
    ],
    "SoftwareVersions": "syngo_MR_B17",
    "TaskName": "rest",
    "TotalReadoutTime": 0.01464,
    "TrueEchoSpacing": 0.000480001,
    "dataset": "<unset>",
    "modality": "bold",
    "session_id": "preop",
    "subject_id": "PAT29",
    "task_id": "rest"
  },
  "dummy_trs": 0,
  "dvars_nstd": 31.77345400553072,
  "dvars_std": 1.0040014757541902,
  "dvars_vstd": 0.9569746412290504,
  "efc": 0.59410214353373,
  "fber": 363.3268127441406,
  "fd_mean": 0.23085347400599504,
  "fd_num": 94,
  "fd_perc": 52.22222222222222,
  "fwhm_avg": 2.6526155555555557,
  "fwhm_x": 2.4456933333333333,
  "fwhm_y": 2.6662033333333333,
  "fwhm_z": 2.84595,
  "gcor": 0.00752599,
  "gsr_x": 0.003733806312084198,
  "gsr_y": 0.07575331628322601,
  "provenance": {
    "md5sum": "02321befa747debdc5ae6b94c296b48c",
    "settings": {
      "fd_thres": 0.2,
      "testing": false
    },
    "software": "mriqc",
    "version": "21.0.0rc2",
    "webapi_port": null,
    "webapi_url": "https://mriqc.nimh.nih.gov/api/v1"
  },
  "size_t": 180,
  "size_x": 64,
  "size_y": 64,
  "size_z": 42,
  "snr": 2.853054352611051,
  "spacing_tr": 2.4000000953674316,
  "spacing_x": 3.0,
  "spacing_y": 3.0,
  "spacing_z": 3.0,
  "summary_bg_k": 39.488261164928254,
  "summary_bg_mad": 15.806185225523594,
  "summary_bg_mean": 51.799930572509766,
  "summary_bg_median": 28.594444274902344,
  "summary_bg_n": 92035.0,
  "summary_bg_p05": 16.044445037841797,
  "summary_bg_p95": 167.8494506835938,
  "summary_bg_stdv": 68.44760131835938,
  "summary_fg_k": 2.2405315054652055,
  "summary_fg_mad": 159.0090879347258,
  "summary_fg_mean": 591.4956665039062,
  "summary_fg_median": 552.9944458007812,
  "summary_fg_n": 43077.0,
  "summary_fg_p05": 354.87555541992185,
  "summary_fg_p95": 970.5967041015625,
  "summary_fg_stdv": 193.8231658935547,
  "tsnr": 38.76471264054999
}