{
  "aor": 0.0010217777777777777,
  "aqi": 0.009753837777777778,
  "bids_meta": {
    "AccelFactPE": 2,
    "AcquisitionNumber": 1,
    "AcquisitionTime": "12:22:45.602500",
    "BandwidthPerPixelPhaseEncode": 65.104,
    "BodyPartExamined": "HEAD",
    "ConversionSoftware": "dcm2niix",
    "ConversionSoftwareVersion": "v1.0.20170724 GCC4.8.5",
    "DeviceSerialNumber": "35353",
    "EchoTime": 0.027,
    "EffectiveEchoSpacing": 0.000240001,
    "FlipAngle": 90,
    "ImageType": [
      "ORIGINAL",
      "PRIMARY",
      "M",
      "ND",
      "MOSAIC"
    ],
    "InstitutionAddress": "De_Pintelaan_185_Gent_88C96F_District_BE_9000",
    "InstitutionName": "UZ",
    "MagneticFieldStrength": 3,
    "Manufacturer": "Siemens",
    "ManufacturersModelName": "TrioTim",
    "Modality": "MR",
    "PhaseEncodingDirection": "j-",
    "PhaseEncodingLines": 64,
    "ProcedureStepDescription": "MR_hersenen_(structuur_alleen)",
    "ProtocolName": "fMRI_Resting_State",
    "RepetitionTime": 2.4,
    "ScanningSequence": "EP",
    "SequenceName": "_epfid2d1_64",
    "SequenceVariant": "SK",
    "SeriesDescription": "fMRI_Resting_State",
    "SliceTiming": [
      2.3325,
      2.275,
      2.22,
      2.1625,
      2.105,
      2.0475,
      1.9925,
      1.935,
      1.8775,
      1.82,
      1.765,
      1.7075,
      1.65,
      1.5925,
      1.5375,
      1.48,
      1.4225,
      1.365,
      1.31,
      1.2525,
      1.195,
      1.1375,
      1.0825,
      1.025,
      0.9675,
      0.91,
      0.855,
      0.7975,
      0.74,
      0.6825,
      0.6275,
      0.57,
      0.5125,
      0.455,
      0.4,
      0.3425,
      0.285,
      0.2275,
      0.1725,
      0.115,
      0.0575,
      0
    ],
    "SoftwareVersions": "syngo_MR_B17",
    "TaskName": "rest",
    "TotalReadoutTime": 0.01464,
    "TrueEchoSpacing": 0.000480001,
    "dataset": "<unset>",
    "modality": "bold",
    "session_id": "preop",
    "subject_id": "CON06",
    "task_id": "rest"
  },
  "dummy_trs": 0,
  "dvars_nstd": 36.65231269944133,
  "dvars_std": 1.010728778435754,
  "dvars_vstd": 0.9564472775418998,
  "efc": 0.6068861001961224,
  "fber": 268.55352783203125,
  "fd_mean": 0.23726321566319014,
  "fd_num": 91,
  "fd_perc": 50.55555555555556,
  "fwhm_avg": 2.6683166666666662,
  "fwhm_x": 2.5062333333333333,
  "fwhm_y": 2.6878100000000003,
  "fwhm_z": 2.8109066666666664,
  "gcor": 0.0254574,
  "gsr_x": 0.012253192253410816,
  "gsr_y": 0.05927712470293045,
  "provenance": {
    "md5sum": "9f4928dc7ba6fb355abab216d0775809",
    "settings": {
      "fd_thres": 0.2,
      "testing": false
    },
    "software": "mriqc",
    "version": "21.0.0rc2",
    "webapi_port": null,
    "webapi_url": "https://mriqc.nimh.nih.gov/api/v1"
  },
  "size_t": 180,
  "size_x": 64,
  "size_y": 64,
  "size_z": 42,
  "snr": 2.867239338029603,
  "spacing_tr": 2.4000000953674316,
  "spacing_x": 3.0,
  "spacing_y": 3.0,
  "spacing_z": 3.0,
  "summary_bg_k": 38.91687998576972,
  "summary_bg_mad": 18.565474887172932,
  "summary_bg_mean": 59.1048583984375,
  "summary_bg_median": 33.67222213745117,
  "summary_bg_n": 89114.0,
  "summary_bg_p05": 18.700000762939453,
  "summary_bg_p95": 182.46306457519526,
  "summary_bg_stdv": 81.18545532226562,
  "summary_fg_k": 1.6841977981985803,
  "summary_fg_mad": 176.10018678795893,
  "summary_fg_mean": 586.9854736328125,
  "summary_fg_median": 552.6500244140625,
  "summary_fg_n": 43785.0,
  "summary_fg_p05": 336.4588989257812,
  "summary_fg_p95": 941.433349609375,
  "summary_fg_stdv": 192.7441864013672,
  "tsnr": 34.522613579407334
}