{
  "aor": 0.0008098333333333334,
  "aqi": 0.0052825355,
  "bids_meta": {
    "AccelFactPE": 2,
    "AcquisitionNumber": 1,
    "AcquisitionTime": "13:24:51.077500",
    "BandwidthPerPixelPhaseEncode": 54.113,
    "BodyPartExamined": "HEAD",
    "ConversionSoftware": "dcm2niix",
    "ConversionSoftwareVersion": "v1.0.20170724 GCC4.8.5",
    "DeviceSerialNumber": "35353",
    "EchoTime": 0.027,
    "EffectiveEchoSpacing": 0.000288748,
    "FlipAngle": 90,
    "ImageType": [
      "ORIGINAL",
      "PRIMARY",
      "M",
      "ND",
      "MOSAIC"
    ],
    "InstitutionAddress": "De_Pintelaan_185_Gent_88C96F_District_BE_9000",
    "InstitutionName": "UZ",
    "MagneticFieldStrength": 3,
    "Manufacturer": "Siemens",
    "ManufacturersModelName": "TrioTim",
    "Modality": "MR",
    "PhaseEncodingDirection": "j-",
    "PhaseEncodingLines": 64,
    "ProcedureStepDescription": "MR_hersenen_(structuur_alleen)",
    "ProtocolName": "fMRI_Resting_State",
    "RepetitionTime": 2.4,
    "ScanningSequence": "EP",
    "SequenceName": "_epfid2d1_64",
    "SequenceVariant": "SK_OSP",
    "SeriesDescription": "fMRI_Resting_State",
    "SliceTiming": [
      2.3325,
      2.275,
      2.2175,
      2.1625,
      2.105,
      2.0475,
      1.99,
      1.935,
      1.8775,
      1.82,
      1.7625,
      1.7075,
      1.65,
      1.5925,
      1.535,
      1.48,
      1.4225,
      1.365,
      1.3075,
      1.2525,
      1.195,
      1.1375,
      1.08,
      1.025,
      0.9675,
      0.91,
      0.8525,
      0.7975,
      0.74,
      0.6825,
      0.625,
      0.57,
      0.5125,
      0.455,
      0.3975,
      0.34,
      0.285,
      0.2275,
      0.17,
      0.1125,
      0.0575,
      0
    ],
    "SoftwareVersions": "syngo_MR_B17",
    "TaskName": "rest",
    "TotalReadoutTime": 0.0216561,
    "TrueEchoSpacing": 0.000577495,
    "dataset": "<unset>",
    "modality": "bold",
    "session_id": "preop",
    "subject_id": "CON05",
    "task_id": "rest"
  },
  "dummy_trs": 0,
  "dvars_nstd": 29.451770089944134,
  "dvars_std": 1.0139811130167597,
  "dvars_vstd": 0.9613335989385474,
  "efc": 0.5844825122759052,
  "fber": 340.74462890625,
  "fd_mean": 0.10395163572442692,
  "fd_num": 8,
  "fd_perc": 4.444444444444445,
  "fwhm_avg": 2.9293100000000005,
  "fwhm_x": 2.7924900000000004,
  "fwhm_y": 3.0593833333333333,
  "fwhm_z": 2.936056666666667,
  "gcor": 0.0270652,
  "gsr_x": 0.003113045822829008,
  "gsr_y": 0.07332009822130203,
  "provenance": {
    "md5sum": "85d63a389da6a2bb9551856cf8c9f24b",
    "settings": {
      "fd_thres": 0.2,
      "testing": false
    },
    "software": "mriqc",
    "version": "21.0.0rc2",
    "webapi_port": null,
    "webapi_url": "https://mriqc.nimh.nih.gov/api/v1"
  },
  "size_t": 180,
  "size_x": 64,
  "size_y": 64,
  "size_z": 42,
  "snr": 2.3415218918037644,
  "spacing_tr": 2.4000000953674316,
  "spacing_x": 3.0,
  "spacing_y": 3.0,
  "spacing_z": 3.0,
  "summary_bg_k": 32.089860628817085,
  "summary_bg_mad": 16.193310771996106,
  "summary_bg_mean": 65.002685546875,
  "summary_bg_median": 32.24444580078125,
  "summary_bg_n": 91486.0,
  "summary_bg_p05": 19.261112213134766,
  "summary_bg_p95": 227.78055953979492,
  "summary_bg_stdv": 95.14328002929688,
  "summary_fg_k": 4.673802152979783,
  "summary_fg_mad": 196.46542586763064,
  "summary_fg_mean": 663.072265625,
  "summary_fg_median": 605.6444702148438,
  "summary_fg_n": 41222.0,
  "summary_fg_p05": 370.2336151123047,
  "summary_fg_p95": 1169.8447021484371,
  "summary_fg_stdv": 258.65106201171875,
  "tsnr": 41.809037091210485
}