{
  "aor": 0.0010422777777777778,
  "aqi": 0.009899513444444443,
  "bids_meta": {
    "AccelFactPE": 2,
    "AcquisitionNumber": 1,
    "AcquisitionTime": "13:13:1.167500",
    "BandwidthPerPixelPhaseEncode": 65.104,
    "BodyPartExamined": "HEAD",
    "ConversionSoftware": "dcm2niix",
    "ConversionSoftwareVersion": "v1.0.20170724 GCC4.8.5",
    "DeviceSerialNumber": "35353",
    "EchoTime": 0.027,
    "EffectiveEchoSpacing": 0.000240001,
    "FlipAngle": 90,
    "ImageType": [
      "ORIGINAL",
      "PRIMARY",
      "M",
      "ND",
      "MOSAIC"
    ],
    "InstitutionAddress": "De_Pintelaan_185_Gent_ACCD6F_District_BE_9000",
    "InstitutionName": "Experimental_Psychology",
    "MagneticFieldStrength": 3,
    "Manufacturer": "Siemens",
    "ManufacturersModelName": "TrioTim",
    "Modality": "MR",
    "PhaseEncodingDirection": "j-",
    "PhaseEncodingLines": 64,
    "ProcedureStepDescription": "Brain_Research_3T_MRP",
    "ProtocolName": "fMRI_Resting_State",
    "RepetitionTime": 2.4,
    "ScanningSequence": "EP",
    "SequenceName": "_epfid2d1_64",
    "SequenceVariant": "SK",
    "SeriesDescription": "fMRI_Resting_State",
    "SliceTiming": [
      2.3325,
      2.275,
      2.2175,
      2.16,
      2.105,
      2.0475,
      1.99,
      1.9325,
      1.8775,
      1.82,
      1.7625,
      1.705,
      1.65,
      1.5925,
      1.535,
      1.4775,
      1.4225,
      1.365,
      1.3075,
      1.25,
      1.195,
      1.1375,
      1.08,
      1.0225,
      0.9675,
      0.91,
      0.8525,
      0.795,
      0.74,
      0.6825,
      0.625,
      0.5675,
      0.5125,
      0.455,
      0.3975,
      0.34,
      0.285,
      0.2275,
      0.17,
      0.1125,
      0.0575,
      0
    ],
    "SoftwareVersions": "syngo_MR_B17",
    "TaskName": "rest",
    "TotalReadoutTime": 0.01464,
    "TrueEchoSpacing": 0.000480001,
    "dataset": "<unset>",
    "modality": "bold",
    "session_id": "preop",
    "subject_id": "PAT16",
    "task_id": "rest"
  },
  "dummy_trs": 0,
  "dvars_nstd": 44.91671321363128,
  "dvars_std": 1.048479570949721,
  "dvars_vstd": 0.9819413277653632,
  "efc": 0.6049359835954183,
  "fber": 266.7871398925781,
  "fd_mean": 0.3181082584710561,
  "fd_num": 130,
  "fd_perc": 72.22222222222223,
  "fwhm_avg": 2.457981111111111,
  "fwhm_x": 2.30097,
  "fwhm_y": 2.565183333333333,
  "fwhm_z": 2.50779,
  "gcor": 0.0110452,
  "gsr_x": -0.012406611815094948,
  "gsr_y": 0.07833799719810486,
  "provenance": {
    "md5sum": "fdbb0461e5a604c06fdc9e98ee1f5b04",
    "settings": {
      "fd_thres": 0.2,
      "testing": false
    },
    "software": "mriqc",
    "version": "21.0.0rc2",
    "webapi_port": null,
    "webapi_url": "https://mriqc.nimh.nih.gov/api/v1"
  },
  "size_t": 180,
  "size_x": 64,
  "size_y": 64,
  "size_z": 42,
  "snr": 3.0897792541679014,
  "spacing_tr": 2.4000000953674316,
  "spacing_x": 3.0,
  "spacing_y": 3.0,
  "spacing_z": 3.0,
  "summary_bg_k": 51.06861652073396,
  "summary_bg_mad": 15.92973918085148,
  "summary_bg_mean": 59.29291915893555,
  "summary_bg_median": 32.43888854980469,
  "summary_bg_n": 92862.0,
  "summary_bg_p05": 19.038888931274414,
  "summary_bg_p95": 184.977783203125,
  "summary_bg_stdv": 83.75726318359375,
  "summary_fg_k": 1.1411924869108754,
  "summary_fg_mad": 161.62834582136185,
  "summary_fg_mean": 559.158935546875,
  "summary_fg_median": 532.0250244140625,
  "summary_fg_n": 40706.0,
  "summary_fg_p05": 329.0458526611328,
  "summary_fg_p95": 876.2639312744141,
  "summary_fg_stdv": 172.1865692138672,
  "tsnr": 32.42124707251787
}