{
  "bids_meta": {
    "AccelFactPE": 2,
    "AcquisitionNumber": 1,
    "AcquisitionTime": "17:22:33.285000",
    "BodyPartExamined": "HEAD",
    "ConversionSoftware": "dcm2niix",
    "ConversionSoftwareVersion": "v1.0.20170724 GCC4.8.5",
    "DeviceSerialNumber": "35353",
    "EchoTime": 0.00418,
    "FlipAngle": 9,
    "ImageType": [
      "ORIGINAL",
      "PRIMARY",
      "M",
      "ND",
      "NORM"
    ],
    "InstitutionAddress": "De_Pintelaan_185_Gent_88C96F_District_BE_9000",
    "InstitutionName": "UZ",
    "InversionTime": 0.9,
    "MagneticFieldStrength": 3,
    "Manufacturer": "Siemens",
    "ManufacturersModelName": "TrioTim",
    "Modality": "MR",
    "PhaseEncodingDirection": "i-",
    "PhaseEncodingLines": 256,
    "ProcedureStepDescription": "Brain_Research_3T_MRP",
    "ProtocolName": "T1_mprage",
    "RepetitionTime": 1.7,
    "ScanningSequence": "GR_IR",
    "SequenceName": "_tfl3d1_ns",
    "SequenceVariant": "SP_MP",
    "SeriesDescription": "T1_mprage",
    "SoftwareVersions": "syngo_MR_B17",
    "dataset": "<unset>",
    "modality": "T1w",
    "session_id": "preop",
    "subject_id": "PAT06"
  },
  "cjv": 0.5134719988411949,
  "cnr": 2.5531361457963797,
  "efc": 0.5527253257299772,
  "fber": 5439.062500000001,
  "fwhm_avg": 3.591616061237311,
  "fwhm_x": 3.7108081837119338,
  "fwhm_y": 3.76424,
  "fwhm_z": 3.2998,
  "icvs_csf": 0.22416684659921496,
  "icvs_gm": 0.40445908533453506,
  "icvs_wm": 0.37137406806624995,
  "inu_med": 1.3781436681747437,
  "inu_range": 0.40482194423675555,
  "provenance": {
    "md5sum": "4a7528ab5090b07320a6705eb9c6df5f",
    "settings": {
      "testing": false
    },
    "software": "mriqc",
    "version": "21.0.0rc2",
    "warnings": {
      "large_rot_frame": true,
      "small_air_mask": false
    },
    "webapi_port": null,
    "webapi_url": "https://mriqc.nimh.nih.gov/api/v1"
  },
  "qi_1": 1.0679710152666457e-05,
  "qi_2": 0.008298527442426677,
  "rpve_csf": 26.777994087718533,
  "rpve_gm": 14.464559900766046,
  "rpve_wm": 18.229921684458226,
  "size_x": 160,
  "size_y": 256,
  "size_z": 256,
  "snr_csf": 4.063877037840021,
  "snr_gm": 12.493132088491485,
  "snr_total": 12.753756839595233,
  "snr_wm": 21.704261392454196,
  "snrd_csf": 51.08511414952723,
  "snrd_gm": 117.87006324460116,
  "snrd_total": 105.607094300747,
  "snrd_wm": 147.86610550811255,
  "spacing_x": 0.9999977946281433,
  "spacing_y": 1.0,
  "spacing_z": 1.0,
  "summary_bg_k": 9632.587120032278,
  "summary_bg_mad": 4.430605361863016,
  "summary_bg_mean": 6.645100045174861,
  "summary_bg_median": 5.918199770152569,
  "summary_bg_n": 2419463.0,
  "summary_bg_p05": 0.0,
  "summary_bg_p95": 17.871791385114193,
  "summary_bg_stdv": 10.924556430506367,
  "summary_csf_k": 9.384514095397297,
  "summary_csf_mad": 59.42223661792751,
  "summary_csf_mean": 366.0705634838076,
  "summary_csf_median": 345.48223608732224,
  "summary_csf_n": 39919.0,
  "summary_csf_p05": 268.7800232246518,
  "summary_csf_p95": 542.546569225937,
  "summary_csf_stdv": 85.01190010245256,
  "summary_gm_k": 0.025804918207559258,
  "summary_gm_mad": 61.76785122126675,
  "summary_gm_mean": 801.1371594672127,
  "summary_gm_median": 797.1404918134212,
  "summary_gm_n": 14498.0,
  "summary_gm_p05": 700.2812421098351,
  "summary_gm_p95": 912.407686643675,
  "summary_gm_stdv": 63.80409606639457,
  "summary_wm_k": 0.5648062159336429,
  "summary_wm_mad": 42.39481208998337,
  "summary_wm_mean": 997.8991678773333,
  "summary_wm_median": 999.9999730437994,
  "summary_wm_n": 165504.0,
  "summary_wm_p05": 917.3883498165757,
  "summary_wm_p95": 1069.9636416137218,
  "summary_wm_stdv": 46.07376099478611,
  "tpm_overlap_csf": 0.17478753626346588,
  "tpm_overlap_gm": 0.41774868965148926,
  "tpm_overlap_wm": 0.4940873086452484,
  "wm2max": 0.54572570478551
}