{
  "aor": 0.001380111111111111,
  "aqi": 0.0069493674999999994,
  "bids_meta": {
    "AccelFactPE": 2,
    "AcquisitionNumber": 1,
    "AcquisitionTime": "13:50:0.122500",
    "BandwidthPerPixelPhaseEncode": 65.104,
    "BodyPartExamined": "HEAD",
    "ConversionSoftware": "dcm2niix",
    "ConversionSoftwareVersion": "v1.0.20170724 GCC4.8.5",
    "DeviceSerialNumber": "35353",
    "EchoTime": 0.027,
    "EffectiveEchoSpacing": 0.000240001,
    "FlipAngle": 90,
    "ImageType": [
      "ORIGINAL",
      "PRIMARY",
      "M",
      "ND",
      "MOSAIC"
    ],
    "InstitutionAddress": "De_Pintelaan_185_Gent_88C96F_District_BE_9000",
    "InstitutionName": "UZ",
    "MagneticFieldStrength": 3,
    "Manufacturer": "Siemens",
    "ManufacturersModelName": "TrioTim",
    "Modality": "MR",
    "PhaseEncodingDirection": "j-",
    "PhaseEncodingLines": 64,
    "ProcedureStepDescription": "Brain_Research_3T_MRP",
    "ProtocolName": "RESTING_STATE_6min",
    "RepetitionTime": 2.1,
    "ScanningSequence": "EP",
    "SequenceName": "_epfid2d1_64",
    "SequenceVariant": "SK",
    "SeriesDescription": "RESTING_STATE_6min",
    "SliceTiming": [
      2.04,
      1.99,
      1.94,
      1.89,
      1.84,
      1.79,
      1.74,
      1.69,
      1.6425,
      1.5925,
      1.5425,
      1.4925,
      1.4425,
      1.3925,
      1.3425,
      1.2925,
      1.2425,
      1.195,
      1.145,
      1.095,
      1.045,
      0.995,
      0.945,
      0.895,
      0.845,
      0.7975,
      0.7475,
      0.6975,
      0.6475,
      0.5975,
      0.5475,
      0.4975,
      0.4475,
      0.3975,
      0.35,
      0.3,
      0.25,
      0.2,
      0.15,
      0.1,
      0.05,
      0
    ],
    "SoftwareVersions": "syngo_MR_B17",
    "TaskName": "rest",
    "TotalReadoutTime": 0.01464,
    "TrueEchoSpacing": 0.000480001,
    "dataset": "<unset>",
    "modality": "bold",
    "session_id": "preop",
    "subject_id": "CON01",
    "task_id": "rest"
  },
  "dummy_trs": 0,
  "dvars_nstd": 31.022981047094984,
  "dvars_std": 0.9906587859776532,
  "dvars_vstd": 0.9586614008938553,
  "efc": 0.5845082436591944,
  "fber": 339.593505859375,
  "fd_mean": 0.2649700530828331,
  "fd_num": 94,
  "fd_perc": 52.22222222222222,
  "fwhm_avg": 2.702619542257547,
  "fwhm_x": 2.5577033333333334,
  "fwhm_y": 2.762776666666667,
  "fwhm_z": 2.7873786267726417,
  "gcor": 0.0193096,
  "gsr_x": 0.014549722895026207,
  "gsr_y": 0.0813552662730217,
  "provenance": {
    "md5sum": "b640c7f62709e4bdd2577b175d220d61",
    "settings": {
      "fd_thres": 0.2,
      "testing": false
    },
    "software": "mriqc",
    "version": "21.0.0rc2",
    "webapi_port": null,
    "webapi_url": "https://mriqc.nimh.nih.gov/api/v1"
  },
  "size_t": 180,
  "size_x": 64,
  "size_y": 64,
  "size_z": 42,
  "snr": 2.909715182457382,
  "spacing_tr": 2.0999999046325684,
  "spacing_x": 3.0,
  "spacing_y": 3.0,
  "spacing_z": 3.3000001907348633,
  "summary_bg_k": 43.75969743710417,
  "summary_bg_mad": 12.861574528320029,
  "summary_bg_mean": 50.07309341430664,
  "summary_bg_median": 26.580554962158203,
  "summary_bg_n": 94400.0,
  "summary_bg_p05": 16.172222137451172,
  "summary_bg_p95": 159.49000244140632,
  "summary_bg_stdv": 72.76742553710938,
  "summary_fg_k": 1.5849008005591854,
  "summary_fg_mad": 149.47103477687332,
  "summary_fg_mean": 516.6148071289062,
  "summary_fg_median": 489.3277893066406,
  "summary_fg_n": 39263.0,
  "summary_fg_p05": 290.6172241210937,
  "summary_fg_p95": 828.853924560547,
  "summary_fg_stdv": 168.16819763183594,
  "tsnr": 40.19255117489956
}