{
  "bids_meta": {
    "AccelFactPE": 2,
    "AcquisitionNumber": 1,
    "AcquisitionTime": "11:16:44.207500",
    "BodyPartExamined": "HEAD",
    "ConversionSoftware": "dcm2niix",
    "ConversionSoftwareVersion": "v1.0.20170724 GCC4.8.5",
    "DeviceSerialNumber": "35353",
    "EchoTime": 0.00418,
    "FlipAngle": 9,
    "ImageType": [
      "ORIGINAL",
      "PRIMARY",
      "M",
      "ND",
      "NORM"
    ],
    "InstitutionAddress": "De_Pintelaan_185_Gent_ACCD6F_District_BE_9000",
    "InstitutionName": "UZ_Gent",
    "InversionTime": 0.9,
    "MagneticFieldStrength": 3,
    "Manufacturer": "Siemens",
    "ManufacturersModelName": "TrioTim",
    "Modality": "MR",
    "PhaseEncodingDirection": "i-",
    "PhaseEncodingLines": 256,
    "ProcedureStepDescription": "MR_hersenen_(stereotaxie_neuronavigatie)",
    "ProtocolName": "T1_mprage",
    "RepetitionTime": 1.75,
    "ScanningSequence": "GR_IR",
    "SequenceName": "_tfl3d1_ns",
    "SequenceVariant": "SP_MP",
    "SeriesDescription": "T1_mprage",
    "SoftwareVersions": "syngo_MR_B17",
    "dataset": "<unset>",
    "modality": "T1w",
    "session_id": "preop",
    "subject_id": "PAT25"
  },
  "cjv": 0.4801058877513685,
  "cnr": 2.7761499317949316,
  "efc": 0.6239584431372304,
  "fber": 7442.380177514792,
  "fwhm_avg": 3.664796423726619,
  "fwhm_x": 3.7801292711798578,
  "fwhm_y": 3.78295,
  "fwhm_z": 3.43131,
  "icvs_csf": 0.195679027918264,
  "icvs_gm": 0.4012119744057562,
  "icvs_wm": 0.40310899767597985,
  "inu_med": 1.290855050086975,
  "inu_range": 0.43045861721038814,
  "provenance": {
    "md5sum": "5cef3000e15d0c715424d3c19ead5ceb",
    "settings": {
      "testing": false
    },
    "software": "mriqc",
    "version": "21.0.0rc2",
    "warnings": {
      "large_rot_frame": true,
      "small_air_mask": false
    },
    "webapi_port": null,
    "webapi_url": "https://mriqc.nimh.nih.gov/api/v1"
  },
  "qi_1": 0.0,
  "qi_2": 0.016277257764641496,
  "rpve_csf": 26.363599778278928,
  "rpve_gm": 13.22999388423027,
  "rpve_wm": 15.712095343764387,
  "size_x": 160,
  "size_y": 256,
  "size_z": 256,
  "snr_csf": 3.569490719940821,
  "snr_gm": 12.76255075569309,
  "snr_total": 13.187572575788522,
  "snr_wm": 23.23067625173166,
  "snrd_csf": 40.09576287952586,
  "snrd_gm": 85.82043245017539,
  "snrd_total": 78.20645238488733,
  "snrd_wm": 108.70316182496074,
  "spacing_x": 1.0000054836273193,
  "spacing_y": 1.0,
  "spacing_z": 1.0,
  "summary_bg_k": 1057.0012225034436,
  "summary_bg_mad": 6.026838172553389,
  "summary_bg_mean": 8.332571389612543,
  "summary_bg_median": 8.13008114695549,
  "summary_bg_n": 2710111.0,
  "summary_bg_p05": 0.0,
  "summary_bg_p95": 24.32770435512066,
  "summary_bg_stdv": 8.387158402083962,
  "summary_csf_k": 1.2495113901304737,
  "summary_csf_mad": 80.3887491631352,
  "summary_csf_mean": 395.58984708602554,
  "summary_csf_median": 368.855527728796,
  "summary_csf_n": 22743.0,
  "summary_csf_p05": 274.3652230754495,
  "summary_csf_p95": 601.3008016288278,
  "summary_csf_stdv": 103.33334567003244,
  "summary_gm_k": 0.06630821832334899,
  "summary_gm_mad": 61.38102877277452,
  "summary_gm_mean": 790.479533562441,
  "summary_gm_median": 789.4934184551239,
  "summary_gm_n": 12124.0,
  "summary_gm_p05": 690.8161220110953,
  "summary_gm_p95": 894.4684008337558,
  "summary_gm_stdv": 61.857607760474,
  "summary_wm_k": 0.6961055112689669,
  "summary_wm_mad": 39.68441135158232,
  "summary_wm_mean": 999.1654939574653,
  "summary_wm_median": 999.9999810755253,
  "summary_wm_n": 223311.0,
  "summary_wm_p05": 926.8917898386717,
  "summary_wm_p95": 1068.0112368240952,
  "summary_wm_stdv": 43.0464327085031,
  "tpm_overlap_csf": 0.1696581095457077,
  "tpm_overlap_gm": 0.42896899580955505,
  "tpm_overlap_wm": 0.4995731711387634,
  "wm2max": 0.5116145133422921
}