{
  "bids_meta": {
    "AccelFactPE": 2,
    "AcquisitionNumber": 1,
    "AcquisitionTime": "14:12:7.195000",
    "BodyPartExamined": "HEAD",
    "ConversionSoftware": "dcm2niix",
    "ConversionSoftwareVersion": "v1.0.20170724 GCC4.8.5",
    "DeviceSerialNumber": "35353",
    "EchoTime": 0.00418,
    "FlipAngle": 9,
    "ImageType": [
      "ORIGINAL",
      "PRIMARY",
      "M",
      "ND",
      "NORM"
    ],
    "InstitutionAddress": "De_Pintelaan_185_Gent_ACCD6F_District_BE_9000",
    "InstitutionName": "UZ_Gent",
    "InversionTime": 0.9,
    "MagneticFieldStrength": 3,
    "Manufacturer": "Siemens",
    "ManufacturersModelName": "TrioTim",
    "Modality": "MR",
    "PhaseEncodingDirection": "i-",
    "PhaseEncodingLines": 256,
    "ProcedureStepDescription": "Brain_Research_3T_MRP",
    "ProtocolName": "T1_mprage",
    "RepetitionTime": 1.75,
    "ScanningSequence": "GR_IR",
    "SequenceName": "_tfl3d1_ns",
    "SequenceVariant": "SP_MP",
    "SeriesDescription": "T1_mprage",
    "SoftwareVersions": "syngo_MR_B17",
    "dataset": "<unset>",
    "modality": "T1w",
    "session_id": "preop",
    "subject_id": "CON11"
  },
  "cjv": 0.5088575422371613,
  "cnr": 2.648596830011313,
  "efc": 0.5868970082566969,
  "fber": 6116.833989208487,
  "fwhm_avg": 3.685827054606593,
  "fwhm_x": 3.9051311638197794,
  "fwhm_y": 3.73314,
  "fwhm_z": 3.41921,
  "icvs_csf": 0.22853050084215468,
  "icvs_gm": 0.4033183973332905,
  "icvs_wm": 0.36815110182455485,
  "inu_med": 1.283599853515625,
  "inu_range": 0.43030729293823233,
  "provenance": {
    "md5sum": "4c09b313e36da222eeb78be6a176b405",
    "settings": {
      "testing": false
    },
    "software": "mriqc",
    "version": "21.0.0rc2",
    "warnings": {
      "large_rot_frame": true,
      "small_air_mask": false
    },
    "webapi_port": null,
    "webapi_url": "https://mriqc.nimh.nih.gov/api/v1"
  },
  "qi_1": 0.0,
  "qi_2": 0.01845756635616257,
  "rpve_csf": 23.766724628950108,
  "rpve_gm": 13.222997763779366,
  "rpve_wm": 16.746944629098174,
  "size_x": 160,
  "size_y": 256,
  "size_z": 256,
  "snr_csf": 4.107414924971441,
  "snr_gm": 13.50947855250582,
  "snr_total": 12.20571834901643,
  "snr_wm": 19.000261569572025,
  "snrd_csf": 38.2536237378258,
  "snrd_gm": 78.15731605331771,
  "snrd_total": 71.7714574335364,
  "snrd_wm": 98.90343250946567,
  "spacing_x": 0.9999997019767761,
  "spacing_y": 1.0,
  "spacing_z": 1.0,
  "summary_bg_k": 10.401827696128114,
  "summary_bg_mad": 6.624000600408481,
  "summary_bg_mean": 8.694593788715096,
  "summary_bg_median": 4.467820510268211,
  "summary_bg_n": 3197233.0,
  "summary_bg_p05": 0.0,
  "summary_bg_p95": 26.580704301595688,
  "summary_bg_stdv": 8.98896193007952,
  "summary_csf_k": 1.2999973121283448,
  "summary_csf_mad": 84.015805083662,
  "summary_csf_mean": 402.70276170380777,
  "summary_csf_median": 386.77752493321896,
  "summary_csf_n": 37527.0,
  "summary_csf_p05": 277.3441997766495,
  "summary_csf_p95": 580.7261788308617,
  "summary_csf_stdv": 94.16442668701261,
  "summary_gm_k": 0.24367479234244938,
  "summary_gm_mad": 56.429777266770984,
  "summary_gm_mean": 790.4531522517677,
  "summary_gm_median": 790.2386834174395,
  "summary_gm_n": 12110.0,
  "summary_gm_p05": 694.0080506421625,
  "summary_gm_p95": 888.2790662728249,
  "summary_gm_stdv": 58.492713256583905,
  "summary_wm_k": 0.42283769716607855,
  "summary_wm_mad": 50.30886531955808,
  "summary_wm_mean": 1000.6596920829671,
  "summary_wm_median": 1000.0000286400318,
  "summary_wm_n": 174406.0,
  "summary_wm_p05": 915.3376577049494,
  "summary_wm_p95": 1088.3808704428375,
  "summary_wm_stdv": 52.63070500900051,
  "tpm_overlap_csf": 0.17071963846683502,
  "tpm_overlap_gm": 0.4278980493545532,
  "tpm_overlap_wm": 0.4861864149570465,
  "wm2max": 0.44869062119366626
}