{
  "bids_meta": {
    "AccelFactPE": 2,
    "AcquisitionNumber": 1,
    "AcquisitionTime": "13:43:12.287500",
    "BodyPartExamined": "HEAD",
    "ConversionSoftware": "dcm2niix",
    "ConversionSoftwareVersion": "v1.0.20170724 GCC4.8.5",
    "DeviceSerialNumber": "35353",
    "EchoTime": 0.00418,
    "FlipAngle": 9,
    "ImageType": [
      "ORIGINAL",
      "PRIMARY",
      "M",
      "ND",
      "NORM"
    ],
    "InstitutionAddress": "De_Pintelaan_185_Gent_88C96F_District_BE_9000",
    "InstitutionName": "UZ",
    "InversionTime": 0.9,
    "MagneticFieldStrength": 3,
    "Manufacturer": "Siemens",
    "ManufacturersModelName": "TrioTim",
    "Modality": "MR",
    "PhaseEncodingDirection": "i-",
    "PhaseEncodingLines": 256,
    "ProcedureStepDescription": "MR_hersenen_(structuur_alleen)",
    "ProtocolName": "T1_mprage",
    "RepetitionTime": 1.7,
    "ScanningSequence": "GR_IR",
    "SequenceName": "_tfl3d1_ns",
    "SequenceVariant": "SP_MP",
    "SeriesDescription": "T1_mprage",
    "SoftwareVersions": "syngo_MR_B17",
    "dataset": "<unset>",
    "modality": "T1w",
    "session_id": "preop",
    "subject_id": "PAT07"
  },
  "cjv": 0.75564400240535,
  "cnr": 1.749760321494167,
  "efc": 0.6490562573842269,
  "fber": 4189.119058397466,
  "fwhm_avg": 3.5384212729684634,
  "fwhm_x": 3.680043818905389,
  "fwhm_y": 3.68661,
  "fwhm_z": 3.24861,
  "icvs_csf": 0.2184840794727446,
  "icvs_gm": 0.39551466322973516,
  "icvs_wm": 0.3860012572975203,
  "inu_med": 1.3817092180252075,
  "inu_range": 0.5358409881591797,
  "provenance": {
    "md5sum": "fa4e189136841283b9c2aa8a06954105",
    "settings": {
      "testing": false
    },
    "software": "mriqc",
    "version": "21.0.0rc2",
    "warnings": {
      "large_rot_frame": true,
      "small_air_mask": false
    },
    "webapi_port": null,
    "webapi_url": "https://mriqc.nimh.nih.gov/api/v1"
  },
  "qi_1": 4.629715365099354e-06,
  "qi_2": 0.022824615275614312,
  "rpve_csf": 22.21695598257488,
  "rpve_gm": 12.034825911252165,
  "rpve_wm": 14.536184909670563,
  "size_x": 160,
  "size_y": 256,
  "size_z": 256,
  "snr_csf": 3.2090840206775066,
  "snr_gm": 11.650309001059576,
  "snr_total": 11.105087096205539,
  "snr_wm": 18.455868266879538,
  "snrd_csf": 41.66860519012507,
  "snrd_gm": 97.82532423358559,
  "snrd_total": 85.26143748514913,
  "snrd_wm": 116.2903830317367,
  "spacing_x": 0.9999962449073792,
  "spacing_y": 1.0,
  "spacing_z": 1.0,
  "summary_bg_k": 819.4281257225782,
  "summary_bg_mad": 5.634080475958731,
  "summary_bg_mean": 8.896570972926114,
  "summary_bg_median": 7.600259065628052,
  "summary_bg_n": 2383257.0,
  "summary_bg_p05": 0.0,
  "summary_bg_p95": 23.285900115966797,
  "summary_bg_stdv": 9.266777484788276,
  "summary_csf_k": 1.5664052545274636,
  "summary_csf_mad": 84.03171092866108,
  "summary_csf_mean": 389.96438774653046,
  "summary_csf_median": 358.34412956237793,
  "summary_csf_n": 33919.0,
  "summary_csf_p05": 263.8260141611099,
  "summary_csf_p95": 618.1274527311325,
  "summary_csf_stdv": 111.66390311486921,
  "summary_gm_k": 0.18640019670367103,
  "summary_gm_mad": 69.52695055438434,
  "summary_gm_mean": 844.7384073636865,
  "summary_gm_median": 841.2839955091476,
  "summary_gm_n": 11931.0,
  "summary_gm_p05": 732.4547539949417,
  "summary_gm_p95": 972.8735873103142,
  "summary_gm_stdv": 72.20827691958715,
  "summary_wm_k": 0.6139187534765242,
  "summary_wm_mad": 50.46697617826864,
  "summary_wm_mean": 1002.0027644903934,
  "summary_wm_median": 1000.0808976888657,
  "summary_wm_n": 216121.0,
  "summary_wm_p05": 916.3163403272629,
  "summary_wm_p95": 1095.0032821893692,
  "summary_wm_stdv": 54.18756622656071,
  "tpm_overlap_csf": 0.1752995103597641,
  "tpm_overlap_gm": 0.4199073612689972,
  "tpm_overlap_wm": 0.4839456081390381,
  "wm2max": 0.430134516928315
}