{
  "bids_meta": {
    "AccelFactPE": 2,
    "AcquisitionNumber": 1,
    "AcquisitionTime": "13:43:57.387500",
    "BodyPartExamined": "HEAD",
    "ConversionSoftware": "dcm2niix",
    "ConversionSoftwareVersion": "v1.0.20170724 GCC4.8.5",
    "DeviceSerialNumber": "35353",
    "EchoTime": 0.00418,
    "FlipAngle": 9,
    "ImageType": [
      "ORIGINAL",
      "PRIMARY",
      "M",
      "ND",
      "NORM"
    ],
    "InstitutionAddress": "De_Pintelaan_185_Gent_88C96F_District_BE_9000",
    "InstitutionName": "UZ",
    "InversionTime": 0.9,
    "MagneticFieldStrength": 3,
    "Manufacturer": "Siemens",
    "ManufacturersModelName": "TrioTim",
    "Modality": "MR",
    "PhaseEncodingDirection": "i-",
    "PhaseEncodingLines": 256,
    "ProcedureStepDescription": "Brain_Research_3T_MRP",
    "ProtocolName": "T1_mprage",
    "RepetitionTime": 1.59,
    "ScanningSequence": "GR_IR",
    "SequenceName": "_tfl3d1_ns",
    "SequenceVariant": "SP_MP",
    "SeriesDescription": "T1_mprage",
    "SoftwareVersions": "syngo_MR_B17",
    "dataset": "<unset>",
    "modality": "T1w",
    "session_id": "preop",
    "subject_id": "CON01"
  },
  "cjv": 0.4364417049362729,
  "cnr": 2.9586477147232646,
  "efc": 0.6402021161035721,
  "fber": 6535.9401040582725,
  "fwhm_avg": 3.4366096026326645,
  "fwhm_x": 3.333358807897994,
  "fwhm_y": 3.71258,
  "fwhm_z": 3.26389,
  "icvs_csf": 0.17036559755783084,
  "icvs_gm": 0.41041951804620386,
  "icvs_wm": 0.4192148843959653,
  "inu_med": 1.2522701025009155,
  "inu_range": 0.41993051767349243,
  "provenance": {
    "md5sum": "a0eb59fda403f9808b0da4cc62e4a9b8",
    "settings": {
      "testing": false
    },
    "software": "mriqc",
    "version": "21.0.0rc2",
    "warnings": {
      "large_rot_frame": true,
      "small_air_mask": false
    },
    "webapi_port": null,
    "webapi_url": "https://mriqc.nimh.nih.gov/api/v1"
  },
  "qi_1": 0.0,
  "qi_2": 0.023136576696157173,
  "rpve_csf": 24.28441135218797,
  "rpve_gm": 10.863959970605169,
  "rpve_wm": 12.581197501035854,
  "size_x": 144,
  "size_y": 256,
  "size_z": 256,
  "snr_csf": 1.7018898731575347,
  "snr_gm": 11.79225804126907,
  "snr_total": 12.334321452550908,
  "snr_wm": 23.50881644322612,
  "snrd_csf": 40.11951242309685,
  "snrd_gm": 78.17307942031546,
  "snrd_total": 73.34488844354071,
  "snrd_wm": 101.74207348720985,
  "spacing_x": 1.0000003576278687,
  "spacing_y": 1.0,
  "spacing_z": 1.0,
  "summary_bg_k": 7.418393988197083,
  "summary_bg_mad": 6.439188542792115,
  "summary_bg_mean": 9.483093185279186,
  "summary_bg_median": 8.68633334338665,
  "summary_bg_n": 2287768.0,
  "summary_bg_p05": 0.0,
  "summary_bg_p95": 26.115404792129993,
  "summary_bg_stdv": 8.710474660637646,
  "summary_csf_k": 12.347556783813825,
  "summary_csf_mad": 119.50130425519393,
  "summary_csf_mean": 460.904428140965,
  "summary_csf_median": 394.3256909325719,
  "summary_csf_n": 20502.0,
  "summary_csf_p05": 266.0669026888907,
  "summary_csf_p95": 905.2936093810946,
  "summary_csf_stdv": 231.6930609159603,
  "summary_gm_k": 0.2735456400417249,
  "summary_gm_mad": 61.799484845758094,
  "summary_gm_mean": 773.4352125493244,
  "summary_gm_median": 768.3456675559282,
  "summary_gm_n": 20276.0,
  "summary_gm_p05": 674.3189293518662,
  "summary_gm_p95": 889.8133224584162,
  "summary_gm_stdv": 65.155182108692,
  "summary_wm_k": 0.7813507662950014,
  "summary_wm_mad": 39.30413785860122,
  "summary_wm_mean": 999.5415146026091,
  "summary_wm_median": 1000.0000249668956,
  "summary_wm_n": 256581.0,
  "summary_wm_p05": 928.8736201226711,
  "summary_wm_p95": 1067.6293345689774,
  "summary_wm_stdv": 42.53715105894796,
  "tpm_overlap_csf": 0.17982815206050873,
  "tpm_overlap_gm": 0.4447094798088074,
  "tpm_overlap_wm": 0.5091153979301453,
  "wm2max": 0.5442350196463654
}