{
	"Modality": "MR",
	"Manufacturer": "Siemens",
	"ManufacturersModelName": "TrioTim",
	"AcquisitionNumber": 1,
	"InstitutionName": "UZ_Gent",
	"InstitutionAddress": "De_Pintelaan_185_Gent_ACCD6F_District_BE_9000",
	"DeviceSerialNumber": "35353",
	"SoftwareVersions": "syngo_MR_B17",
	"ProcedureStepDescription": "MR_hersenen_(stereotaxie_neuronavigatie)",
	"ScanningSequence": "EP",
	"SequenceVariant": "SK_SP",
	"SeriesDescription": "PA_2averages_MDDW_6dir",
	"BodyPartExamined": "HEAD",
	"ProtocolName": "PA_2averages_MDDW_6dir",
	"SequenceName": "_ep_b0",
	"ImageType": ["ORIGINAL", "PRIMARY", "DIFFUSION", "NONE", "ND"],
	"AcquisitionTime": "11:31:41.612500",
	"MagneticFieldStrength": 3,
	"FlipAngle": 90,
	"EchoTime": 0.11,
	"RepetitionTime": 8.7,
	"PhaseEncodingLines": 96,
	"BandwidthPerPixelPhaseEncode": 27.412,
	"EffectiveEchoSpacing": 0.000380004,
	"TotalReadoutTime": 0.0266003,
	"AccelFactPE": 2,
	"TrueEchoSpacing": 0.000760008,
	"PhaseEncodingDirection": "j",
	"ConversionSoftware": "dcm2niix",
	"ConversionSoftwareVersion": "v1.0.20170724 GCC4.8.5"
}
