{
	"Modality": "MR",
	"Manufacturer": "Siemens",
	"ManufacturersModelName": "TrioTim",
	"AcquisitionNumber": 1,
	"InstitutionName": "UZ_Gent",
	"InstitutionAddress": "De_Pintelaan_185_Gent_ACCD6F_District_BE_9000",
	"DeviceSerialNumber": "35353",
	"SoftwareVersions": "syngo_MR_B17",
	"ProcedureStepDescription": "Brain_Research_3T_Experimentele_Psychologie",
	"ScanningSequence": "EP",
	"SequenceVariant": "SK_SP",
	"SeriesDescription": "DTI_2.5_b2800_101dir",
	"BodyPartExamined": "HEAD",
	"ProtocolName": "DTI_2.5_b2800_101dir",
	"SequenceName": "_ep_b0",
	"ImageType": ["ORIGINAL", "PRIMARY", "DIFFUSION", "NONE", "ND", "MOSAIC"],
	"AcquisitionTime": "13:18:43.785000",
	"MagneticFieldStrength": 3,
	"FlipAngle": 90,
	"EchoTime": 0.11,
	"RepetitionTime": 8.7,
	"PhaseEncodingLines": 96,
	"BandwidthPerPixelPhaseEncode": 27.412,
	"EffectiveEchoSpacing": 0.000380004,
	"TotalReadoutTime": 0.0266003,
	"AccelFactPE": 2,
	"TrueEchoSpacing": 0.000760008,
	"SliceTiming": [
		4.2225,
		8.59,
		4.0775,
		8.445,
		3.9325,
		8.2975,
		3.785,
		8.1525,
		3.64,
		8.0075,
		3.495,
		7.8625,
		3.35,
		7.7175,
		3.2025,
		7.57,
		3.0575,
		7.425,
		2.9125,
		7.28,
		2.7675,
		7.135,
		2.62,
		6.9875,
		2.475,
		6.8425,
		2.33,
		6.6975,
		2.185,
		6.5525,
		2.04,
		6.405,
		1.8925,
		6.26,
		1.7475,
		6.115,
		1.6025,
		5.97,
		1.4575,
		5.825,
		1.31,
		5.6775,
		1.165,
		5.5325,
		1.02,
		5.3875,
		0.875,
		5.2425,
		0.73,
		5.095,
		0.5825,
		4.95,
		0.4375,
		4.805,
		0.2925,
		4.66,
		0.1475,
		4.5125,
		0,
		4.3675	],
	"PhaseEncodingDirection": "j-",
	"ConversionSoftware": "dcm2niix",
	"ConversionSoftwareVersion": "v1.0.20170724 GCC4.8.5"
}
