{
  "aor": 0.001569222222222222,
  "aqi": 0.004197195833333333,
  "bids_meta": {
    "AccelFactPE": 2,
    "AcquisitionNumber": 1,
    "AcquisitionTime": "12:46:30.402500",
    "BandwidthPerPixelPhaseEncode": 65.104,
    "BodyPartExamined": "HEAD",
    "ConversionSoftware": "dcm2niix",
    "ConversionSoftwareVersion": "v1.0.20170724 GCC4.8.5",
    "DeviceSerialNumber": "35353",
    "EchoTime": 0.027,
    "EffectiveEchoSpacing": 0.000240001,
    "FlipAngle": 90,
    "ImageType": [
      "ORIGINAL",
      "PRIMARY",
      "M",
      "ND",
      "MOSAIC"
    ],
    "InstitutionAddress": "De_Pintelaan_185_Gent_88C96F_District_BE_9000",
    "InstitutionName": "UZ",
    "MagneticFieldStrength": 3,
    "Manufacturer": "Siemens",
    "ManufacturersModelName": "TrioTim",
    "Modality": "MR",
    "PhaseEncodingDirection": "j-",
    "PhaseEncodingLines": 64,
    "ProcedureStepDescription": "Brain_Research_3T_MRP",
    "ProtocolName": "RESTING_STATE_6min",
    "RepetitionTime": 2.1,
    "ScanningSequence": "EP",
    "SequenceName": "_epfid2d1_64",
    "SequenceVariant": "SK",
    "SeriesDescription": "RESTING_STATE_6min",
    "SliceTiming": [
      2.0375,
      1.9875,
      1.9375,
      1.8875,
      1.8375,
      1.79,
      1.74,
      1.69,
      1.64,
      1.59,
      1.54,
      1.49,
      1.44,
      1.3925,
      1.3425,
      1.2925,
      1.2425,
      1.1925,
      1.1425,
      1.0925,
      1.0425,
      0.9925,
      0.945,
      0.895,
      0.845,
      0.795,
      0.745,
      0.695,
      0.645,
      0.595,
      0.545,
      0.4975,
      0.4475,
      0.3975,
      0.3475,
      0.2975,
      0.2475,
      0.1975,
      0.1475,
      0.1,
      0.05,
      0
    ],
    "SoftwareVersions": "syngo_MR_B17",
    "TaskName": "rest",
    "TotalReadoutTime": 0.01464,
    "TrueEchoSpacing": 0.000480001,
    "dataset": "<unset>",
    "modality": "bold",
    "session_id": "preop",
    "subject_id": "CON02",
    "task_id": "rest"
  },
  "dummy_trs": 0,
  "dvars_nstd": 41.81666102486034,
  "dvars_std": 1.1166191873184357,
  "dvars_vstd": 0.989044475530726,
  "efc": 0.5475666683113446,
  "fber": 368.3436584472656,
  "fd_mean": 0.4264994295964061,
  "fd_num": 162,
  "fd_perc": 90.0,
  "fwhm_avg": 3.1788231469521353,
  "fwhm_x": 3.0779433333333333,
  "fwhm_y": 3.211586666666667,
  "fwhm_z": 3.2469394408564054,
  "gcor": 0.0154655,
  "gsr_x": -0.001412989222444594,
  "gsr_y": 0.07134342193603516,
  "provenance": {
    "md5sum": "cdcbba4c4b838df2045262282d770dfa",
    "settings": {
      "fd_thres": 0.2,
      "testing": false
    },
    "software": "mriqc",
    "version": "21.0.0rc2",
    "webapi_port": null,
    "webapi_url": "https://mriqc.nimh.nih.gov/api/v1"
  },
  "size_t": 180,
  "size_x": 64,
  "size_y": 64,
  "size_z": 42,
  "snr": 2.0077357784994962,
  "spacing_tr": 2.0999999046325684,
  "spacing_x": 3.0,
  "spacing_y": 3.0,
  "spacing_z": 3.299999952316284,
  "summary_bg_k": 37.7577353291717,
  "summary_bg_mad": 15.295511379401825,
  "summary_bg_mean": 58.055259704589844,
  "summary_bg_median": 31.75,
  "summary_bg_n": 96534.0,
  "summary_bg_p05": 19.322221755981445,
  "summary_bg_p95": 195.3000030517578,
  "summary_bg_stdv": 76.94163513183594,
  "summary_fg_k": 3.3254049939544066,
  "summary_fg_mad": 236.51622719206222,
  "summary_fg_mean": 685.6192016601562,
  "summary_fg_median": 612.513916015625,
  "summary_fg_n": 37404.0,
  "summary_fg_p05": 339.8461181640625,
  "summary_fg_p95": 1300.5303222656246,
  "summary_fg_stdv": 305.0728759765625,
  "tsnr": 42.39449157845229
}