{
  "aor": 0.0008008888888888887,
  "aqi": 0.014501102444444445,
  "bids_meta": {
    "AccelFactPE": 2,
    "AcquisitionNumber": 1,
    "AcquisitionTime": "13:43:0.252500",
    "BandwidthPerPixelPhaseEncode": 65.104,
    "BodyPartExamined": "HEAD",
    "ConversionSoftware": "dcm2niix",
    "ConversionSoftwareVersion": "v1.0.20170724 GCC4.8.5",
    "DeviceSerialNumber": "35353",
    "EchoTime": 0.027,
    "EffectiveEchoSpacing": 0.000240001,
    "FlipAngle": 90,
    "ImageType": [
      "ORIGINAL",
      "PRIMARY",
      "M",
      "ND",
      "MOSAIC"
    ],
    "InstitutionAddress": "De_Pintelaan_185_Gent_88C96F_District_BE_9000",
    "InstitutionName": "UZ",
    "MagneticFieldStrength": 3,
    "Manufacturer": "Siemens",
    "ManufacturersModelName": "TrioTim",
    "Modality": "MR",
    "PhaseEncodingDirection": "j-",
    "PhaseEncodingLines": 64,
    "ProcedureStepDescription": "Brain_Research_3T_MRP",
    "ProtocolName": "RESTING_STATE_6min",
    "RepetitionTime": 2.1,
    "ScanningSequence": "EP",
    "SequenceName": "_epfid2d1_64",
    "SequenceVariant": "SK",
    "SeriesDescription": "RESTING_STATE_6min",
    "SliceTiming": [
      2.0375,
      1.9875,
      1.9375,
      1.8875,
      1.8375,
      1.79,
      1.74,
      1.69,
      1.64,
      1.59,
      1.54,
      1.49,
      1.44,
      1.3925,
      1.3425,
      1.2925,
      1.2425,
      1.1925,
      1.1425,
      1.0925,
      1.0425,
      0.9925,
      0.945,
      0.895,
      0.845,
      0.795,
      0.745,
      0.695,
      0.645,
      0.595,
      0.5475,
      0.4975,
      0.4475,
      0.3975,
      0.3475,
      0.2975,
      0.2475,
      0.1975,
      0.1475,
      0.1,
      0.05,
      0
    ],
    "SoftwareVersions": "syngo_MR_B17",
    "TaskName": "rest",
    "TotalReadoutTime": 0.01464,
    "TrueEchoSpacing": 0.000480001,
    "dataset": "<unset>",
    "modality": "bold",
    "session_id": "preop",
    "subject_id": "PAT03",
    "task_id": "rest"
  },
  "dummy_trs": 0,
  "dvars_nstd": 86.66919015597763,
  "dvars_std": 1.1572536750837992,
  "dvars_vstd": 0.9616088789944136,
  "efc": 0.5437554940152864,
  "fber": 321.0034484863281,
  "fd_mean": 1.0927389708019641,
  "fd_num": 179,
  "fd_perc": 99.44444444444444,
  "fwhm_avg": 2.897327868259224,
  "fwhm_x": 2.855423333333333,
  "fwhm_y": 2.8775602286879405,
  "fwhm_z": 2.959000042756399,
  "gcor": 0.0120071,
  "gsr_x": 0.020000625401735306,
  "gsr_y": 0.06881479173898697,
  "provenance": {
    "md5sum": "2536c345f20f00cf943a161a1b39fb25",
    "settings": {
      "fd_thres": 0.2,
      "testing": false
    },
    "software": "mriqc",
    "version": "21.0.0rc2",
    "webapi_port": null,
    "webapi_url": "https://mriqc.nimh.nih.gov/api/v1"
  },
  "size_t": 180,
  "size_x": 64,
  "size_y": 64,
  "size_z": 42,
  "snr": 2.324946077174511,
  "spacing_tr": 2.0999999046325684,
  "spacing_x": 3.0,
  "spacing_y": 2.999999761581421,
  "spacing_z": 3.299999952316284,
  "summary_bg_k": 57.434464797574456,
  "summary_bg_mad": 18.6396066948018,
  "summary_bg_mean": 50.500301361083984,
  "summary_bg_median": 31.166667938232422,
  "summary_bg_n": 100724.0,
  "summary_bg_p05": 15.75,
  "summary_bg_p95": 135.3450050354001,
  "summary_bg_stdv": 68.18789672851562,
  "summary_fg_k": 3.8416447507039013,
  "summary_fg_mad": 196.81544450661866,
  "summary_fg_mean": 614.3980102539062,
  "summary_fg_median": 564.90283203125,
  "summary_fg_n": 34456.0,
  "summary_fg_p05": 327.00555419921875,
  "summary_fg_p95": 1080.3305358886719,
  "summary_fg_stdv": 242.9710693359375,
  "tsnr": 25.497136031277478
}