{
  "bids_meta": {
    "AccelFactPE": 2,
    "AcquisitionNumber": 1,
    "AcquisitionTime": "13:37:7.282500",
    "BodyPartExamined": "HEAD",
    "ConversionSoftware": "dcm2niix",
    "ConversionSoftwareVersion": "v1.0.20170724 GCC4.8.5",
    "DeviceSerialNumber": "35353",
    "EchoTime": 0.00418,
    "FlipAngle": 9,
    "ImageType": [
      "ORIGINAL",
      "PRIMARY",
      "M",
      "ND",
      "NORM"
    ],
    "InstitutionAddress": "De_Pintelaan_185_Gent_88C96F_District_BE_9000",
    "InstitutionName": "UZ",
    "InversionTime": 0.9,
    "MagneticFieldStrength": 3,
    "Manufacturer": "Siemens",
    "ManufacturersModelName": "TrioTim",
    "Modality": "MR",
    "PhaseEncodingDirection": "i-",
    "PhaseEncodingLines": 256,
    "ProcedureStepDescription": "Brain_Research_3T_MRP",
    "ProtocolName": "T1_mprage",
    "RepetitionTime": 1.7,
    "ScanningSequence": "GR_IR",
    "SequenceName": "_tfl3d1_ns",
    "SequenceVariant": "SP_MP",
    "SeriesDescription": "T1_mprage",
    "SoftwareVersions": "syngo_MR_B17",
    "dataset": "<unset>",
    "modality": "T1w",
    "session_id": "preop",
    "subject_id": "PAT03"
  },
  "cjv": 0.4777273815184717,
  "cnr": 2.709070715574118,
  "efc": 0.6224097040261949,
  "fber": 2694.3224000384466,
  "fwhm_avg": 3.5898150414496115,
  "fwhm_x": 3.718175124348835,
  "fwhm_y": 3.69043,
  "fwhm_z": 3.36084,
  "icvs_csf": 0.17250195553373174,
  "icvs_gm": 0.41638205137598316,
  "icvs_wm": 0.4111159930902851,
  "inu_med": 1.403881311416626,
  "inu_range": 0.4921069622039793,
  "provenance": {
    "md5sum": "27d15e0eaa1e9372a717d310b84acf95",
    "settings": {
      "testing": false
    },
    "software": "mriqc",
    "version": "21.0.0rc2",
    "warnings": {
      "large_rot_frame": true,
      "small_air_mask": false
    },
    "webapi_port": null,
    "webapi_url": "https://mriqc.nimh.nih.gov/api/v1"
  },
  "qi_1": 1.7704197406119177e-05,
  "qi_2": 0.005291061367214172,
  "rpve_csf": 31.120776623686723,
  "rpve_gm": 13.434700838726258,
  "rpve_wm": 15.750018537434268,
  "size_x": 160,
  "size_y": 256,
  "size_z": 256,
  "snr_csf": 3.485846969737312,
  "snr_gm": 14.801484156714867,
  "snr_total": 12.133253618491826,
  "snr_wm": 18.112429729023297,
  "snrd_csf": 49.249085511584845,
  "snrd_gm": 95.28826787064553,
  "snrd_total": 88.44603275245119,
  "snrd_wm": 120.80074487512319,
  "spacing_x": 1.000001311302185,
  "spacing_y": 1.0,
  "spacing_z": 1.0,
  "summary_bg_k": 21.03150581376533,
  "summary_bg_mad": 5.423280674458599,
  "summary_bg_mean": 11.617831126213597,
  "summary_bg_median": 7.039822965860367,
  "summary_bg_n": 2108582.0,
  "summary_bg_p05": 0.0,
  "summary_bg_p95": 35.75125780701637,
  "summary_bg_stdv": 13.75759815311744,
  "summary_csf_k": 0.5155352373197641,
  "summary_csf_mad": 106.41909247994232,
  "summary_csf_mean": 432.9844687077513,
  "summary_csf_median": 407.6885711699724,
  "summary_csf_n": 20118.0,
  "summary_csf_p05": 282.8248876534402,
  "summary_csf_p95": 656.9914782889185,
  "summary_csf_stdv": 116.95247730334353,
  "summary_gm_k": 0.3184512924941125,
  "summary_gm_mad": 51.7769815335104,
  "summary_gm_mean": 789.0168149986658,
  "summary_gm_median": 788.8052615374327,
  "summary_gm_n": 64741.0,
  "summary_gm_p05": 701.9117604196072,
  "summary_gm_p95": 876.319923505187,
  "summary_gm_stdv": 53.29189702567589,
  "summary_wm_k": 1.3349392867611938,
  "summary_wm_mad": 49.11650422151184,
  "summary_wm_mean": 1004.324439790968,
  "summary_wm_median": 999.9999505132437,
  "summary_wm_n": 207731.0,
  "summary_wm_p05": 922.1477906554937,
  "summary_wm_p95": 1102.2154192626476,
  "summary_wm_stdv": 55.21056857154142,
  "tpm_overlap_csf": 0.13374878466129303,
  "tpm_overlap_gm": 0.3923380672931671,
  "tpm_overlap_wm": 0.4387720227241516,
  "wm2max": 0.4762652886080018
}