{
	"Modality": "MR",
	"Manufacturer": "Siemens",
	"ManufacturersModelName": "TrioTim",
	"AcquisitionNumber": 1,
	"InstitutionName": "UZ",
	"InstitutionAddress": "De_Pintelaan_185_Gent_88C96F_District_BE_9000",
	"DeviceSerialNumber": "35353",
	"SoftwareVersions": "syngo_MR_B17",
	"ProcedureStepDescription": "Brain_Research_3T_MRP",
	"ScanningSequence": "EP",
	"SequenceVariant": "SK",
	"SeriesDescription": "RESTING_STATE",
	"BodyPartExamined": "HEAD",
	"ProtocolName": "RESTING_STATE",
	"SequenceName": "_epfid2d1_64",
	"ImageType": ["ORIGINAL", "PRIMARY", "M", "ND", "MOSAIC"],
	"AcquisitionTime": "17:30:39.690000",
	"MagneticFieldStrength": 3,
	"FlipAngle": 90,
	"EchoTime": 0.027,
	"RepetitionTime": 2.1,
	"PhaseEncodingLines": 64,
	"BandwidthPerPixelPhaseEncode": 65.104,
	"EffectiveEchoSpacing": 0.000240001,
	"TotalReadoutTime": 0.01464,
	"AccelFactPE": 2,
	"TrueEchoSpacing": 0.000480001,
	"SliceTiming": [
		2.0375,
		1.9875,
		1.9375,
		1.8875,
		1.8375,
		1.7875,
		1.74,
		1.69,
		1.64,
		1.59,
		1.54,
		1.49,
		1.44,
		1.39,
		1.3425,
		1.2925,
		1.2425,
		1.1925,
		1.1425,
		1.0925,
		1.0425,
		0.9925,
		0.9425,
		0.895,
		0.845,
		0.795,
		0.745,
		0.695,
		0.645,
		0.595,
		0.545,
		0.4975,
		0.4475,
		0.3975,
		0.3475,
		0.2975,
		0.2475,
		0.1975,
		0.1475,
		0.0975,
		0.05,
		0	],
	"PhaseEncodingDirection": "j-",
	"ConversionSoftware": "dcm2niix",
	"ConversionSoftwareVersion": "v1.0.20170724 GCC4.8.5",
	"TaskName": "rest"
}
