{
  "bids_meta": {
    "AccelFactPE": 2,
    "AcquisitionNumber": 1,
    "AcquisitionTime": "13:22:16.197500",
    "BodyPartExamined": "HEAD",
    "ConversionSoftware": "dcm2niix",
    "ConversionSoftwareVersion": "v1.0.20170724 GCC4.8.5",
    "DeviceSerialNumber": "35353",
    "EchoTime": 0.00418,
    "FlipAngle": 9,
    "ImageType": [
      "ORIGINAL",
      "PRIMARY",
      "M",
      "ND",
      "NORM"
    ],
    "InstitutionAddress": "De_Pintelaan_185_Gent_ACCD6F_District_BE_9000",
    "InstitutionName": "UZ_Gent",
    "InversionTime": 0.9,
    "MagneticFieldStrength": 3,
    "Manufacturer": "Siemens",
    "ManufacturersModelName": "TrioTim",
    "Modality": "MR",
    "PhaseEncodingDirection": "i-",
    "PhaseEncodingLines": 256,
    "ProcedureStepDescription": "Brain_Research_3T_MRP",
    "ProtocolName": "T1_mprage",
    "RepetitionTime": 1.75,
    "ScanningSequence": "GR_IR",
    "SequenceName": "_tfl3d1_ns",
    "SequenceVariant": "SP_MP",
    "SeriesDescription": "T1_mprage",
    "SoftwareVersions": "syngo_MR_B17",
    "dataset": "<unset>",
    "modality": "T1w",
    "session_id": "preop",
    "subject_id": "PAT23"
  },
  "cjv": 0.6656081063650615,
  "cnr": 2.0113015766580853,
  "efc": 0.6233958112330643,
  "fber": 3288.490408119885,
  "fwhm_avg": 3.5025779233263745,
  "fwhm_x": 3.7205737699791244,
  "fwhm_y": 3.59632,
  "fwhm_z": 3.19084,
  "icvs_csf": 0.20558423002157486,
  "icvs_gm": 0.4112999651058049,
  "icvs_wm": 0.3831158048726202,
  "inu_med": 1.311681866645813,
  "inu_range": 0.5911530494689943,
  "provenance": {
    "md5sum": "24ce4981680883df2267bdb3f3ff6c5d",
    "settings": {
      "testing": false
    },
    "software": "mriqc",
    "version": "21.0.0rc2",
    "warnings": {
      "large_rot_frame": true,
      "small_air_mask": false
    },
    "webapi_port": null,
    "webapi_url": "https://mriqc.nimh.nih.gov/api/v1"
  },
  "qi_1": 1.2538771673266837e-05,
  "qi_2": 0.009057532001955904,
  "rpve_csf": 22.948554124728094,
  "rpve_gm": 11.287104756005608,
  "rpve_wm": 13.776970475376688,
  "size_x": 160,
  "size_y": 256,
  "size_z": 256,
  "snr_csf": 3.624186321880782,
  "snr_gm": 15.778691839450422,
  "snr_total": 11.585014693650917,
  "snr_wm": 15.352165919621545,
  "snrd_csf": 38.96046406621951,
  "snrd_gm": 80.3478842782496,
  "snrd_total": 72.03368997481452,
  "snrd_wm": 96.79272157997444,
  "spacing_x": 0.9999989867210388,
  "spacing_y": 1.0,
  "spacing_z": 1.0,
  "summary_bg_k": 89.43997322043153,
  "summary_bg_mad": 6.768921864243976,
  "summary_bg_mean": 9.456010916685054,
  "summary_bg_median": 4.565568417310715,
  "summary_bg_n": 2578177.0,
  "summary_bg_p05": 0.0,
  "summary_bg_p95": 27.39341050386429,
  "summary_bg_stdv": 11.177433577240386,
  "summary_csf_k": 0.7675429126350335,
  "summary_csf_mad": 98.3055729207125,
  "summary_csf_mean": 425.4425856337106,
  "summary_csf_median": 402.5426553785801,
  "summary_csf_n": 37539.0,
  "summary_csf_p05": 283.7606130629778,
  "summary_csf_p95": 644.0331288486718,
  "summary_csf_stdv": 111.06970170195198,
  "summary_gm_k": 0.18767578177675537,
  "summary_gm_mad": 52.172766984403566,
  "summary_gm_mean": 828.6503113174019,
  "summary_gm_median": 830.1608172953129,
  "summary_gm_n": 36753.0,
  "summary_gm_p05": 739.7344668269158,
  "summary_gm_p95": 911.3576956093311,
  "summary_gm_stdv": 52.6120626400641,
  "summary_wm_k": 0.5413718912903085,
  "summary_wm_mad": 60.92029677819578,
  "summary_wm_mean": 1005.0104277408592,
  "summary_wm_median": 1000.0702019333839,
  "summary_wm_n": 209798.0,
  "summary_wm_p05": 906.8623667061329,
  "summary_wm_p95": 1122.2167169749737,
  "summary_wm_stdv": 65.14180629328771,
  "tpm_overlap_csf": 0.14497174322605133,
  "tpm_overlap_gm": 0.3910885453224182,
  "tpm_overlap_wm": 0.41191408038139343,
  "wm2max": 0.4542641100086144
}