{
  "aor": 0.0005317777777777778,
  "aqi": 0.002350625,
  "bids_meta": {
    "AccelFactPE": 2,
    "AcquisitionNumber": 1,
    "AcquisitionTime": "14:41:4.095000",
    "BandwidthPerPixelPhaseEncode": 65.104,
    "BodyPartExamined": "HEAD",
    "ConversionSoftware": "dcm2niix",
    "ConversionSoftwareVersion": "v1.0.20170724 GCC4.8.5",
    "DeviceSerialNumber": "35353",
    "EchoTime": 0.027,
    "EffectiveEchoSpacing": 0.000240001,
    "FlipAngle": 90,
    "ImageType": [
      "ORIGINAL",
      "PRIMARY",
      "M",
      "ND",
      "MOSAIC"
    ],
    "InstitutionAddress": "De_Pintelaan_185_Gent_88C96F_District_BE_9000",
    "InstitutionName": "UZ",
    "MagneticFieldStrength": 3,
    "Manufacturer": "Siemens",
    "ManufacturersModelName": "TrioTim",
    "Modality": "MR",
    "PhaseEncodingDirection": "j-",
    "PhaseEncodingLines": 64,
    "ProcedureStepDescription": "Brain_Research_3T_MRP",
    "ProtocolName": "fMRI_Resting_State",
    "RepetitionTime": 2.4,
    "ScanningSequence": "EP",
    "SequenceName": "_epfid2d1_64",
    "SequenceVariant": "SK",
    "SeriesDescription": "fMRI_Resting_State",
    "SliceTiming": [
      2.33,
      2.275,
      2.2175,
      2.16,
      2.1025,
      2.0475,
      1.99,
      1.9325,
      1.875,
      1.82,
      1.7625,
      1.705,
      1.6475,
      1.5925,
      1.535,
      1.4775,
      1.42,
      1.365,
      1.3075,
      1.25,
      1.1925,
      1.1375,
      1.08,
      1.0225,
      0.965,
      0.91,
      0.8525,
      0.795,
      0.7375,
      0.6825,
      0.625,
      0.5675,
      0.51,
      0.455,
      0.3975,
      0.34,
      0.2825,
      0.2275,
      0.17,
      0.1125,
      0.055,
      0
    ],
    "SoftwareVersions": "syngo_MR_B17",
    "TaskName": "rest",
    "TotalReadoutTime": 0.01464,
    "TrueEchoSpacing": 0.000480001,
    "dataset": "<unset>",
    "modality": "bold",
    "session_id": "preop",
    "subject_id": "PAT13",
    "task_id": "rest"
  },
  "dummy_trs": 0,
  "dvars_nstd": 27.659262449441353,
  "dvars_std": 1.0909591341340785,
  "dvars_vstd": 0.9946180142458098,
  "efc": 0.5245620792584766,
  "fber": 575.8319702148438,
  "fd_mean": 0.13364090979597207,
  "fd_num": 17,
  "fd_perc": 9.444444444444445,
  "fwhm_avg": 3.0741066666666668,
  "fwhm_x": 3.0294233333333334,
  "fwhm_y": 3.08657,
  "fwhm_z": 3.1063266666666665,
  "gcor": 0.0254483,
  "gsr_x": -0.008367923088371754,
  "gsr_y": 0.06311378628015518,
  "provenance": {
    "md5sum": "4b51c71d716729f4a3955245596b1710",
    "settings": {
      "fd_thres": 0.2,
      "testing": false
    },
    "software": "mriqc",
    "version": "21.0.0rc2",
    "webapi_port": null,
    "webapi_url": "https://mriqc.nimh.nih.gov/api/v1"
  },
  "size_t": 180,
  "size_x": 64,
  "size_y": 64,
  "size_z": 42,
  "snr": 2.406685424650398,
  "spacing_tr": 2.4000000953674316,
  "spacing_x": 3.0,
  "spacing_y": 3.0,
  "spacing_z": 3.0,
  "summary_bg_k": 82.61812491921214,
  "summary_bg_mad": 10.21347975027468,
  "summary_bg_mean": 52.23115158081055,
  "summary_bg_median": 28.516666412353516,
  "summary_bg_n": 102988.0,
  "summary_bg_p05": 20.55000114440918,
  "summary_bg_p95": 158.11833496093743,
  "summary_bg_stdv": 76.6376724243164,
  "summary_fg_k": 2.5078236461659404,
  "summary_fg_mad": 231.91187135209626,
  "summary_fg_mean": 748.6923217773438,
  "summary_fg_median": 686.5555419921875,
  "summary_fg_n": 33947.0,
  "summary_fg_p05": 412.6850158691406,
  "summary_fg_p95": 1321.9067504882812,
  "summary_fg_stdv": 285.2659606933594,
  "tsnr": 59.09492944995873
}