{
  "bids_meta": {
    "AccelFactPE": 2,
    "AcquisitionNumber": 1,
    "AcquisitionTime": "11:22:38.192500",
    "BodyPartExamined": "HEAD",
    "ConversionSoftware": "dcm2niix",
    "ConversionSoftwareVersion": "v1.0.20170724 GCC4.8.5",
    "DeviceSerialNumber": "35353",
    "EchoTime": 0.00418,
    "FlipAngle": 9,
    "ImageType": [
      "ORIGINAL",
      "PRIMARY",
      "M",
      "ND",
      "NORM"
    ],
    "InstitutionAddress": "De_Pintelaan_185_Gent_88C96F_District_BE_9000",
    "InstitutionName": "UZ",
    "InversionTime": 0.9,
    "MagneticFieldStrength": 3,
    "Manufacturer": "Siemens",
    "ManufacturersModelName": "TrioTim",
    "Modality": "MR",
    "PhaseEncodingDirection": "i-",
    "PhaseEncodingLines": 256,
    "ProcedureStepDescription": "MR_hersenen_(stereotaxie_neuronavigatie)",
    "ProtocolName": "T1_mprage",
    "RepetitionTime": 1.75,
    "ScanningSequence": "GR_IR",
    "SequenceName": "_tfl3d1_ns",
    "SequenceVariant": "SP_MP",
    "SeriesDescription": "T1_mprage",
    "SoftwareVersions": "syngo_MR_B17",
    "dataset": "<unset>",
    "modality": "T1w",
    "session_id": "preop",
    "subject_id": "PAT10"
  },
  "cjv": 0.5711106282829876,
  "cnr": 2.3749565985105905,
  "efc": 0.6066384209038139,
  "fber": 5072.695379591836,
  "fwhm_avg": 3.2411704769122607,
  "fwhm_x": 3.429111430736781,
  "fwhm_y": 3.33477,
  "fwhm_z": 2.95963,
  "icvs_csf": 0.21523556572315267,
  "icvs_gm": 0.3974386764103965,
  "icvs_wm": 0.3873257578664509,
  "inu_med": 1.2898573875427246,
  "inu_range": 0.3428087949752807,
  "provenance": {
    "md5sum": "d0b8ae9739083b231462309f16ac5073",
    "settings": {
      "testing": false
    },
    "software": "mriqc",
    "version": "21.0.0rc2",
    "warnings": {
      "large_rot_frame": true,
      "small_air_mask": false
    },
    "webapi_port": null,
    "webapi_url": "https://mriqc.nimh.nih.gov/api/v1"
  },
  "qi_1": 0.0,
  "qi_2": 0.017131212097126487,
  "rpve_csf": 25.638363054299923,
  "rpve_gm": 13.781419279888517,
  "rpve_wm": 16.672045938716344,
  "size_x": 160,
  "size_y": 256,
  "size_z": 256,
  "snr_csf": 3.3753919786780986,
  "snr_gm": 13.991251870624877,
  "snr_total": 12.943711946984854,
  "snr_wm": 21.46449199165158,
  "snrd_csf": 48.577146727070094,
  "snrd_gm": 104.74119595715007,
  "snrd_total": 93.63171384514153,
  "snrd_wm": 127.57679885120444,
  "spacing_x": 0.9999995827674866,
  "spacing_y": 1.0,
  "spacing_z": 1.0,
  "summary_bg_k": 149.01272233539768,
  "summary_bg_mad": 5.135231245453549,
  "summary_bg_mean": 8.237337389445159,
  "summary_bg_median": 6.868615563958883,
  "summary_bg_n": 2358545.0,
  "summary_bg_p05": 0.0,
  "summary_bg_p95": 21.07549561932683,
  "summary_bg_stdv": 8.169156166298436,
  "summary_csf_k": 1.915117605140784,
  "summary_csf_mad": 87.82115807902764,
  "summary_csf_mean": 411.4659470490399,
  "summary_csf_median": 380.7678679302335,
  "summary_csf_n": 27365.0,
  "summary_csf_p05": 278.73663844168186,
  "summary_csf_p95": 633.7794863708317,
  "summary_csf_stdv": 112.8049462303014,
  "summary_gm_k": 0.05051042336986633,
  "summary_gm_mad": 57.83662987464209,
  "summary_gm_mean": 820.885644705866,
  "summary_gm_median": 821.005031298846,
  "summary_gm_n": 13202.0,
  "summary_gm_p05": 722.9100468834862,
  "summary_gm_p95": 916.7547063827515,
  "summary_gm_stdv": 58.677661179801525,
  "summary_wm_k": 0.37049232370762164,
  "summary_wm_mad": 44.38928703697135,
  "summary_wm_mean": 1000.8877453248161,
  "summary_wm_median": 999.9999787732959,
  "summary_wm_n": 180525.0,
  "summary_wm_p05": 925.5019176565111,
  "summary_wm_p95": 1078.8422924689949,
  "summary_wm_stdv": 46.58844054911578,
  "tpm_overlap_csf": 0.16521337628364563,
  "tpm_overlap_gm": 0.42101147770881653,
  "tpm_overlap_wm": 0.4808705151081085,
  "wm2max": 0.5084284233874509
}