{
  "bids_meta": {
    "AccelFactPE": 2,
    "AcquisitionNumber": 1,
    "AcquisitionTime": "14:00:40.192500",
    "BodyPartExamined": "HEAD",
    "ConversionSoftware": "dcm2niix",
    "ConversionSoftwareVersion": "v1.0.20170724 GCC4.8.5",
    "DeviceSerialNumber": "35353",
    "EchoTime": 0.00418,
    "FlipAngle": 9,
    "ImageType": [
      "ORIGINAL",
      "PRIMARY",
      "M",
      "ND",
      "NORM"
    ],
    "InstitutionAddress": "De_Pintelaan_185_Gent_ACCD6F_District_BE_9000",
    "InstitutionName": "UZ",
    "InversionTime": 0.9,
    "MagneticFieldStrength": 3,
    "Manufacturer": "Siemens",
    "ManufacturersModelName": "TrioTim",
    "Modality": "MR",
    "PhaseEncodingDirection": "i-",
    "PhaseEncodingLines": 256,
    "ProcedureStepDescription": "Brain_Research_3T_MRP",
    "ProtocolName": "T1_mprage",
    "RepetitionTime": 1.75,
    "ScanningSequence": "GR_IR",
    "SequenceName": "_tfl3d1_ns",
    "SequenceVariant": "SP_MP",
    "SeriesDescription": "T1_mprage",
    "SoftwareVersions": "syngo_MR_B17",
    "dataset": "<unset>",
    "modality": "T1w",
    "session_id": "preop",
    "subject_id": "PAT14"
  },
  "cjv": 0.48070309896923114,
  "cnr": 2.788229053876386,
  "efc": 0.6080377843992933,
  "fber": 2462.028695529771,
  "fwhm_avg": 3.4149146085196587,
  "fwhm_x": 3.5705538255589757,
  "fwhm_y": 3.51892,
  "fwhm_z": 3.15527,
  "icvs_csf": 0.23718077547558228,
  "icvs_gm": 0.40241219731026845,
  "icvs_wm": 0.3604070272141493,
  "inu_med": 1.222863793373108,
  "inu_range": 0.3070618510246277,
  "provenance": {
    "md5sum": "d914935ded03a0baadd36c76d9928862",
    "settings": {
      "testing": false
    },
    "software": "mriqc",
    "version": "21.0.0rc2",
    "warnings": {
      "large_rot_frame": true,
      "small_air_mask": false
    },
    "webapi_port": null,
    "webapi_url": "https://mriqc.nimh.nih.gov/api/v1"
  },
  "qi_1": 0.00010064059603088399,
  "qi_2": 0.014395508277521117,
  "rpve_csf": 27.82654346352735,
  "rpve_gm": 15.531238568147335,
  "rpve_wm": 19.769900381803303,
  "size_x": 160,
  "size_y": 256,
  "size_z": 256,
  "snr_csf": 4.547424530319523,
  "snr_gm": 13.685972854580248,
  "snr_total": 12.13892721834395,
  "snr_wm": 18.183384270132073,
  "snrd_csf": 35.545050151218874,
  "snrd_gm": 75.80940830361897,
  "snrd_total": 69.65054442858597,
  "snrd_wm": 97.59717483092005,
  "spacing_x": 1.000004529953003,
  "spacing_y": 1.0,
  "spacing_z": 1.0,
  "summary_bg_k": 2559.911378599549,
  "summary_bg_mad": 6.712657306427454,
  "summary_bg_mean": 9.82694860997126,
  "summary_bg_median": 8.994868852198124,
  "summary_bg_n": 2474877.0,
  "summary_bg_p05": 0.0,
  "summary_bg_p95": 27.346816040575504,
  "summary_bg_stdv": 12.849760665888756,
  "summary_csf_k": 1.7932309654011709,
  "summary_csf_mad": 62.293459803646776,
  "summary_csf_mean": 381.0325940266133,
  "summary_csf_median": 364.20163614302874,
  "summary_csf_n": 44716.0,
  "summary_csf_p05": 281.01419132202864,
  "summary_csf_p95": 541.8653880357742,
  "summary_csf_stdv": 80.08875382227461,
  "summary_gm_k": 0.15148995837320012,
  "summary_gm_mad": 55.04378991270512,
  "summary_gm_mean": 774.7921321539745,
  "summary_gm_median": 776.7582383975387,
  "summary_gm_n": 12305.0,
  "summary_gm_p05": 677.2109985500574,
  "summary_gm_p95": 864.8838058501482,
  "summary_gm_stdv": 56.753486456648396,
  "summary_wm_k": 0.40698065646188564,
  "summary_wm_mad": 52.26922489271511,
  "summary_wm_mean": 1000.6179867884186,
  "summary_wm_median": 1000.0000170245767,
  "summary_wm_n": 137855.0,
  "summary_wm_p05": 910.8964839652181,
  "summary_wm_p95": 1091.578648224473,
  "summary_wm_stdv": 54.99506445899306,
  "tpm_overlap_csf": 0.17209270596504211,
  "tpm_overlap_gm": 0.4126581847667694,
  "tpm_overlap_wm": 0.4744856655597687,
  "wm2max": 0.5040929977785217
}