{
  "aor": 0.0013200555555555554,
  "aqi": 0.008691612444444444,
  "bids_meta": {
    "AccelFactPE": 2,
    "AcquisitionNumber": 1,
    "AcquisitionTime": "17:00:42.885000",
    "BandwidthPerPixelPhaseEncode": 65.104,
    "BodyPartExamined": "HEAD",
    "ConversionSoftware": "dcm2niix",
    "ConversionSoftwareVersion": "v1.0.20170724 GCC4.8.5",
    "DeviceSerialNumber": "35353",
    "EchoTime": 0.027,
    "EffectiveEchoSpacing": 0.000240001,
    "FlipAngle": 90,
    "ImageType": [
      "ORIGINAL",
      "PRIMARY",
      "M",
      "ND",
      "MOSAIC"
    ],
    "InstitutionAddress": "De_Pintelaan_185_Gent_88C96F_District_BE_9000",
    "InstitutionName": "UZ",
    "MagneticFieldStrength": 3,
    "Manufacturer": "Siemens",
    "ManufacturersModelName": "TrioTim",
    "Modality": "MR",
    "PhaseEncodingDirection": "j-",
    "PhaseEncodingLines": 64,
    "ProcedureStepDescription": "MR_hersenen_(stereotaxie_neuronavigatie)",
    "ProtocolName": "RESTING_STATE_6min",
    "RepetitionTime": 2.1,
    "ScanningSequence": "EP",
    "SequenceName": "_epfid2d1_64",
    "SequenceVariant": "SK",
    "SeriesDescription": "RESTING_STATE_6min",
    "SliceTiming": [
      2.0375,
      1.9875,
      1.9375,
      1.8875,
      1.8375,
      1.79,
      1.74,
      1.69,
      1.64,
      1.59,
      1.54,
      1.49,
      1.44,
      1.39,
      1.3425,
      1.2925,
      1.2425,
      1.1925,
      1.1425,
      1.0925,
      1.0425,
      0.9925,
      0.945,
      0.895,
      0.845,
      0.795,
      0.745,
      0.695,
      0.645,
      0.595,
      0.545,
      0.4975,
      0.4475,
      0.3975,
      0.3475,
      0.2975,
      0.2475,
      0.1975,
      0.1475,
      0.0975,
      0.05,
      0
    ],
    "SoftwareVersions": "syngo_MR_B17",
    "TaskName": "rest",
    "TotalReadoutTime": 0.01464,
    "TrueEchoSpacing": 0.000480001,
    "dataset": "<unset>",
    "modality": "bold",
    "session_id": "preop",
    "subject_id": "PAT01",
    "task_id": "rest"
  },
  "dummy_trs": 0,
  "dvars_nstd": 51.03692994513968,
  "dvars_std": 1.1077140835195534,
  "dvars_vstd": 0.9726549792737428,
  "efc": 0.5261649930763164,
  "fber": 487.8452453613281,
  "fd_mean": 0.46871955792306114,
  "fd_num": 158,
  "fd_perc": 87.77777777777777,
  "fwhm_avg": 2.4793446583942162,
  "fwhm_x": 2.4071633333333335,
  "fwhm_y": 2.5540766666666666,
  "fwhm_z": 2.4767939751826487,
  "gcor": 0.0134213,
  "gsr_x": 0.0004445686936378479,
  "gsr_y": 0.05906277894973755,
  "provenance": {
    "md5sum": "8c31796688196a47f71fe6d1b22d6791",
    "settings": {
      "fd_thres": 0.2,
      "testing": false
    },
    "software": "mriqc",
    "version": "21.0.0rc2",
    "webapi_port": null,
    "webapi_url": "https://mriqc.nimh.nih.gov/api/v1"
  },
  "size_t": 180,
  "size_x": 64,
  "size_y": 64,
  "size_z": 42,
  "snr": 3.37393677980444,
  "spacing_tr": 2.0999999046325684,
  "spacing_x": 3.0,
  "spacing_y": 3.0,
  "spacing_z": 3.299999952316284,
  "summary_bg_k": 111.91682515087278,
  "summary_bg_mad": 10.188772918184142,
  "summary_bg_mean": 40.94972229003906,
  "summary_bg_median": 23.91111183166504,
  "summary_bg_n": 107563.0,
  "summary_bg_p05": 15.70555591583252,
  "summary_bg_p95": 108.51667022705078,
  "summary_bg_stdv": 63.910831451416016,
  "summary_fg_k": 0.6131803842149908,
  "summary_fg_mad": 149.59460004355847,
  "summary_fg_mean": 543.4998779296875,
  "summary_fg_median": 530.11669921875,
  "summary_fg_n": 29219.0,
  "summary_fg_p05": 315.9761169433594,
  "summary_fg_p95": 824.2416687011719,
  "summary_fg_stdv": 157.11842346191406,
  "tsnr": 39.40729182714131
}