{
  "aor": 0.0007405,
  "aqi": 0.0038383726666666672,
  "bids_meta": {
    "AccelFactPE": 2,
    "AcquisitionNumber": 1,
    "AcquisitionTime": "12:26:4.315000",
    "BandwidthPerPixelPhaseEncode": 65.104,
    "BodyPartExamined": "HEAD",
    "ConversionSoftware": "dcm2niix",
    "ConversionSoftwareVersion": "v1.0.20170724 GCC4.8.5",
    "DeviceSerialNumber": "35353",
    "EchoTime": 0.027,
    "EffectiveEchoSpacing": 0.000240001,
    "FlipAngle": 90,
    "ImageType": [
      "ORIGINAL",
      "PRIMARY",
      "M",
      "ND",
      "MOSAIC"
    ],
    "InstitutionAddress": "De_Pintelaan_185_Gent_ACCD6F_District_BE_9000",
    "InstitutionName": "UZ_Gent",
    "MagneticFieldStrength": 3,
    "Manufacturer": "Siemens",
    "ManufacturersModelName": "TrioTim",
    "Modality": "MR",
    "PhaseEncodingDirection": "j-",
    "PhaseEncodingLines": 64,
    "ProcedureStepDescription": "Brain_Research_3T_MRP",
    "ProtocolName": "fMRI_Resting_State",
    "RepetitionTime": 2.4,
    "ScanningSequence": "EP",
    "SequenceName": "_epfid2d1_64",
    "SequenceVariant": "SK",
    "SeriesDescription": "fMRI_Resting_State",
    "SliceTiming": [
      2.33,
      2.275,
      2.2175,
      2.16,
      2.1025,
      2.0475,
      1.99,
      1.9325,
      1.875,
      1.82,
      1.7625,
      1.705,
      1.6475,
      1.5925,
      1.535,
      1.4775,
      1.42,
      1.365,
      1.3075,
      1.25,
      1.1925,
      1.1375,
      1.08,
      1.0225,
      0.965,
      0.91,
      0.8525,
      0.795,
      0.7375,
      0.6825,
      0.625,
      0.5675,
      0.51,
      0.455,
      0.3975,
      0.34,
      0.2825,
      0.2275,
      0.17,
      0.1125,
      0.055,
      0
    ],
    "SoftwareVersions": "syngo_MR_B17",
    "TaskName": "rest",
    "TotalReadoutTime": 0.01464,
    "TrueEchoSpacing": 0.000480001,
    "dataset": "<unset>",
    "modality": "bold",
    "session_id": "preop",
    "subject_id": "PAT17",
    "task_id": "rest"
  },
  "dummy_trs": 0,
  "dvars_nstd": 29.952649836257006,
  "dvars_std": 1.0794866599999997,
  "dvars_vstd": 1.0046898858659215,
  "efc": 0.5441195418213668,
  "fber": 444.1386413574219,
  "fd_mean": 0.10969562795816089,
  "fd_num": 3,
  "fd_perc": 1.6666666666666667,
  "fwhm_avg": 2.4575599999999995,
  "fwhm_x": 2.37837,
  "fwhm_y": 2.4927066666666664,
  "fwhm_z": 2.501603333333333,
  "gcor": 0.021665,
  "gsr_x": -0.00486341118812561,
  "gsr_y": 0.06090845540165901,
  "provenance": {
    "md5sum": "5c2a5ace7fda46cb03a102b25e6ba8f6",
    "settings": {
      "fd_thres": 0.2,
      "testing": false
    },
    "software": "mriqc",
    "version": "21.0.0rc2",
    "webapi_port": null,
    "webapi_url": "https://mriqc.nimh.nih.gov/api/v1"
  },
  "size_t": 180,
  "size_x": 64,
  "size_y": 64,
  "size_z": 42,
  "snr": 3.53776077887492,
  "spacing_tr": 2.4000000953674316,
  "spacing_x": 3.0,
  "spacing_y": 3.0,
  "spacing_z": 3.0,
  "summary_bg_k": 89.53406653641878,
  "summary_bg_mad": 9.653386584293209,
  "summary_bg_mean": 45.330562591552734,
  "summary_bg_median": 26.061111450195312,
  "summary_bg_n": 104905.0,
  "summary_bg_p05": 18.177778244018555,
  "summary_bg_p95": 116.93667144775345,
  "summary_bg_stdv": 75.0726089477539,
  "summary_fg_k": 0.8843737166813788,
  "summary_fg_mad": 147.23070735837646,
  "summary_fg_mean": 572.7778930664062,
  "summary_fg_median": 554.0555419921875,
  "summary_fg_n": 31597.0,
  "summary_fg_p05": 354.004443359375,
  "summary_fg_p95": 857.8511474609375,
  "summary_fg_stdv": 156.6094512939453,
  "tsnr": 50.99730442534201
}