{
  "bids_meta": {
    "AccelFactPE": 2,
    "AcquisitionNumber": 1,
    "AcquisitionTime": "12:45:1.215000",
    "BodyPartExamined": "HEAD",
    "ConversionSoftware": "dcm2niix",
    "ConversionSoftwareVersion": "v1.0.20170724 GCC4.8.5",
    "DeviceSerialNumber": "35353",
    "EchoTime": 0.00418,
    "FlipAngle": 9,
    "ImageType": [
      "ORIGINAL",
      "PRIMARY",
      "M",
      "ND",
      "NORM"
    ],
    "InstitutionAddress": "De_Pintelaan_185_Gent_88C96F_District_BE_9000",
    "InstitutionName": "UZ",
    "InversionTime": 0.9,
    "MagneticFieldStrength": 3,
    "Manufacturer": "Siemens",
    "ManufacturersModelName": "TrioTim",
    "Modality": "MR",
    "PhaseEncodingDirection": "i-",
    "PhaseEncodingLines": 256,
    "ProcedureStepDescription": "MR_hersenen_(stereotaxie_neuronavigatie)",
    "ProtocolName": "T1_mprage",
    "RepetitionTime": 1.75,
    "ScanningSequence": "GR_IR",
    "SequenceName": "_tfl3d1_ns",
    "SequenceVariant": "SP_MP",
    "SeriesDescription": "T1_mprage",
    "SoftwareVersions": "syngo_MR_B17",
    "dataset": "<unset>",
    "modality": "T1w",
    "session_id": "preop",
    "subject_id": "PAT08"
  },
  "cjv": 0.5965678204430722,
  "cnr": 2.2113924454593246,
  "efc": 0.7041306736894338,
  "fber": 957.2836,
  "fwhm_avg": 3.610837926309266,
  "fwhm_x": 3.779783778927798,
  "fwhm_y": 3.7042,
  "fwhm_z": 3.34853,
  "icvs_csf": 0.23064055494962324,
  "icvs_gm": 0.38548466309987994,
  "icvs_wm": 0.38387478195049685,
  "inu_med": 1.2814539670944214,
  "inu_range": 0.38394665718078613,
  "provenance": {
    "md5sum": "2d8b6f01d5c37729d853203ee4db8002",
    "settings": {
      "testing": false
    },
    "software": "mriqc",
    "version": "21.0.0rc2",
    "warnings": {
      "large_rot_frame": true,
      "small_air_mask": false
    },
    "webapi_port": null,
    "webapi_url": "https://mriqc.nimh.nih.gov/api/v1"
  },
  "qi_1": 0.0,
  "qi_2": 0.011565672234787255,
  "rpve_csf": 19.22719709826628,
  "rpve_gm": 11.001942004631344,
  "rpve_wm": 13.104191476263523,
  "size_x": 160,
  "size_y": 256,
  "size_z": 256,
  "snr_csf": 3.544767427555218,
  "snr_gm": 9.545464880267026,
  "snr_total": 9.85002376091752,
  "snr_wm": 16.459838974930314,
  "snrd_csf": 25.887330295351074,
  "snrd_gm": 51.219025818434176,
  "snrd_total": 47.8020907228335,
  "snrd_wm": 66.29991605471524,
  "spacing_x": 1.0000042915344238,
  "spacing_y": 1.0,
  "spacing_z": 1.0,
  "summary_bg_k": 659.9201325625197,
  "summary_bg_mad": 9.881406380743847,
  "summary_bg_mean": 16.03947461724498,
  "summary_bg_median": 10.0303555727005,
  "summary_bg_n": 1902774.0,
  "summary_bg_p05": 0.0,
  "summary_bg_p95": 46.91830797493458,
  "summary_bg_stdv": 18.430695016604396,
  "summary_csf_k": 0.4612083583221098,
  "summary_csf_mad": 103.21667061074018,
  "summary_csf_mean": 409.73565403528016,
  "summary_csf_median": 390.4579863399267,
  "summary_csf_n": 59502.0,
  "summary_csf_p05": 260.39330980181694,
  "summary_csf_p95": 611.0598197579384,
  "summary_csf_stdv": 110.14959747194787,
  "summary_gm_k": 0.04951356118913264,
  "summary_gm_mad": 80.22527952683123,
  "summary_gm_mean": 779.862794316347,
  "summary_gm_median": 772.5353466421366,
  "summary_gm_n": 13828.0,
  "summary_gm_p05": 660.4659198716283,
  "summary_gm_p95": 926.6860743910074,
  "summary_gm_stdv": 80.92926034436555,
  "summary_wm_k": 0.9169788538574251,
  "summary_wm_mad": 55.472845721601594,
  "summary_wm_mean": 1005.4761333619256,
  "summary_wm_median": 1000.0000549256802,
  "summary_wm_n": 242394.0,
  "summary_wm_p05": 915.6658810973167,
  "summary_wm_p95": 1115.0191981047392,
  "summary_wm_stdv": 60.75381379424122,
  "tpm_overlap_csf": 0.16884443163871765,
  "tpm_overlap_gm": 0.41959744691848755,
  "tpm_overlap_wm": 0.4955108165740967,
  "wm2max": 0.5554757180886281
}