{
  "aor": 0.0009691666666666667,
  "aqi": 0.006831871555555555,
  "bids_meta": {
    "AccelFactPE": 2,
    "AcquisitionNumber": 1,
    "AcquisitionTime": "17:30:31.252500",
    "BandwidthPerPixelPhaseEncode": 65.104,
    "BodyPartExamined": "HEAD",
    "ConversionSoftware": "dcm2niix",
    "ConversionSoftwareVersion": "v1.0.20170724 GCC4.8.5",
    "DeviceSerialNumber": "35353",
    "EchoTime": 0.027,
    "EffectiveEchoSpacing": 0.000240001,
    "FlipAngle": 90,
    "ImageType": [
      "ORIGINAL",
      "PRIMARY",
      "M",
      "ND",
      "MOSAIC"
    ],
    "InstitutionAddress": "De_Pintelaan_185_Gent_ACCD6F_District_BE_9000",
    "InstitutionName": "UZ_Gent",
    "MagneticFieldStrength": 3,
    "Manufacturer": "Siemens",
    "ManufacturersModelName": "TrioTim",
    "Modality": "MR",
    "PhaseEncodingDirection": "j-",
    "PhaseEncodingLines": 64,
    "ProcedureStepDescription": "Brain_Research_3T_MRP",
    "ProtocolName": "fMRI_Resting_State",
    "RepetitionTime": 2.4,
    "ScanningSequence": "EP",
    "SequenceName": "_epfid2d1_64",
    "SequenceVariant": "SK",
    "SeriesDescription": "fMRI_Resting_State",
    "SliceTiming": [
      2.33,
      2.275,
      2.2175,
      2.16,
      2.1025,
      2.0475,
      1.99,
      1.9325,
      1.875,
      1.82,
      1.7625,
      1.705,
      1.6475,
      1.5925,
      1.535,
      1.4775,
      1.42,
      1.365,
      1.3075,
      1.25,
      1.1925,
      1.1375,
      1.08,
      1.0225,
      0.965,
      0.91,
      0.8525,
      0.795,
      0.7375,
      0.6825,
      0.625,
      0.5675,
      0.51,
      0.455,
      0.3975,
      0.34,
      0.2825,
      0.2275,
      0.17,
      0.1125,
      0.055,
      0
    ],
    "SoftwareVersions": "syngo_MR_B17",
    "TaskName": "rest",
    "TotalReadoutTime": 0.01464,
    "TrueEchoSpacing": 0.000480001,
    "dataset": "<unset>",
    "modality": "bold",
    "session_id": "preop",
    "subject_id": "CON10",
    "task_id": "rest"
  },
  "dummy_trs": 0,
  "dvars_nstd": 31.642118656256983,
  "dvars_std": 0.9877067079888269,
  "dvars_vstd": 0.9569228922905025,
  "efc": 0.6060126002966082,
  "fber": 274.7386474609375,
  "fd_mean": 0.21479647042522576,
  "fd_num": 87,
  "fd_perc": 48.333333333333336,
  "fwhm_avg": 2.7206588888888894,
  "fwhm_x": 2.5697933333333336,
  "fwhm_y": 2.73455,
  "fwhm_z": 2.8576333333333337,
  "gcor": 0.00824063,
  "gsr_x": -0.008043716661632061,
  "gsr_y": 0.09648632258176804,
  "provenance": {
    "md5sum": "d6a905ba3f048ee7b5c478837e9ee407",
    "settings": {
      "fd_thres": 0.2,
      "testing": false
    },
    "software": "mriqc",
    "version": "21.0.0rc2",
    "webapi_port": null,
    "webapi_url": "https://mriqc.nimh.nih.gov/api/v1"
  },
  "size_t": 180,
  "size_x": 64,
  "size_y": 64,
  "size_z": 42,
  "snr": 2.5834005842496186,
  "spacing_tr": 2.4000000953674316,
  "spacing_x": 3.0,
  "spacing_y": 3.0,
  "spacing_z": 3.0,
  "summary_bg_k": 18.114914531186347,
  "summary_bg_mad": 17.898305585549,
  "summary_bg_mean": 65.41886901855469,
  "summary_bg_median": 33.583335876464844,
  "summary_bg_n": 89643.0,
  "summary_bg_p05": 19.350000381469727,
  "summary_bg_p95": 231.14889831542962,
  "summary_bg_stdv": 83.96266174316406,
  "summary_fg_k": 3.4470802252329404,
  "summary_fg_mad": 184.22979498548852,
  "summary_fg_mean": 613.7810668945312,
  "summary_fg_median": 572.9666748046875,
  "summary_fg_n": 42799.0,
  "summary_fg_p05": 342.8216796875,
  "summary_fg_p95": 1033.3805908203124,
  "summary_fg_stdv": 221.78518676757812,
  "tsnr": 39.124467636691406
}