{
  "aor": 0.0011352222222222224,
  "aqi": 0.004403504722222222,
  "bids_meta": {
    "AccelFactPE": 2,
    "AcquisitionNumber": 1,
    "AcquisitionTime": "17:30:39.690000",
    "BandwidthPerPixelPhaseEncode": 65.104,
    "BodyPartExamined": "HEAD",
    "ConversionSoftware": "dcm2niix",
    "ConversionSoftwareVersion": "v1.0.20170724 GCC4.8.5",
    "DeviceSerialNumber": "35353",
    "EchoTime": 0.027,
    "EffectiveEchoSpacing": 0.000240001,
    "FlipAngle": 90,
    "ImageType": [
      "ORIGINAL",
      "PRIMARY",
      "M",
      "ND",
      "MOSAIC"
    ],
    "InstitutionAddress": "De_Pintelaan_185_Gent_88C96F_District_BE_9000",
    "InstitutionName": "UZ",
    "MagneticFieldStrength": 3,
    "Manufacturer": "Siemens",
    "ManufacturersModelName": "TrioTim",
    "Modality": "MR",
    "PhaseEncodingDirection": "j-",
    "PhaseEncodingLines": 64,
    "ProcedureStepDescription": "Brain_Research_3T_MRP",
    "ProtocolName": "RESTING_STATE",
    "RepetitionTime": 2.1,
    "ScanningSequence": "EP",
    "SequenceName": "_epfid2d1_64",
    "SequenceVariant": "SK",
    "SeriesDescription": "RESTING_STATE",
    "SliceTiming": [
      2.0375,
      1.9875,
      1.9375,
      1.8875,
      1.8375,
      1.7875,
      1.74,
      1.69,
      1.64,
      1.59,
      1.54,
      1.49,
      1.44,
      1.39,
      1.3425,
      1.2925,
      1.2425,
      1.1925,
      1.1425,
      1.0925,
      1.0425,
      0.9925,
      0.9425,
      0.895,
      0.845,
      0.795,
      0.745,
      0.695,
      0.645,
      0.595,
      0.545,
      0.4975,
      0.4475,
      0.3975,
      0.3475,
      0.2975,
      0.2475,
      0.1975,
      0.1475,
      0.0975,
      0.05,
      0
    ],
    "SoftwareVersions": "syngo_MR_B17",
    "TaskName": "rest",
    "TotalReadoutTime": 0.01464,
    "TrueEchoSpacing": 0.000480001,
    "dataset": "<unset>",
    "modality": "bold",
    "session_id": "preop",
    "subject_id": "PAT06",
    "task_id": "rest"
  },
  "dummy_trs": 0,
  "dvars_nstd": 36.52027837614526,
  "dvars_std": 1.0598594753631276,
  "dvars_vstd": 1.0117619148044694,
  "efc": 0.5433028755653985,
  "fber": 374.1124267578125,
  "fd_mean": 0.15785548446606312,
  "fd_num": 43,
  "fd_perc": 23.88888888888889,
  "fwhm_avg": 2.7001083969352635,
  "fwhm_x": 2.64203,
  "fwhm_y": 2.7391466666666666,
  "fwhm_z": 2.719148524139123,
  "gcor": 0.00456838,
  "gsr_x": -0.013553873635828495,
  "gsr_y": 0.07020704448223114,
  "provenance": {
    "md5sum": "26175171821103e268cdf825971842fd",
    "settings": {
      "fd_thres": 0.2,
      "testing": false
    },
    "software": "mriqc",
    "version": "21.0.0rc2",
    "webapi_port": null,
    "webapi_url": "https://mriqc.nimh.nih.gov/api/v1"
  },
  "size_t": 180,
  "size_x": 64,
  "size_y": 64,
  "size_z": 42,
  "snr": 2.642251223852623,
  "spacing_tr": 2.0999999046325684,
  "spacing_x": 3.0,
  "spacing_y": 3.0,
  "spacing_z": 3.299999952316284,
  "summary_bg_k": 81.49297847252419,
  "summary_bg_mad": 13.26928815892155,
  "summary_bg_mean": 49.30539321899414,
  "summary_bg_median": 30.69444465637207,
  "summary_bg_n": 101568.0,
  "summary_bg_p05": 19.011112213134766,
  "summary_bg_p95": 130.70111770629856,
  "summary_bg_stdv": 64.94269561767578,
  "summary_fg_k": 3.108970232500768,
  "summary_fg_mad": 189.01947610276767,
  "summary_fg_mean": 637.2750244140625,
  "summary_fg_median": 595.572265625,
  "summary_fg_n": 33626.0,
  "summary_fg_p05": 354.4347381591797,
  "summary_fg_p95": 1055.8611450195312,
  "summary_fg_stdv": 225.39999389648438,
  "tsnr": 39.66702296305448
}