{
  "bids_meta": {
    "AccelFactPE": 2,
    "AcquisitionNumber": 1,
    "AcquisitionTime": "14:38:41.387500",
    "BodyPartExamined": "HEAD",
    "ConversionSoftware": "dcm2niix",
    "ConversionSoftwareVersion": "v1.0.20170724 GCC4.8.5",
    "DeviceSerialNumber": "35353",
    "EchoTime": 0.00418,
    "FlipAngle": 9,
    "ImageType": [
      "ORIGINAL",
      "PRIMARY",
      "M",
      "ND",
      "NORM"
    ],
    "InstitutionAddress": "De_Pintelaan_185_Gent_88C96F_District_BE_9000",
    "InstitutionName": "UZ",
    "InversionTime": 0.9,
    "MagneticFieldStrength": 3,
    "Manufacturer": "Siemens",
    "ManufacturersModelName": "TrioTim",
    "Modality": "MR",
    "PhaseEncodingDirection": "i-",
    "PhaseEncodingLines": 256,
    "ProcedureStepDescription": "MR_hersenen_(stereotaxie_neuronavigatie)",
    "ProtocolName": "T1_mprage",
    "RepetitionTime": 1.59,
    "ScanningSequence": "GR_IR",
    "SequenceName": "_tfl3d1_ns",
    "SequenceVariant": "SP_MP",
    "SeriesDescription": "T1_mprage",
    "SoftwareVersions": "syngo_MR_B17",
    "dataset": "<unset>",
    "modality": "T1w",
    "session_id": "preop",
    "subject_id": "PAT02"
  },
  "cjv": 0.44138880015112597,
  "cnr": 2.913237882779686,
  "efc": 0.6128597479500526,
  "fber": 8247.102556736569,
  "fwhm_avg": 3.6087349734298204,
  "fwhm_x": 3.690944920289462,
  "fwhm_y": 3.85499,
  "fwhm_z": 3.28027,
  "icvs_csf": 0.19038576231919815,
  "icvs_gm": 0.41626356357982175,
  "icvs_wm": 0.39335067410098007,
  "inu_med": 1.374550700187683,
  "inu_range": 0.45262378454208374,
  "provenance": {
    "md5sum": "b9b2d7586d672181b8de7f15e4c226cc",
    "settings": {
      "testing": false
    },
    "software": "mriqc",
    "version": "21.0.0rc2",
    "warnings": {
      "large_rot_frame": true,
      "small_air_mask": false
    },
    "webapi_port": null,
    "webapi_url": "https://mriqc.nimh.nih.gov/api/v1"
  },
  "qi_1": 0.0,
  "qi_2": 0.015328705610792132,
  "rpve_csf": 26.35347351310916,
  "rpve_gm": 12.6139355381318,
  "rpve_wm": 15.68804716992197,
  "size_x": 144,
  "size_y": 256,
  "size_z": 256,
  "snr_csf": 3.4826352386586024,
  "snr_gm": 13.092430222196375,
  "snr_total": 13.124267336407803,
  "snr_wm": 22.79773654836843,
  "snrd_csf": 45.671205788108765,
  "snrd_gm": 89.62730725915016,
  "snrd_total": 83.26868907054661,
  "snrd_wm": 114.50755416438093,
  "spacing_x": 1.0000067949295044,
  "spacing_y": 1.0,
  "spacing_z": 1.0,
  "summary_bg_k": 588.7013768587609,
  "summary_bg_mad": 5.72133761139574,
  "summary_bg_mean": 6.850976847543056,
  "summary_bg_median": 3.85898357629776,
  "summary_bg_n": 2147726.0,
  "summary_bg_p05": 0.0,
  "summary_bg_p95": 19.2949178814888,
  "summary_bg_stdv": 8.05164962950937,
  "summary_csf_k": 0.344262463229406,
  "summary_csf_mad": 114.13583675614893,
  "summary_csf_mean": 421.67056739358054,
  "summary_csf_median": 398.8488448858261,
  "summary_csf_n": 20182.0,
  "summary_csf_p05": 272.94132989645004,
  "summary_csf_p95": 624.5634105235339,
  "summary_csf_stdv": 114.52217534436939,
  "summary_gm_k": 0.4056323950146292,
  "summary_gm_mad": 56.53457334650368,
  "summary_gm_mean": 785.6558665100124,
  "summary_gm_median": 782.7196009755135,
  "summary_gm_n": 13394.0,
  "summary_gm_p05": 692.7627694219351,
  "summary_gm_p95": 890.5978138834237,
  "summary_gm_stdv": 59.781902069240296,
  "summary_wm_k": 0.768958046528565,
  "summary_wm_mad": 39.37056051231645,
  "summary_wm_mean": 997.9645793488208,
  "summary_wm_median": 999.9999982714653,
  "summary_wm_n": 189985.0,
  "summary_wm_p05": 921.0543512105942,
  "summary_wm_p95": 1066.256784081459,
  "summary_wm_stdv": 43.86388816976015,
  "tpm_overlap_csf": 0.175174281001091,
  "tpm_overlap_gm": 0.4543108344078064,
  "tpm_overlap_wm": 0.5111833214759827,
  "wm2max": 0.5049207397622193
}