{
  "bids_meta": {
    "AccelFactPE": 2,
    "AcquisitionNumber": 1,
    "AcquisitionTime": "12:47:17.197500",
    "BodyPartExamined": "HEAD",
    "ConversionSoftware": "dcm2niix",
    "ConversionSoftwareVersion": "v1.0.20170724 GCC4.8.5",
    "DeviceSerialNumber": "35353",
    "EchoTime": 0.00418,
    "FlipAngle": 9,
    "ImageType": [
      "ORIGINAL",
      "PRIMARY",
      "M",
      "ND",
      "NORM"
    ],
    "InstitutionAddress": "De_Pintelaan_185_Gent_ACCD6F_District_BE_9000",
    "InstitutionName": "UZ",
    "InversionTime": 0.9,
    "MagneticFieldStrength": 3,
    "Manufacturer": "Siemens",
    "ManufacturersModelName": "TrioTim",
    "Modality": "MR",
    "PhaseEncodingDirection": "i-",
    "PhaseEncodingLines": 256,
    "ProcedureStepDescription": "MR_hersenen_(structuur_alleen)",
    "ProtocolName": "T1_mprage",
    "RepetitionTime": 1.75,
    "ScanningSequence": "GR_IR",
    "SequenceName": "_tfl3d1_ns",
    "SequenceVariant": "SP_MP",
    "SeriesDescription": "T1_mprage",
    "SoftwareVersions": "syngo_MR_B17",
    "dataset": "<unset>",
    "modality": "T1w",
    "session_id": "preop",
    "subject_id": "CON09"
  },
  "cjv": 0.45635227651490146,
  "cnr": 2.914721423959453,
  "efc": 0.6199100395189878,
  "fber": 8139.22384083045,
  "fwhm_avg": 3.636345910437914,
  "fwhm_x": 3.7059977313137407,
  "fwhm_y": 3.83434,
  "fwhm_z": 3.3687,
  "icvs_csf": 0.2246055089957945,
  "icvs_gm": 0.3866699502961661,
  "icvs_wm": 0.3887245407080394,
  "inu_med": 1.2305858135223389,
  "inu_range": 0.35229026675224295,
  "provenance": {
    "md5sum": "f0e50b356ef3a15837a13e1163858bf3",
    "settings": {
      "testing": false
    },
    "software": "mriqc",
    "version": "21.0.0rc2",
    "warnings": {
      "large_rot_frame": true,
      "small_air_mask": false
    },
    "webapi_port": null,
    "webapi_url": "https://mriqc.nimh.nih.gov/api/v1"
  },
  "qi_1": 0.0,
  "qi_2": 0.017996183614992337,
  "rpve_csf": 19.03316350806304,
  "rpve_gm": 10.652082842243258,
  "rpve_wm": 12.55134027048359,
  "size_x": 160,
  "size_y": 256,
  "size_z": 256,
  "snr_csf": 4.420665883081163,
  "snr_gm": 14.340054101158454,
  "snr_total": 13.905725070706444,
  "snr_wm": 22.95645522787971,
  "snrd_csf": 39.29637495145282,
  "snrd_gm": 88.89901572394746,
  "snrd_total": 80.05789454379523,
  "snrd_wm": 111.9782929559854,
  "spacing_x": 0.9999979138374329,
  "spacing_y": 1.0,
  "spacing_z": 1.0,
  "summary_bg_k": 4.087425228926542,
  "summary_bg_mad": 5.850837402654104,
  "summary_bg_mean": 6.581076844580317,
  "summary_bg_median": 3.9463298581540585,
  "summary_bg_n": 2514031.0,
  "summary_bg_p05": 0.0,
  "summary_bg_p95": 19.685221880674362,
  "summary_bg_stdv": 6.154933676728215,
  "summary_csf_k": 4.660966410130862,
  "summary_csf_mad": 46.25603217157127,
  "summary_csf_mean": 369.8507049716045,
  "summary_csf_median": 350.9447929151356,
  "summary_csf_n": 74224.0,
  "summary_csf_p05": 285.0178705789149,
  "summary_csf_p95": 545.336358986795,
  "summary_csf_stdv": 79.3867797514116,
  "summary_gm_k": 0.44453974295907006,
  "summary_gm_mad": 52.27895302724462,
  "summary_gm_mean": 794.2765452397894,
  "summary_gm_median": 793.9319263454527,
  "summary_gm_n": 13734.0,
  "summary_gm_p05": 704.0554245112464,
  "summary_gm_p95": 887.2765557138247,
  "summary_gm_stdv": 55.36262390179418,
  "summary_wm_k": 0.3399451128009954,
  "summary_wm_mad": 41.78186239307107,
  "summary_wm_mean": 999.2328785293388,
  "summary_wm_median": 1000.0464134663343,
  "summary_wm_n": 252582.0,
  "summary_wm_p05": 926.2268314138055,
  "summary_wm_p95": 1069.408964149654,
  "summary_wm_stdv": 43.56266783744679,
  "tpm_overlap_csf": 0.15314264595508575,
  "tpm_overlap_gm": 0.40877199172973633,
  "tpm_overlap_wm": 0.46248897910118103,
  "wm2max": 0.5406490800933712
}