{
  "aor": 0.0007208333333333332,
  "aqi": 0.009495735444444446,
  "bids_meta": {
    "AccelFactPE": 2,
    "AcquisitionNumber": 1,
    "AcquisitionTime": "16:35:55.915000",
    "BandwidthPerPixelPhaseEncode": 65.104,
    "BodyPartExamined": "HEAD",
    "ConversionSoftware": "dcm2niix",
    "ConversionSoftwareVersion": "v1.0.20170724 GCC4.8.5",
    "DeviceSerialNumber": "35353",
    "EchoTime": 0.027,
    "EffectiveEchoSpacing": 0.000240001,
    "FlipAngle": 90,
    "ImageType": [
      "ORIGINAL",
      "PRIMARY",
      "M",
      "ND",
      "MOSAIC"
    ],
    "InstitutionAddress": "De_Pintelaan_185_Gent_88C96F_District_BE_9000",
    "InstitutionName": "UZ",
    "MagneticFieldStrength": 3,
    "Manufacturer": "Siemens",
    "ManufacturersModelName": "TrioTim",
    "Modality": "MR",
    "PhaseEncodingDirection": "j-",
    "PhaseEncodingLines": 64,
    "ProcedureStepDescription": "MR_hersenen_(stereotaxie_neuronavigatie)",
    "ProtocolName": "fMRI_Resting_State",
    "RepetitionTime": 2.4,
    "ScanningSequence": "EP",
    "SequenceName": "_epfid2d1_64",
    "SequenceVariant": "SK",
    "SeriesDescription": "fMRI_Resting_State",
    "SliceTiming": [
      2.3325,
      2.275,
      2.22,
      2.1625,
      2.105,
      2.0475,
      1.9925,
      1.935,
      1.8775,
      1.82,
      1.765,
      1.7075,
      1.65,
      1.5925,
      1.5375,
      1.48,
      1.4225,
      1.365,
      1.31,
      1.2525,
      1.195,
      1.1375,
      1.0825,
      1.025,
      0.9675,
      0.91,
      0.855,
      0.7975,
      0.74,
      0.6825,
      0.6275,
      0.57,
      0.5125,
      0.455,
      0.4,
      0.3425,
      0.285,
      0.2275,
      0.1725,
      0.115,
      0.0575,
      0
    ],
    "SoftwareVersions": "syngo_MR_B17",
    "TaskName": "rest",
    "TotalReadoutTime": 0.01464,
    "TrueEchoSpacing": 0.000480001,
    "dataset": "<unset>",
    "modality": "bold",
    "session_id": "preop",
    "subject_id": "PAT11",
    "task_id": "rest"
  },
  "dummy_trs": 0,
  "dvars_nstd": 61.11972205737424,
  "dvars_std": 1.1608271701675972,
  "dvars_vstd": 0.9770671448044692,
  "efc": 0.5452353170982644,
  "fber": 435.6612548828125,
  "fd_mean": 0.5900671745476284,
  "fd_num": 178,
  "fd_perc": 98.88888888888889,
  "fwhm_avg": 2.641508888888889,
  "fwhm_x": 2.52603,
  "fwhm_y": 2.678263333333333,
  "fwhm_z": 2.7202333333333333,
  "gcor": 0.0114351,
  "gsr_x": -0.011073148809373379,
  "gsr_y": 0.04556157812476158,
  "provenance": {
    "md5sum": "fafa89fdad763b759a6bb8e5d84bec0a",
    "settings": {
      "fd_thres": 0.2,
      "testing": false
    },
    "software": "mriqc",
    "version": "21.0.0rc2",
    "webapi_port": null,
    "webapi_url": "https://mriqc.nimh.nih.gov/api/v1"
  },
  "size_t": 180,
  "size_x": 64,
  "size_y": 64,
  "size_z": 42,
  "snr": 3.1151843823810044,
  "spacing_tr": 2.4000000953674316,
  "spacing_x": 3.0,
  "spacing_y": 3.0,
  "spacing_z": 3.0,
  "summary_bg_k": 136.739444831767,
  "summary_bg_mad": 10.971258679212905,
  "summary_bg_mean": 47.65236282348633,
  "summary_bg_median": 28.544445037841797,
  "summary_bg_n": 102472.0,
  "summary_bg_p05": 19.72222328186035,
  "summary_bg_p95": 120.42917213439934,
  "summary_bg_stdv": 73.79371643066406,
  "summary_fg_k": 1.8103175179723339,
  "summary_fg_mad": 168.90955697912096,
  "summary_fg_mean": 627.3729248046875,
  "summary_fg_median": 601.0555419921875,
  "summary_fg_n": 33364.0,
  "summary_fg_p05": 366.4016647338867,
  "summary_fg_p95": 988.4850036621092,
  "summary_fg_stdv": 192.94091796875,
  "tsnr": 36.47048025147524
}