{
  "bids_meta": {
    "AccelFactPE": 2,
    "AcquisitionNumber": 1,
    "AcquisitionTime": "12:17:26.190000",
    "BodyPartExamined": "HEAD",
    "ConversionSoftware": "dcm2niix",
    "ConversionSoftwareVersion": "v1.0.20170724 GCC4.8.5",
    "DeviceSerialNumber": "35353",
    "EchoTime": 0.00418,
    "FlipAngle": 9,
    "ImageType": [
      "ORIGINAL",
      "PRIMARY",
      "M",
      "ND",
      "NORM"
    ],
    "InstitutionAddress": "De_Pintelaan_185_Gent_ACCD6F_District_BE_9000",
    "InstitutionName": "UZ_Gent",
    "InversionTime": 0.9,
    "MagneticFieldStrength": 3,
    "Manufacturer": "Siemens",
    "ManufacturersModelName": "TrioTim",
    "Modality": "MR",
    "PhaseEncodingDirection": "i-",
    "PhaseEncodingLines": 256,
    "ProcedureStepDescription": "Brain_Research_3T_MRP",
    "ProtocolName": "T1_mprage",
    "RepetitionTime": 1.75,
    "ScanningSequence": "GR_IR",
    "SequenceName": "_tfl3d1_ns",
    "SequenceVariant": "SP_MP",
    "SeriesDescription": "T1_mprage",
    "SoftwareVersions": "syngo_MR_B17",
    "dataset": "<unset>",
    "modality": "T1w",
    "session_id": "preop",
    "subject_id": "PAT17"
  },
  "cjv": 0.36269816399542365,
  "cnr": 3.618153642338024,
  "efc": 0.5876093253872391,
  "fber": 6862.25182101977,
  "fwhm_avg": 3.4567753637439083,
  "fwhm_x": 3.643236091231725,
  "fwhm_y": 3.52739,
  "fwhm_z": 3.1997,
  "icvs_csf": 0.15747856505262697,
  "icvs_gm": 0.4299998112707539,
  "icvs_wm": 0.41252162367661915,
  "inu_med": 1.284714698791504,
  "inu_range": 0.36626373529434186,
  "provenance": {
    "md5sum": "11fb456f9e133390a4683c04d8fe36d2",
    "settings": {
      "testing": false
    },
    "software": "mriqc",
    "version": "21.0.0rc2",
    "warnings": {
      "large_rot_frame": true,
      "small_air_mask": false
    },
    "webapi_port": null,
    "webapi_url": "https://mriqc.nimh.nih.gov/api/v1"
  },
  "qi_1": 0.0,
  "qi_2": 0.013054327814415161,
  "rpve_csf": 36.047661345231965,
  "rpve_gm": 14.63738743193641,
  "rpve_wm": 17.73168414600926,
  "size_x": 160,
  "size_y": 256,
  "size_z": 256,
  "snr_csf": 3.6946345182927205,
  "snr_gm": 15.497684259278143,
  "snr_total": 14.568881131820936,
  "snr_wm": 24.51432461789194,
  "snrd_csf": 44.033331257677325,
  "snrd_gm": 80.84159226207487,
  "snrd_total": 76.7747404329849,
  "snrd_wm": 105.44929777920251,
  "spacing_x": 1.000001072883606,
  "spacing_y": 1.0,
  "spacing_z": 1.0,
  "summary_bg_k": 8.116600200760342,
  "summary_bg_mad": 6.212809169300053,
  "summary_bg_mean": 7.010709943490271,
  "summary_bg_median": 4.190476104617119,
  "summary_bg_n": 2430891.0,
  "summary_bg_p05": 0.0,
  "summary_bg_p95": 21.006802290678024,
  "summary_bg_stdv": 6.9955641082466276,
  "summary_csf_k": 0.3586528447031849,
  "summary_csf_mad": 107.15078671208404,
  "summary_csf_mean": 441.88591986238595,
  "summary_csf_median": 417.57822273671627,
  "summary_csf_n": 13781.0,
  "summary_csf_p05": 295.89115040004253,
  "summary_csf_p95": 651.3197145462036,
  "summary_csf_stdv": 113.01877625223791,
  "summary_gm_k": 0.29453179980112365,
  "summary_gm_mad": 47.604641686844566,
  "summary_gm_mean": 768.6476837076841,
  "summary_gm_median": 766.639440074563,
  "summary_gm_n": 15499.0,
  "summary_gm_p05": 690.1224348396063,
  "summary_gm_p95": 851.7006628215313,
  "summary_gm_stdv": 49.46640381555983,
  "summary_wm_k": 0.7871098399867886,
  "summary_wm_mad": 37.03479751569772,
  "summary_wm_mean": 998.9404797046894,
  "summary_wm_median": 999.9999795109034,
  "summary_wm_n": 189204.0,
  "summary_wm_p05": 929.5237904787064,
  "summary_wm_p95": 1063.8285496316853,
  "summary_wm_stdv": 40.792367419633095,
  "tpm_overlap_csf": 0.1768149584531784,
  "tpm_overlap_gm": 0.44521042704582214,
  "tpm_overlap_wm": 0.5087167024612427,
  "wm2max": 0.4993852329979251
}