{
  "bids_meta": {
    "AccelFactPE": 2,
    "AcquisitionNumber": 1,
    "AcquisitionTime": "14:38:3.192500",
    "BodyPartExamined": "HEAD",
    "ConversionSoftware": "dcm2niix",
    "ConversionSoftwareVersion": "v1.0.20170724 GCC4.8.5",
    "DeviceSerialNumber": "35353",
    "EchoTime": 0.00418,
    "FlipAngle": 9,
    "ImageType": [
      "ORIGINAL",
      "PRIMARY",
      "M",
      "ND",
      "NORM"
    ],
    "InstitutionAddress": "De_Pintelaan_185_Gent_ACCD6F_District_BE_9000",
    "InstitutionName": "UZ_Gent",
    "InversionTime": 0.9,
    "MagneticFieldStrength": 3,
    "Manufacturer": "Siemens",
    "ManufacturersModelName": "TrioTim",
    "Modality": "MR",
    "PhaseEncodingDirection": "i-",
    "PhaseEncodingLines": 256,
    "ProcedureStepDescription": "Brain_Research_3T_MRP",
    "ProtocolName": "T1_mprage",
    "RepetitionTime": 1.75,
    "ScanningSequence": "GR_IR",
    "SequenceName": "_tfl3d1_ns",
    "SequenceVariant": "SP_MP",
    "SeriesDescription": "T1_mprage",
    "SoftwareVersions": "syngo_MR_B17",
    "dataset": "<unset>",
    "modality": "T1w",
    "session_id": "preop",
    "subject_id": "PAT19"
  },
  "cjv": 0.6325842491222646,
  "cnr": 2.107635528883529,
  "efc": 0.5832845103900451,
  "fber": 4820.073836666802,
  "fwhm_avg": 3.644628350902926,
  "fwhm_x": 3.799605052708776,
  "fwhm_y": 3.73017,
  "fwhm_z": 3.40411,
  "icvs_csf": 0.20512762411419672,
  "icvs_gm": 0.4001348576990767,
  "icvs_wm": 0.3947375181867266,
  "inu_med": 1.52035653591156,
  "inu_range": 0.4845746278762817,
  "provenance": {
    "md5sum": "3e5ad773616ee0bc357b84927adcd3d3",
    "settings": {
      "testing": false
    },
    "software": "mriqc",
    "version": "21.0.0rc2",
    "warnings": {
      "large_rot_frame": true,
      "small_air_mask": false
    },
    "webapi_port": null,
    "webapi_url": "https://mriqc.nimh.nih.gov/api/v1"
  },
  "qi_1": 6.662380535189028e-06,
  "qi_2": 0.01685543135259321,
  "rpve_csf": 28.614607697798277,
  "rpve_gm": 14.830579518724697,
  "rpve_wm": 17.910619569479703,
  "size_x": 160,
  "size_y": 256,
  "size_z": 256,
  "snr_csf": 3.8000785243457127,
  "snr_gm": 10.998394374053685,
  "snr_total": 12.446476992370131,
  "snr_wm": 22.540958078710997,
  "snrd_csf": 66.19403919259804,
  "snrd_gm": 132.20027820724644,
  "snrd_total": 120.16633739274876,
  "snrd_wm": 162.1046947784018,
  "spacing_x": 1.0000039339065552,
  "spacing_y": 1.0,
  "spacing_z": 1.0,
  "summary_bg_k": 11344.098934552154,
  "summary_bg_mad": 4.041439695018824,
  "summary_bg_mean": 8.263776562806058,
  "summary_bg_median": 5.383671559393406,
  "summary_bg_n": 1911577.0,
  "summary_bg_p05": 0.0,
  "summary_bg_p95": 23.98800492286682,
  "summary_bg_stdv": 13.973395393240805,
  "summary_csf_k": 1.1345168852138867,
  "summary_csf_mad": 90.52824916842165,
  "summary_csf_mean": 428.28472542537077,
  "summary_csf_median": 408.3412656188011,
  "summary_csf_n": 25708.0,
  "summary_csf_p05": 289.1508661583066,
  "summary_csf_p95": 636.2273123860359,
  "summary_csf_stdv": 107.45391733752763,
  "summary_gm_k": -0.12252907915922462,
  "summary_gm_mad": 75.87803027397842,
  "summary_gm_mean": 821.81923751815,
  "summary_gm_median": 815.5240196362138,
  "summary_gm_n": 11999.0,
  "summary_gm_p05": 710.9785697720945,
  "summary_gm_p95": 953.530010458082,
  "summary_gm_stdv": 74.14628064734316,
  "summary_wm_k": 1.0101424277719833,
  "summary_wm_mad": 40.81854091969012,
  "summary_wm_mean": 1002.8094521631651,
  "summary_wm_median": 999.9999552220106,
  "summary_wm_n": 178434.0,
  "summary_wm_p05": 935.4640442505479,
  "summary_wm_p95": 1078.574300892651,
  "summary_wm_stdv": 44.36356030519068,
  "tpm_overlap_csf": 0.16976866126060486,
  "tpm_overlap_gm": 0.43529802560806274,
  "tpm_overlap_wm": 0.50051349401474,
  "wm2max": 0.5395424122197016
}