{
  "aor": 0.0020644444444444447,
  "aqi": 0.006979858166666668,
  "bids_meta": {
    "AccelFactPE": 2,
    "AcquisitionNumber": 1,
    "AcquisitionTime": "14:44:11.222500",
    "BandwidthPerPixelPhaseEncode": 65.104,
    "BodyPartExamined": "HEAD",
    "ConversionSoftware": "dcm2niix",
    "ConversionSoftwareVersion": "v1.0.20170724 GCC4.8.5",
    "DeviceSerialNumber": "35353",
    "EchoTime": 0.027,
    "EffectiveEchoSpacing": 0.000240001,
    "FlipAngle": 90,
    "ImageType": [
      "ORIGINAL",
      "PRIMARY",
      "M",
      "ND",
      "MOSAIC"
    ],
    "InstitutionAddress": "De_Pintelaan_185_Gent_88C96F_District_BE_9000",
    "InstitutionName": "UZ",
    "MagneticFieldStrength": 3,
    "Manufacturer": "Siemens",
    "ManufacturersModelName": "TrioTim",
    "Modality": "MR",
    "PhaseEncodingDirection": "j-",
    "PhaseEncodingLines": 64,
    "ProcedureStepDescription": "MR_hersenen_(stereotaxie_neuronavigatie)",
    "ProtocolName": "RESTING_STATE_6min",
    "RepetitionTime": 2.1,
    "ScanningSequence": "EP",
    "SequenceName": "_epfid2d1_64",
    "SequenceVariant": "SK",
    "SeriesDescription": "RESTING_STATE_6min",
    "SliceTiming": [
      2.0375,
      1.9875,
      1.94,
      1.89,
      1.84,
      1.79,
      1.74,
      1.69,
      1.64,
      1.59,
      1.5425,
      1.4925,
      1.4425,
      1.3925,
      1.3425,
      1.2925,
      1.2425,
      1.1925,
      1.1425,
      1.095,
      1.045,
      0.995,
      0.945,
      0.895,
      0.845,
      0.795,
      0.745,
      0.6975,
      0.6475,
      0.5975,
      0.5475,
      0.4975,
      0.4475,
      0.3975,
      0.3475,
      0.2975,
      0.25,
      0.2,
      0.15,
      0.1,
      0.05,
      0
    ],
    "SoftwareVersions": "syngo_MR_B17",
    "TaskName": "rest",
    "TotalReadoutTime": 0.01464,
    "TrueEchoSpacing": 0.000480001,
    "dataset": "<unset>",
    "modality": "bold",
    "session_id": "preop",
    "subject_id": "PAT02",
    "task_id": "rest"
  },
  "dummy_trs": 0,
  "dvars_nstd": 25.065949882402244,
  "dvars_std": 1.001201715586592,
  "dvars_vstd": 0.9554099938547489,
  "efc": 0.5485058393883236,
  "fber": 448.3782653808594,
  "fd_mean": 0.11257365573693144,
  "fd_num": 12,
  "fd_perc": 6.666666666666667,
  "fwhm_avg": 2.488044153275871,
  "fwhm_x": 2.4023033333333332,
  "fwhm_y": 2.59912,
  "fwhm_z": 2.4627091264942793,
  "gcor": 0.0106335,
  "gsr_x": 0.023851921781897545,
  "gsr_y": 0.04089237004518509,
  "provenance": {
    "md5sum": "e92f1162aacb9b738dcba9f9dd9f2856",
    "settings": {
      "fd_thres": 0.2,
      "testing": false
    },
    "software": "mriqc",
    "version": "21.0.0rc2",
    "webapi_port": null,
    "webapi_url": "https://mriqc.nimh.nih.gov/api/v1"
  },
  "size_t": 180,
  "size_x": 64,
  "size_y": 64,
  "size_z": 42,
  "snr": 3.433418175344109,
  "spacing_tr": 2.0999999046325684,
  "spacing_x": 3.0,
  "spacing_y": 3.0,
  "spacing_z": 3.299999952316284,
  "summary_bg_k": 31.400302993269356,
  "summary_bg_mad": 10.835351307839751,
  "summary_bg_mean": 45.39726638793945,
  "summary_bg_median": 25.069446563720703,
  "summary_bg_n": 104206.0,
  "summary_bg_p05": 16.327777862548828,
  "summary_bg_p95": 144.26666259765625,
  "summary_bg_stdv": 61.707515716552734,
  "summary_fg_k": 1.0187552928908543,
  "summary_fg_mad": 142.22276229144916,
  "summary_fg_mean": 553.065185546875,
  "summary_fg_median": 535.3722534179688,
  "summary_fg_n": 31499.0,
  "summary_fg_p05": 330.3722229003906,
  "summary_fg_p95": 836.5539367675781,
  "summary_fg_stdv": 155.92733764648438,
  "tsnr": 43.59040138532873
}