{
  "bids_meta": {
    "AccelFactPE": 2,
    "AcquisitionNumber": 1,
    "AcquisitionTime": "14:35:50.182500",
    "BodyPartExamined": "HEAD",
    "ConversionSoftware": "dcm2niix",
    "ConversionSoftwareVersion": "v1.0.20170724 GCC4.8.5",
    "DeviceSerialNumber": "35353",
    "EchoTime": 0.0042,
    "FlipAngle": 9,
    "ImageType": [
      "ORIGINAL",
      "PRIMARY",
      "M",
      "ND",
      "NORM"
    ],
    "InstitutionAddress": "De_Pintelaan_185_Gent_9C4B6E_District_BE_9000",
    "InstitutionName": "UZ_Gent",
    "InversionTime": 0.9,
    "MagneticFieldStrength": 3,
    "Manufacturer": "Siemens",
    "ManufacturersModelName": "TrioTim",
    "Modality": "MR",
    "PhaseEncodingDirection": "i-",
    "PhaseEncodingLines": 256,
    "ProcedureStepDescription": "Brain_Research_3T_MRP",
    "ProtocolName": "T1_mprage",
    "RepetitionTime": 1.75,
    "ScanningSequence": "GR_IR",
    "SequenceName": "_tfl3d1_ns",
    "SequenceVariant": "SP_MP",
    "SeriesDescription": "T1_mprage",
    "SoftwareVersions": "syngo_MR_B17",
    "dataset": "<unset>",
    "modality": "T1w",
    "session_id": "preop",
    "subject_id": "PAT29"
  },
  "cjv": 0.4470742316712805,
  "cnr": 3.003157754509472,
  "efc": 0.6037641432447834,
  "fber": 5610.819758948137,
  "fwhm_avg": 3.7298447268239046,
  "fwhm_x": 3.7821381965359704,
  "fwhm_y": 3.9210461044176705,
  "fwhm_z": 3.4863498795180723,
  "icvs_csf": 0.219875341459018,
  "icvs_gm": 0.39302837711673355,
  "icvs_wm": 0.38709628142424846,
  "inu_med": 1.3026264905929565,
  "inu_range": 0.44901428222656237,
  "provenance": {
    "md5sum": "0d374254e5f956ff408e87301edb3fed",
    "settings": {
      "testing": false
    },
    "software": "mriqc",
    "version": "21.0.0rc2",
    "warnings": {
      "large_rot_frame": true,
      "small_air_mask": false
    },
    "webapi_port": null,
    "webapi_url": "https://mriqc.nimh.nih.gov/api/v1"
  },
  "qi_1": 0.0008352541277003157,
  "qi_2": 0.018708290469918034,
  "rpve_csf": 20.46960156163909,
  "rpve_gm": 11.301379510517467,
  "rpve_wm": 13.690246089075478,
  "size_x": 160,
  "size_y": 256,
  "size_z": 256,
  "snr_csf": 4.222299051188484,
  "snr_gm": 10.685350689555476,
  "snr_total": 12.65151656952225,
  "snr_wm": 23.04689996782279,
  "snrd_csf": 34.926653126466455,
  "snrd_gm": 77.47876975823257,
  "snrd_total": 71.91542585394843,
  "snrd_wm": 103.34085467714627,
  "spacing_x": 1.0000004768371582,
  "spacing_y": 0.97265625,
  "spacing_z": 0.97265625,
  "summary_bg_k": 9602.28485628024,
  "summary_bg_mad": 6.339934321155956,
  "summary_bg_mean": 9.136896853188352,
  "summary_bg_median": 8.494654666632414,
  "summary_bg_n": 2978006.0,
  "summary_bg_p05": 0.0,
  "summary_bg_p95": 25.426177233457565,
  "summary_bg_stdv": 11.77592506748269,
  "summary_csf_k": 2.889525835572184,
  "summary_csf_mad": 55.088888763557826,
  "summary_csf_mean": 357.00629956535766,
  "summary_csf_median": 337.9947969056666,
  "summary_csf_n": 54170.0,
  "summary_csf_p05": 264.5738208057359,
  "summary_csf_p95": 524.966769059561,
  "summary_csf_stdv": 80.04920377114101,
  "summary_gm_k": 0.07754416437468814,
  "summary_gm_mad": 71.02439935457144,
  "summary_gm_mean": 750.5583242864334,
  "summary_gm_median": 749.7832945547998,
  "summary_gm_n": 23550.0,
  "summary_gm_p05": 638.890489757061,
  "summary_gm_p95": 867.7838716246188,
  "summary_gm_stdv": 70.16778365100923,
  "summary_wm_k": 0.5991796983903339,
  "summary_wm_mad": 40.866873935018795,
  "summary_wm_mean": 999.3218883689301,
  "summary_wm_median": 1000.0577800050378,
  "summary_wm_n": 254447.0,
  "summary_wm_p05": 926.8997336924076,
  "summary_wm_p95": 1068.766245301813,
  "summary_wm_stdv": 43.39220529615874,
  "tpm_overlap_csf": 0.15692302584648132,
  "tpm_overlap_gm": 0.3970480263233185,
  "tpm_overlap_wm": 0.4705771803855896,
  "wm2max": 0.5375014824695238
}