{
  "aor": 0.0009390555555555555,
  "aqi": 0.007451845500000001,
  "bids_meta": {
    "AccelFactPE": 2,
    "AcquisitionNumber": 1,
    "AcquisitionTime": "11:22:53.182500",
    "BandwidthPerPixelPhaseEncode": 65.104,
    "BodyPartExamined": "HEAD",
    "ConversionSoftware": "dcm2niix",
    "ConversionSoftwareVersion": "v1.0.20170724 GCC4.8.5",
    "DeviceSerialNumber": "35353",
    "EchoTime": 0.027,
    "EffectiveEchoSpacing": 0.000240001,
    "FlipAngle": 90,
    "ImageType": [
      "ORIGINAL",
      "PRIMARY",
      "M",
      "ND",
      "MOSAIC"
    ],
    "InstitutionAddress": "De_Pintelaan_185_Gent_ACCD6F_District_BE_9000",
    "InstitutionName": "UZ_Gent",
    "MagneticFieldStrength": 3,
    "Manufacturer": "Siemens",
    "ManufacturersModelName": "TrioTim",
    "Modality": "MR",
    "PhaseEncodingDirection": "j-",
    "PhaseEncodingLines": 64,
    "ProcedureStepDescription": "MR_hersenen_(stereotaxie_neuronavigatie)",
    "ProtocolName": "fMRI_Resting_State",
    "RepetitionTime": 2.4,
    "ScanningSequence": "EP",
    "SequenceName": "_epfid2d1_64",
    "SequenceVariant": "SK",
    "SeriesDescription": "fMRI_Resting_State",
    "SliceTiming": [
      2.3325,
      2.275,
      2.2175,
      2.1625,
      2.105,
      2.0475,
      1.99,
      1.935,
      1.8775,
      1.82,
      1.7625,
      1.7075,
      1.65,
      1.5925,
      1.535,
      1.48,
      1.4225,
      1.365,
      1.3075,
      1.2525,
      1.195,
      1.1375,
      1.08,
      1.025,
      0.9675,
      0.91,
      0.8525,
      0.7975,
      0.74,
      0.6825,
      0.625,
      0.57,
      0.5125,
      0.455,
      0.3975,
      0.3425,
      0.285,
      0.2275,
      0.17,
      0.115,
      0.0575,
      0
    ],
    "SoftwareVersions": "syngo_MR_B17",
    "TaskName": "rest",
    "TotalReadoutTime": 0.01464,
    "TrueEchoSpacing": 0.000480001,
    "dataset": "<unset>",
    "modality": "bold",
    "session_id": "preop",
    "subject_id": "PAT25",
    "task_id": "rest"
  },
  "dummy_trs": 0,
  "dvars_nstd": 38.707238074692725,
  "dvars_std": 1.0620703371508378,
  "dvars_vstd": 0.982506535586592,
  "efc": 0.575539562689817,
  "fber": 359.2442932128906,
  "fd_mean": 0.28446138662287423,
  "fd_num": 135,
  "fd_perc": 75.0,
  "fwhm_avg": 2.7636677777777776,
  "fwhm_x": 2.6041466666666664,
  "fwhm_y": 2.7821700000000003,
  "fwhm_z": 2.9046866666666666,
  "gcor": 0.0109122,
  "gsr_x": 0.0014724252978339791,
  "gsr_y": 0.06138264760375023,
  "provenance": {
    "md5sum": "94d2140f3eff3b3cf99e80a2f459ac82",
    "settings": {
      "fd_thres": 0.2,
      "testing": false
    },
    "software": "mriqc",
    "version": "21.0.0rc2",
    "webapi_port": null,
    "webapi_url": "https://mriqc.nimh.nih.gov/api/v1"
  },
  "size_t": 180,
  "size_x": 64,
  "size_y": 64,
  "size_z": 42,
  "snr": 2.8948003798267634,
  "spacing_tr": 2.4000000953674316,
  "spacing_x": 3.0,
  "spacing_y": 3.0,
  "spacing_z": 3.0,
  "summary_bg_k": 40.64619061084668,
  "summary_bg_mad": 12.536227373431117,
  "summary_bg_mean": 49.39998245239258,
  "summary_bg_median": 28.572223663330078,
  "summary_bg_n": 95823.0,
  "summary_bg_p05": 18.561111450195312,
  "summary_bg_p95": 140.20334320068346,
  "summary_bg_stdv": 62.360572814941406,
  "summary_fg_k": 2.9083210063860134,
  "summary_fg_mad": 156.8675312878048,
  "summary_fg_mean": 577.1317749023438,
  "summary_fg_median": 542.0833740234375,
  "summary_fg_n": 38955.0,
  "summary_fg_p05": 341.4111328125,
  "summary_fg_p95": 930.4161315917968,
  "summary_fg_stdv": 187.25865173339844,
  "tsnr": 38.125965895014815
}