{
  "bids_meta": {
    "AccelFactPE": 2,
    "AcquisitionNumber": 1,
    "AcquisitionTime": "13:17:15.192500",
    "BodyPartExamined": "HEAD",
    "ConversionSoftware": "dcm2niix",
    "ConversionSoftwareVersion": "v1.0.20170724 GCC4.8.5",
    "DeviceSerialNumber": "35353",
    "EchoTime": 0.00418,
    "FlipAngle": 9,
    "ImageType": [
      "ORIGINAL",
      "PRIMARY",
      "M",
      "ND",
      "NORM"
    ],
    "InstitutionAddress": "De_Pintelaan_185_Gent_ACCD6F_District_BE_9000",
    "InstitutionName": "UZ_Gent",
    "InversionTime": 0.9,
    "MagneticFieldStrength": 3,
    "Manufacturer": "Siemens",
    "ManufacturersModelName": "TrioTim",
    "Modality": "MR",
    "PhaseEncodingDirection": "i-",
    "PhaseEncodingLines": 256,
    "ProcedureStepDescription": "Brain_Research_3T_MRP",
    "ProtocolName": "T1_mprage",
    "RepetitionTime": 1.75,
    "ScanningSequence": "GR_IR",
    "SequenceName": "_tfl3d1_ns",
    "SequenceVariant": "SP_MP",
    "SeriesDescription": "T1_mprage",
    "SoftwareVersions": "syngo_MR_B17",
    "dataset": "<unset>",
    "modality": "T1w",
    "session_id": "preop",
    "subject_id": "PAT20"
  },
  "cjv": 0.4612053577803246,
  "cnr": 2.9091598552005387,
  "efc": 0.5723000543618862,
  "fber": 7063.253661818747,
  "fwhm_avg": 3.4174740402408683,
  "fwhm_x": 3.5579821207226043,
  "fwhm_y": 3.51846,
  "fwhm_z": 3.17598,
  "icvs_csf": 0.25169837311632176,
  "icvs_gm": 0.38388970496968494,
  "icvs_wm": 0.3644119219139933,
  "inu_med": 1.2488292455673218,
  "inu_range": 0.3914074659347533,
  "provenance": {
    "md5sum": "5a773054340f6f84d68e93a676c9e389",
    "settings": {
      "testing": false
    },
    "software": "mriqc",
    "version": "21.0.0rc2",
    "warnings": {
      "large_rot_frame": true,
      "small_air_mask": false
    },
    "webapi_port": null,
    "webapi_url": "https://mriqc.nimh.nih.gov/api/v1"
  },
  "qi_1": 0.0,
  "qi_2": 0.01714414237592863,
  "rpve_csf": 23.25019296406184,
  "rpve_gm": 14.274691732641859,
  "rpve_wm": 17.607496240207198,
  "size_x": 160,
  "size_y": 256,
  "size_z": 256,
  "snr_csf": 4.4081957837326735,
  "snr_gm": 15.68429523331596,
  "snr_total": 13.716925941413322,
  "snr_wm": 21.058286807191337,
  "snrd_csf": 37.214214290376276,
  "snrd_gm": 84.80306756722813,
  "snrd_total": 76.16607387601822,
  "snrd_wm": 106.48093977045023,
  "spacing_x": 0.9999994039535522,
  "spacing_y": 1.0,
  "spacing_z": 1.0,
  "summary_bg_k": 7735.634582452286,
  "summary_bg_mad": 6.152616262163972,
  "summary_bg_mean": 6.240713299268105,
  "summary_bg_median": 4.149876605719328,
  "summary_bg_n": 2720071.0,
  "summary_bg_p05": 0.0,
  "summary_bg_p95": 16.779935840517282,
  "summary_bg_stdv": 8.004071632333114,
  "summary_csf_k": 23.66392148560915,
  "summary_csf_mad": 50.64762372332082,
  "summary_csf_mean": 366.73650553891946,
  "summary_csf_median": 349.4917819686234,
  "summary_csf_n": 63017.0,
  "summary_csf_p05": 281.7104640752077,
  "summary_csf_p95": 517.4114266522229,
  "summary_csf_stdv": 79.28164403479768,
  "summary_gm_k": 0.28511678309175714,
  "summary_gm_mad": 49.39926680056291,
  "summary_gm_mean": 795.7620100927749,
  "summary_gm_median": 796.415449462831,
  "summary_gm_n": 12228.0,
  "summary_gm_p05": 710.6122399041429,
  "summary_gm_p95": 878.1499756537378,
  "summary_gm_stdv": 50.77581566226953,
  "summary_wm_k": 0.39524827703378884,
  "summary_wm_mad": 44.495007461156845,
  "summary_wm_mean": 998.4727564185134,
  "summary_wm_median": 999.9999756999314,
  "summary_wm_n": 169199.0,
  "summary_wm_p05": 916.6415847502649,
  "summary_wm_p95": 1073.915893793106,
  "summary_wm_stdv": 47.48710233417154,
  "tpm_overlap_csf": 0.1655833125114441,
  "tpm_overlap_gm": 0.40871480107307434,
  "tpm_overlap_wm": 0.46389415860176086,
  "wm2max": 0.478117092247527
}