{
  "aor": 0.000623,
  "aqi": 0.007043798555555554,
  "bids_meta": {
    "AccelFactPE": 2,
    "AcquisitionNumber": 1,
    "AcquisitionTime": "12:23:48.132500",
    "BandwidthPerPixelPhaseEncode": 65.104,
    "BodyPartExamined": "HEAD",
    "ConversionSoftware": "dcm2niix",
    "ConversionSoftwareVersion": "v1.0.20170724 GCC4.8.5",
    "DeviceSerialNumber": "35353",
    "EchoTime": 0.027,
    "EffectiveEchoSpacing": 0.000240001,
    "FlipAngle": 90,
    "ImageType": [
      "ORIGINAL",
      "PRIMARY",
      "M",
      "ND",
      "MOSAIC"
    ],
    "InstitutionAddress": "De_Pintelaan_185_Gent_88C96F_District_BE_9000",
    "InstitutionName": "UZ",
    "MagneticFieldStrength": 3,
    "Manufacturer": "Siemens",
    "ManufacturersModelName": "TrioTim",
    "Modality": "MR",
    "PhaseEncodingDirection": "j-",
    "PhaseEncodingLines": 64,
    "ProcedureStepDescription": "MR_hersenen_(stereotaxie_neuronavigatie)",
    "ProtocolName": "RESTING_STATE_6min",
    "RepetitionTime": 2.1,
    "ScanningSequence": "EP",
    "SequenceName": "_epfid2d1_64",
    "SequenceVariant": "SK",
    "SeriesDescription": "RESTING_STATE_6min",
    "SliceTiming": [
      2.0375,
      1.9875,
      1.9375,
      1.8875,
      1.8375,
      1.79,
      1.74,
      1.69,
      1.64,
      1.59,
      1.54,
      1.49,
      1.44,
      1.39,
      1.3425,
      1.2925,
      1.2425,
      1.1925,
      1.1425,
      1.0925,
      1.0425,
      0.9925,
      0.945,
      0.895,
      0.845,
      0.795,
      0.745,
      0.695,
      0.645,
      0.595,
      0.545,
      0.4975,
      0.4475,
      0.3975,
      0.3475,
      0.2975,
      0.2475,
      0.1975,
      0.1475,
      0.0975,
      0.05,
      0
    ],
    "SoftwareVersions": "syngo_MR_B17",
    "TaskName": "rest",
    "TotalReadoutTime": 0.01464,
    "TrueEchoSpacing": 0.000480001,
    "dataset": "<unset>",
    "modality": "bold",
    "session_id": "preop",
    "subject_id": "PAT05",
    "task_id": "rest"
  },
  "dummy_trs": 0,
  "dvars_nstd": 43.73416043910616,
  "dvars_std": 1.0509095621787707,
  "dvars_vstd": 0.9983102568156422,
  "efc": 0.5589271472727624,
  "fber": 315.1536865234375,
  "fd_mean": 0.16717596164152257,
  "fd_num": 39,
  "fd_perc": 21.666666666666668,
  "fwhm_avg": 2.4530863758108468,
  "fwhm_x": 2.2955733333333335,
  "fwhm_y": 2.536043333333333,
  "fwhm_z": 2.527642460765874,
  "gcor": 0.00650674,
  "gsr_x": 0.016556160524487495,
  "gsr_y": 0.08023175597190857,
  "provenance": {
    "md5sum": "ac8ca185d9b29aa85037ee94e59a7b29",
    "settings": {
      "fd_thres": 0.2,
      "testing": false
    },
    "software": "mriqc",
    "version": "21.0.0rc2",
    "webapi_port": null,
    "webapi_url": "https://mriqc.nimh.nih.gov/api/v1"
  },
  "size_t": 180,
  "size_x": 64,
  "size_y": 64,
  "size_z": 42,
  "snr": 3.2207983497876818,
  "spacing_tr": 2.0999999046325684,
  "spacing_x": 3.0,
  "spacing_y": 3.0,
  "spacing_z": 3.299999952316284,
  "summary_bg_k": 56.108053335337765,
  "summary_bg_mad": 16.086234636353645,
  "summary_bg_mean": 50.033878326416016,
  "summary_bg_median": 30.616666793823242,
  "summary_bg_n": 104523.0,
  "summary_bg_p05": 17.372778511047365,
  "summary_bg_p95": 140.35444946289056,
  "summary_bg_stdv": 63.42963790893555,
  "summary_fg_k": 1.0386852327823535,
  "summary_fg_mad": 156.62044599986353,
  "summary_fg_mean": 561.7266235351562,
  "summary_fg_median": 540.3055419921875,
  "summary_fg_n": 32306.0,
  "summary_fg_p05": 328.1513900756836,
  "summary_fg_p95": 871.2430572509766,
  "summary_fg_stdv": 167.7525634765625,
  "tsnr": 33.59512015886139
}