{
  "bids_meta": {
    "AccelFactPE": 2,
    "AcquisitionNumber": 1,
    "AcquisitionTime": "14:28:18.205000",
    "BodyPartExamined": "HEAD",
    "ConversionSoftware": "dcm2niix",
    "ConversionSoftwareVersion": "v1.0.20170724 GCC4.8.5",
    "DeviceSerialNumber": "35353",
    "EchoTime": 0.00418,
    "FlipAngle": 9,
    "ImageType": [
      "ORIGINAL",
      "PRIMARY",
      "M",
      "ND",
      "NORM"
    ],
    "InstitutionAddress": "De_Pintelaan_185_Gent_ACCD6F_District_BE_9000",
    "InstitutionName": "UZ_Gent",
    "InversionTime": 0.9,
    "MagneticFieldStrength": 3,
    "Manufacturer": "Siemens",
    "ManufacturersModelName": "TrioTim",
    "Modality": "MR",
    "PhaseEncodingDirection": "i-",
    "PhaseEncodingLines": 256,
    "ProcedureStepDescription": "MR_hersenen_(stereotaxie_neuronavigatie)",
    "ProtocolName": "T1_mprage",
    "RepetitionTime": 1.75,
    "ScanningSequence": "GR_IR",
    "SequenceName": "_tfl3d1_ns",
    "SequenceVariant": "SP_MP",
    "SeriesDescription": "T1_mprage",
    "SoftwareVersions": "syngo_MR_B17",
    "dataset": "<unset>",
    "modality": "T1w",
    "session_id": "preop",
    "subject_id": "PAT27"
  },
  "cjv": 0.5747249334507525,
  "cnr": 2.3217818030472817,
  "efc": 0.6394151089140712,
  "fber": 4821.014534398076,
  "fwhm_avg": 3.6245164813855624,
  "fwhm_x": 3.7725394441566857,
  "fwhm_y": 3.78511,
  "fwhm_z": 3.3159,
  "icvs_csf": 0.18771047722896672,
  "icvs_gm": 0.39468892511278225,
  "icvs_wm": 0.417600597658251,
  "inu_med": 1.3062750101089478,
  "inu_range": 0.486331582069397,
  "provenance": {
    "md5sum": "42541d52e5940f049cf57fb8cb3f804c",
    "settings": {
      "testing": false
    },
    "software": "mriqc",
    "version": "21.0.0rc2",
    "warnings": {
      "large_rot_frame": true,
      "small_air_mask": false
    },
    "webapi_port": null,
    "webapi_url": "https://mriqc.nimh.nih.gov/api/v1"
  },
  "qi_1": 0.0,
  "qi_2": 0.012085423478204883,
  "rpve_csf": 22.52452593298121,
  "rpve_gm": 10.948317502916781,
  "rpve_wm": 12.404557278764733,
  "size_x": 160,
  "size_y": 256,
  "size_z": 256,
  "snr_csf": 3.338847771018739,
  "snr_gm": 11.684711400938843,
  "snr_total": 12.69357837453004,
  "snr_wm": 23.057175951632537,
  "snrd_csf": 46.31388566960586,
  "snrd_gm": 96.94755636547698,
  "snrd_total": 87.67563682938383,
  "snrd_wm": 119.76546845306862,
  "spacing_x": 0.9999974966049194,
  "spacing_y": 1.0,
  "spacing_z": 1.0,
  "summary_bg_k": 391.5676820853924,
  "summary_bg_mad": 5.470509125809415,
  "summary_bg_mean": 6.676819470263972,
  "summary_bg_median": 3.689802333712578,
  "summary_bg_n": 1838043.0,
  "summary_bg_p05": 0.0,
  "summary_bg_p95": 18.44901166856289,
  "summary_bg_stdv": 7.328846242478817,
  "summary_csf_k": 3.078133465667058,
  "summary_csf_mad": 91.96114478731344,
  "summary_csf_mean": 414.8906477025545,
  "summary_csf_median": 386.7294549420476,
  "summary_csf_n": 35939.0,
  "summary_csf_p05": 282.7788167819381,
  "summary_csf_p95": 644.8311281852423,
  "summary_csf_stdv": 115.8256084336168,
  "summary_gm_k": 0.2699004661898039,
  "summary_gm_mad": 69.4188744240643,
  "summary_gm_mean": 813.8523255836651,
  "summary_gm_median": 809.5299085602164,
  "summary_gm_n": 12605.0,
  "summary_gm_p05": 709.0782208889723,
  "summary_gm_p95": 933.5708842545747,
  "summary_gm_stdv": 69.2783731396389,
  "summary_wm_k": 0.8118327670669081,
  "summary_wm_mad": 40.085627214982786,
  "summary_wm_mean": 1001.860337690553,
  "summary_wm_median": 1000.0636669993401,
  "summary_wm_n": 282459.0,
  "summary_wm_p05": 933.9653114005923,
  "summary_wm_p95": 1075.895466685295,
  "summary_wm_stdv": 43.37313029204037,
  "tpm_overlap_csf": 0.1808573454618454,
  "tpm_overlap_gm": 0.4393218457698822,
  "tpm_overlap_wm": 0.5071319341659546,
  "wm2max": 0.5387251542152159
}