{
	"Modality": "MR",
	"Manufacturer": "Siemens",
	"ManufacturersModelName": "TrioTim",
	"AcquisitionNumber": 1,
	"InstitutionName": "UZ_Gent",
	"InstitutionAddress": "De_Pintelaan_185_Gent_ACCD6F_District_BE_9000",
	"DeviceSerialNumber": "35353",
	"SoftwareVersions": "syngo_MR_B17",
	"ProcedureStepDescription": "Brain_Research_3T_MRP",
	"ScanningSequence": "EP",
	"SequenceVariant": "SK",
	"SeriesDescription": "fMRI_Resting_State",
	"BodyPartExamined": "HEAD",
	"ProtocolName": "fMRI_Resting_State",
	"SequenceName": "_epfid2d1_64",
	"ImageType": ["ORIGINAL", "PRIMARY", "M", "ND", "MOSAIC"],
	"AcquisitionTime": "13:30:35.567500",
	"MagneticFieldStrength": 3,
	"FlipAngle": 90,
	"EchoTime": 0.027,
	"RepetitionTime": 2.4,
	"PhaseEncodingLines": 64,
	"BandwidthPerPixelPhaseEncode": 65.104,
	"EffectiveEchoSpacing": 0.000240001,
	"TotalReadoutTime": 0.01464,
	"AccelFactPE": 2,
	"TrueEchoSpacing": 0.000480001,
	"SliceTiming": [
		2.3325,
		2.2775,
		2.22,
		2.1625,
		2.105,
		2.0475,
		1.9925,
		1.935,
		1.8775,
		1.82,
		1.765,
		1.7075,
		1.65,
		1.5925,
		1.5375,
		1.48,
		1.4225,
		1.365,
		1.31,
		1.2525,
		1.195,
		1.1375,
		1.0825,
		1.025,
		0.9675,
		0.91,
		0.855,
		0.7975,
		0.74,
		0.6825,
		0.6275,
		0.57,
		0.5125,
		0.455,
		0.4,
		0.3425,
		0.285,
		0.2275,
		0.1725,
		0.115,
		0.0575,
		0	],
	"PhaseEncodingDirection": "j-",
	"ConversionSoftware": "dcm2niix",
	"ConversionSoftwareVersion": "v1.0.20170724 GCC4.8.5",
	"TaskName": "rest"
}
