{
	"Modality": "MR",
	"Manufacturer": "Siemens",
	"ManufacturersModelName": "TrioTim",
	"AcquisitionNumber": 1,
	"InstitutionName": "UZ",
	"InstitutionAddress": "De_Pintelaan_185_Gent_88C96F_District_BE_9000",
	"DeviceSerialNumber": "35353",
	"SoftwareVersions": "syngo_MR_B17",
	"ProcedureStepDescription": "MR_hersenen_(stereotaxie_neuronavigatie)",
	"ScanningSequence": "EP",
	"SequenceVariant": "SK",
	"SeriesDescription": "RESTING_STATE_6min",
	"BodyPartExamined": "HEAD",
	"ProtocolName": "RESTING_STATE_6min",
	"SequenceName": "_epfid2d1_64",
	"ImageType": ["ORIGINAL", "PRIMARY", "M", "ND", "MOSAIC"],
	"AcquisitionTime": "14:44:11.222500",
	"MagneticFieldStrength": 3,
	"FlipAngle": 90,
	"EchoTime": 0.027,
	"RepetitionTime": 2.1,
	"PhaseEncodingLines": 64,
	"BandwidthPerPixelPhaseEncode": 65.104,
	"EffectiveEchoSpacing": 0.000240001,
	"TotalReadoutTime": 0.01464,
	"AccelFactPE": 2,
	"TrueEchoSpacing": 0.000480001,
	"SliceTiming": [
		2.0375,
		1.9875,
		1.94,
		1.89,
		1.84,
		1.79,
		1.74,
		1.69,
		1.64,
		1.59,
		1.5425,
		1.4925,
		1.4425,
		1.3925,
		1.3425,
		1.2925,
		1.2425,
		1.1925,
		1.1425,
		1.095,
		1.045,
		0.995,
		0.945,
		0.895,
		0.845,
		0.795,
		0.745,
		0.6975,
		0.6475,
		0.5975,
		0.5475,
		0.4975,
		0.4475,
		0.3975,
		0.3475,
		0.2975,
		0.25,
		0.2,
		0.15,
		0.1,
		0.05,
		0	],
	"PhaseEncodingDirection": "j-",
	"ConversionSoftware": "dcm2niix",
	"ConversionSoftwareVersion": "v1.0.20170724 GCC4.8.5",
	"TaskName": "rest"
}
