{
  "bids_meta": {
    "AccelFactPE": 2,
    "AcquisitionNumber": 1,
    "AcquisitionTime": "11:33:59.205000",
    "BodyPartExamined": "HEAD",
    "ConversionSoftware": "dcm2niix",
    "ConversionSoftwareVersion": "v1.0.20170724 GCC4.8.5",
    "DeviceSerialNumber": "35353",
    "EchoTime": 0.00418,
    "FlipAngle": 9,
    "ImageType": [
      "ORIGINAL",
      "PRIMARY",
      "M",
      "ND",
      "NORM"
    ],
    "InstitutionAddress": "De_Pintelaan_185_Gent_ACCD6F_District_BE_9000",
    "InstitutionName": "UZ",
    "InversionTime": 0.9,
    "MagneticFieldStrength": 3,
    "Manufacturer": "Siemens",
    "ManufacturersModelName": "TrioTim",
    "Modality": "MR",
    "PhaseEncodingDirection": "i-",
    "PhaseEncodingLines": 256,
    "ProcedureStepDescription": "MR_hersenen_(stereotaxie_neuronavigatie)",
    "ProtocolName": "T1_mprage",
    "RepetitionTime": 1.75,
    "ScanningSequence": "GR_IR",
    "SequenceName": "_tfl3d1_ns",
    "SequenceVariant": "SP_MP",
    "SeriesDescription": "T1_mprage",
    "SoftwareVersions": "syngo_MR_B17",
    "dataset": "<unset>",
    "modality": "T1w",
    "session_id": "preop",
    "subject_id": "PAT15"
  },
  "cjv": 0.5027096108845709,
  "cnr": 2.5458489391664236,
  "efc": 0.5608320474420807,
  "fber": 7458.272466181063,
  "fwhm_avg": 3.4967949481336666,
  "fwhm_x": 3.593274844400999,
  "fwhm_y": 3.65789,
  "fwhm_z": 3.23922,
  "icvs_csf": 0.17610682374263137,
  "icvs_gm": 0.41230311230022737,
  "icvs_wm": 0.41159006395714126,
  "inu_med": 1.315326452255249,
  "inu_range": 0.3778079628944395,
  "provenance": {
    "md5sum": "9ec6778bc6edcca4121b7e95aab6aca1",
    "settings": {
      "testing": false
    },
    "software": "mriqc",
    "version": "21.0.0rc2",
    "warnings": {
      "large_rot_frame": true,
      "small_air_mask": false
    },
    "webapi_port": null,
    "webapi_url": "https://mriqc.nimh.nih.gov/api/v1"
  },
  "qi_1": 0.0,
  "qi_2": 0.006600359857661587,
  "rpve_csf": 28.252259922238068,
  "rpve_gm": 12.68809638956467,
  "rpve_wm": 14.955673141904036,
  "size_x": 160,
  "size_y": 256,
  "size_z": 256,
  "snr_csf": 3.2562728104369096,
  "snr_gm": 12.296769799064135,
  "snr_total": 13.384060277820538,
  "snr_wm": 24.599138223960566,
  "snrd_csf": 61.6256511534252,
  "snrd_gm": 125.04432663026087,
  "snrd_total": 114.10489545014833,
  "snrd_wm": 155.64470856675896,
  "spacing_x": 0.999993085861206,
  "spacing_y": 1.0,
  "spacing_z": 1.0,
  "summary_bg_k": 1886.8182171335136,
  "summary_bg_mad": 4.209178507080359,
  "summary_bg_mean": 6.390424549091658,
  "summary_bg_median": 5.678095519542694,
  "summary_bg_n": 2553531.0,
  "summary_bg_p05": 0.0,
  "summary_bg_p95": 16.979689486324787,
  "summary_bg_stdv": 6.55251192544835,
  "summary_csf_k": 5.352624878897357,
  "summary_csf_mad": 101.62737722383443,
  "summary_csf_mean": 421.680629329652,
  "summary_csf_median": 395.9379683434963,
  "summary_csf_n": 23554.0,
  "summary_csf_p05": 273.1846408303827,
  "summary_csf_p95": 646.6340750921514,
  "summary_csf_stdv": 121.58980110221592,
  "summary_gm_k": -0.020838931830986063,
  "summary_gm_mad": 63.78524353037159,
  "summary_gm_mean": 808.2699445002416,
  "summary_gm_median": 803.3959189429879,
  "summary_gm_n": 16178.0,
  "summary_gm_p05": 708.5608043521643,
  "summary_gm_p95": 924.9835989624262,
  "summary_gm_stdv": 65.33187998123525,
  "summary_wm_k": 1.6580521915357567,
  "summary_wm_mad": 35.04950564549606,
  "summary_wm_mean": 1000.3994708488278,
  "summary_wm_median": 999.9999763071537,
  "summary_wm_n": 216950.0,
  "summary_wm_p05": 934.756474904716,
  "summary_wm_p95": 1066.117030866444,
  "summary_wm_stdv": 40.65173594788848,
  "tpm_overlap_csf": 0.15950056910514832,
  "tpm_overlap_gm": 0.4202210307121277,
  "tpm_overlap_wm": 0.48870572447776794,
  "wm2max": 0.6116955548876198
}