{
  "aor": 0.0009631666666666665,
  "aqi": 0.0052399645,
  "bids_meta": {
    "AccelFactPE": 2,
    "AcquisitionNumber": 1,
    "AcquisitionTime": "11:28:45.750000",
    "BandwidthPerPixelPhaseEncode": 65.104,
    "BodyPartExamined": "HEAD",
    "ConversionSoftware": "dcm2niix",
    "ConversionSoftwareVersion": "v1.0.20170724 GCC4.8.5",
    "DeviceSerialNumber": "35353",
    "EchoTime": 0.027,
    "EffectiveEchoSpacing": 0.000240001,
    "FlipAngle": 90,
    "ImageType": [
      "ORIGINAL",
      "PRIMARY",
      "M",
      "ND",
      "MOSAIC"
    ],
    "InstitutionAddress": "De_Pintelaan_185_Gent_88C96F_District_BE_9000",
    "InstitutionName": "UZ",
    "MagneticFieldStrength": 3,
    "Manufacturer": "Siemens",
    "ManufacturersModelName": "TrioTim",
    "Modality": "MR",
    "PhaseEncodingDirection": "j-",
    "PhaseEncodingLines": 64,
    "ProcedureStepDescription": "MR_hersenen_(stereotaxie_neuronavigatie)",
    "ProtocolName": "fMRI_Resting_State",
    "RepetitionTime": 2.4,
    "ScanningSequence": "EP",
    "SequenceName": "_epfid2d1_64",
    "SequenceVariant": "SK",
    "SeriesDescription": "fMRI_Resting_State",
    "SliceTiming": [
      2.3325,
      2.275,
      2.22,
      2.1625,
      2.105,
      2.0475,
      1.9925,
      1.935,
      1.8775,
      1.82,
      1.765,
      1.7075,
      1.65,
      1.5925,
      1.5375,
      1.48,
      1.4225,
      1.365,
      1.31,
      1.2525,
      1.195,
      1.1375,
      1.0825,
      1.025,
      0.9675,
      0.91,
      0.855,
      0.7975,
      0.74,
      0.6825,
      0.6275,
      0.57,
      0.5125,
      0.455,
      0.4,
      0.3425,
      0.285,
      0.2275,
      0.1725,
      0.115,
      0.0575,
      0
    ],
    "SoftwareVersions": "syngo_MR_B17",
    "TaskName": "rest",
    "TotalReadoutTime": 0.01464,
    "TrueEchoSpacing": 0.000480001,
    "dataset": "<unset>",
    "modality": "bold",
    "session_id": "preop",
    "subject_id": "PAT10",
    "task_id": "rest"
  },
  "dummy_trs": 0,
  "dvars_nstd": 29.726295769162007,
  "dvars_std": 1.0244396241340783,
  "dvars_vstd": 0.9909169039106143,
  "efc": 0.5658894639117409,
  "fber": 379.77227783203125,
  "fd_mean": 0.10006994538748731,
  "fd_num": 13,
  "fd_perc": 7.222222222222222,
  "fwhm_avg": 2.683622222222222,
  "fwhm_x": 2.5906866666666666,
  "fwhm_y": 2.72889,
  "fwhm_z": 2.73129,
  "gcor": 0.0112334,
  "gsr_x": 0.0021861931309103966,
  "gsr_y": 0.05443108454346657,
  "provenance": {
    "md5sum": "2c2e62acfacfad3c64e5fad84ae2bf74",
    "settings": {
      "fd_thres": 0.2,
      "testing": false
    },
    "software": "mriqc",
    "version": "21.0.0rc2",
    "webapi_port": null,
    "webapi_url": "https://mriqc.nimh.nih.gov/api/v1"
  },
  "size_t": 180,
  "size_x": 64,
  "size_y": 64,
  "size_z": 42,
  "snr": 2.9358382052004037,
  "spacing_tr": 2.4000000953674316,
  "spacing_x": 3.0,
  "spacing_y": 3.0,
  "spacing_z": 3.0,
  "summary_bg_k": 93.02554494091395,
  "summary_bg_mad": 12.050263187239201,
  "summary_bg_mean": 49.592594146728516,
  "summary_bg_median": 28.93889045715332,
  "summary_bg_n": 96854.0,
  "summary_bg_p05": 19.172222137451172,
  "summary_bg_p95": 130.51888961791974,
  "summary_bg_stdv": 81.36965942382812,
  "summary_fg_k": 1.4248189598672747,
  "summary_fg_mad": 177.2615917057696,
  "summary_fg_mean": 603.5208740234375,
  "summary_fg_median": 574.7000122070312,
  "summary_fg_n": 37043.0,
  "summary_fg_p05": 337.86278076171874,
  "summary_fg_p95": 965.0711547851563,
  "summary_fg_stdv": 195.7506561279297,
  "tsnr": 42.829443611204624
}