{
  "bids_meta": {
    "AccelFactPE": 2,
    "AcquisitionNumber": 1,
    "AcquisitionTime": "14:28:40.290000",
    "BodyPartExamined": "HEAD",
    "ConversionSoftware": "dcm2niix",
    "ConversionSoftwareVersion": "v1.0.20170724 GCC4.8.5",
    "DeviceSerialNumber": "35353",
    "EchoTime": 0.00418,
    "FlipAngle": 9,
    "ImageType": [
      "ORIGINAL",
      "PRIMARY",
      "M",
      "ND",
      "NORM"
    ],
    "InstitutionAddress": "De_Pintelaan_185_Gent_88C96F_District_BE_9000",
    "InstitutionName": "UZ",
    "InversionTime": 0.9,
    "MagneticFieldStrength": 3,
    "Manufacturer": "Siemens",
    "ManufacturersModelName": "TrioTim",
    "Modality": "MR",
    "PhaseEncodingDirection": "i-",
    "PhaseEncodingLines": 256,
    "ProcedureStepDescription": "MR_hersenen_(structuur_alleen)",
    "ProtocolName": "T1_mprage",
    "RepetitionTime": 1.7,
    "ScanningSequence": "GR_IR",
    "SequenceName": "_tfl3d1_ns",
    "SequenceVariant": "SP_MP",
    "SeriesDescription": "T1_mprage",
    "SoftwareVersions": "syngo_MR_B17",
    "dataset": "<unset>",
    "modality": "T1w",
    "session_id": "preop",
    "subject_id": "CON03"
  },
  "cjv": 0.5388688832645361,
  "cnr": 2.4898160587180422,
  "efc": 0.6058985052473961,
  "fber": 6755.539723578794,
  "fwhm_avg": 3.6555560667581237,
  "fwhm_x": 3.774298200274372,
  "fwhm_y": 3.76228,
  "fwhm_z": 3.43009,
  "icvs_csf": 0.1830036166974414,
  "icvs_gm": 0.40378018060368054,
  "icvs_wm": 0.4132162026988781,
  "inu_med": 1.2962666749954224,
  "inu_range": 0.44669103622436523,
  "provenance": {
    "md5sum": "b692b814075cb531c8c59934de305b03",
    "settings": {
      "testing": false
    },
    "software": "mriqc",
    "version": "21.0.0rc2",
    "warnings": {
      "large_rot_frame": true,
      "small_air_mask": false
    },
    "webapi_port": null,
    "webapi_url": "https://mriqc.nimh.nih.gov/api/v1"
  },
  "qi_1": 0.0,
  "qi_2": 0.01099971994690739,
  "rpve_csf": 29.71333238271781,
  "rpve_gm": 14.078326632933305,
  "rpve_wm": 16.486569613116167,
  "size_x": 160,
  "size_y": 256,
  "size_z": 256,
  "snr_csf": 3.6759695544595927,
  "snr_gm": 11.659555671509091,
  "snr_total": 12.049841638394883,
  "snr_wm": 20.813999689215965,
  "snrd_csf": 39.35769504730424,
  "snrd_gm": 79.54392029144509,
  "snrd_total": 73.11151312691372,
  "snrd_wm": 100.43292404199185,
  "spacing_x": 1.0000004768371582,
  "spacing_y": 1.0,
  "spacing_z": 1.0,
  "summary_bg_k": 11.131538011241593,
  "summary_bg_mad": 6.523123729225686,
  "summary_bg_mean": 7.011651331500461,
  "summary_bg_median": 4.399780094623566,
  "summary_bg_n": 2220358.0,
  "summary_bg_p05": 0.0,
  "summary_bg_p95": 21.99890047311783,
  "summary_bg_stdv": 7.4919357703733365,
  "summary_csf_k": 1.0641275474368932,
  "summary_csf_mad": 90.43421533699247,
  "summary_csf_mean": 413.3669469305642,
  "summary_csf_median": 391.88041342794895,
  "summary_csf_n": 19782.0,
  "summary_csf_p05": 277.28864083848896,
  "summary_csf_p95": 620.6189808472991,
  "summary_csf_stdv": 106.60330629039174,
  "summary_gm_k": -0.0660376530246487,
  "summary_gm_mad": 67.89978790875827,
  "summary_gm_mean": 796.6287517693063,
  "summary_gm_median": 792.0104145333171,
  "summary_gm_n": 14016.0,
  "summary_gm_p05": 691.8529205042869,
  "summary_gm_p95": 914.8042771741748,
  "summary_gm_stdv": 67.9255867501387,
  "summary_wm_k": 0.5677216892069725,
  "summary_wm_mad": 44.179337984301235,
  "summary_wm_mean": 1000.062030684481,
  "summary_wm_median": 1000.0000190064311,
  "summary_wm_n": 203824.0,
  "summary_wm_p05": 920.5039922967553,
  "summary_wm_p95": 1079.2460582107306,
  "summary_wm_stdv": 48.04446914759489,
  "tpm_overlap_csf": 0.17410796880722046,
  "tpm_overlap_gm": 0.42985832691192627,
  "tpm_overlap_wm": 0.4899336099624634,
  "wm2max": 0.4636945333147865
}