{
  "aor": 0.0013904444444444444,
  "aqi": 0.0075655942777777775,
  "bids_meta": {
    "AccelFactPE": 2,
    "AcquisitionNumber": 1,
    "AcquisitionTime": "14:07:2.700000",
    "BandwidthPerPixelPhaseEncode": 65.104,
    "BodyPartExamined": "HEAD",
    "ConversionSoftware": "dcm2niix",
    "ConversionSoftwareVersion": "v1.0.20170724 GCC4.8.5",
    "DeviceSerialNumber": "35353",
    "EchoTime": 0.027,
    "EffectiveEchoSpacing": 0.000240001,
    "FlipAngle": 90,
    "ImageType": [
      "ORIGINAL",
      "PRIMARY",
      "M",
      "ND",
      "MOSAIC"
    ],
    "InstitutionAddress": "De_Pintelaan_185_Gent_ACCD6F_District_BE_9000",
    "InstitutionName": "UZ",
    "MagneticFieldStrength": 3,
    "Manufacturer": "Siemens",
    "ManufacturersModelName": "TrioTim",
    "Modality": "MR",
    "PhaseEncodingDirection": "j-",
    "PhaseEncodingLines": 64,
    "ProcedureStepDescription": "Brain_Research_3T_MRP",
    "ProtocolName": "fMRI_Resting_State",
    "RepetitionTime": 2.4,
    "ScanningSequence": "EP",
    "SequenceName": "_epfid2d1_64",
    "SequenceVariant": "SK",
    "SeriesDescription": "fMRI_Resting_State",
    "SliceTiming": [
      2.3325,
      2.275,
      2.2175,
      2.1625,
      2.105,
      2.0475,
      1.99,
      1.935,
      1.8775,
      1.82,
      1.7625,
      1.7075,
      1.65,
      1.5925,
      1.535,
      1.48,
      1.4225,
      1.365,
      1.3075,
      1.2525,
      1.195,
      1.1375,
      1.08,
      1.025,
      0.9675,
      0.91,
      0.8525,
      0.7975,
      0.74,
      0.6825,
      0.625,
      0.57,
      0.5125,
      0.455,
      0.3975,
      0.3425,
      0.285,
      0.2275,
      0.17,
      0.115,
      0.0575,
      0
    ],
    "SoftwareVersions": "syngo_MR_B17",
    "TaskName": "rest",
    "TotalReadoutTime": 0.01464,
    "TrueEchoSpacing": 0.000480001,
    "dataset": "<unset>",
    "modality": "bold",
    "session_id": "preop",
    "subject_id": "PAT14",
    "task_id": "rest"
  },
  "dummy_trs": 0,
  "dvars_nstd": 41.48107391206703,
  "dvars_std": 1.0763861564245805,
  "dvars_vstd": 0.98094418122905,
  "efc": 0.539959944088588,
  "fber": 530.6825561523438,
  "fd_mean": 0.30049235694402643,
  "fd_num": 134,
  "fd_perc": 74.44444444444444,
  "fwhm_avg": 2.596797777777778,
  "fwhm_x": 2.5265,
  "fwhm_y": 2.550526666666667,
  "fwhm_z": 2.713366666666667,
  "gcor": 0.00783816,
  "gsr_x": -0.009667494334280491,
  "gsr_y": 0.0538145937025547,
  "provenance": {
    "md5sum": "15fee7ef7f8f28788248584ede2c7185",
    "settings": {
      "fd_thres": 0.2,
      "testing": false
    },
    "software": "mriqc",
    "version": "21.0.0rc2",
    "webapi_port": null,
    "webapi_url": "https://mriqc.nimh.nih.gov/api/v1"
  },
  "size_t": 180,
  "size_x": 64,
  "size_y": 64,
  "size_z": 42,
  "snr": 2.981876369109362,
  "spacing_tr": 2.4000000953674316,
  "spacing_x": 3.0,
  "spacing_y": 3.0,
  "spacing_z": 3.0,
  "summary_bg_k": 62.203686351397536,
  "summary_bg_mad": 7.907212774642982,
  "summary_bg_mean": 41.13916778564453,
  "summary_bg_median": 24.35555648803711,
  "summary_bg_n": 101501.0,
  "summary_bg_p05": 17.688888549804688,
  "summary_bg_p95": 113.95555877685547,
  "summary_bg_stdv": 53.43415451049805,
  "summary_fg_k": 2.0502613001597103,
  "summary_fg_mad": 163.02860135903003,
  "summary_fg_mean": 597.6807250976562,
  "summary_fg_median": 566.1500244140625,
  "summary_fg_n": 34523.0,
  "summary_fg_p05": 352.0522399902344,
  "summary_fg_p95": 955.4294616699221,
  "summary_fg_stdv": 189.86093139648438,
  "tsnr": 38.9122854769812
}