{
  "aor": 0.0010872067039106145,
  "aqi": 0.00478859217877095,
  "bids_meta": {
    "AccelFactPE": 2,
    "AcquisitionNumber": 1,
    "AcquisitionTime": "13:08:14.010000",
    "BandwidthPerPixelPhaseEncode": 65.104,
    "BodyPartExamined": "HEAD",
    "ConversionSoftware": "dcm2niix",
    "ConversionSoftwareVersion": "v1.0.20170724 GCC4.8.5",
    "DeviceSerialNumber": "35353",
    "EchoTime": 0.027,
    "EffectiveEchoSpacing": 0.000240001,
    "FlipAngle": 90,
    "ImageType": [
      "ORIGINAL",
      "PRIMARY",
      "M",
      "ND",
      "MOSAIC"
    ],
    "InstitutionAddress": "De_Pintelaan_185_Gent_ACCD6F_District_BE_9000",
    "InstitutionName": "UZ_Gent",
    "MagneticFieldStrength": 3,
    "Manufacturer": "Siemens",
    "ManufacturersModelName": "TrioTim",
    "Modality": "MR",
    "PhaseEncodingDirection": "j-",
    "PhaseEncodingLines": 64,
    "ProcedureStepDescription": "Brain_Research_3T_Experimentele_Psychologie",
    "ProtocolName": "fMRI_Resting_State",
    "RepetitionTime": 2.4,
    "ScanningSequence": "EP",
    "SequenceName": "_epfid2d1_64",
    "SequenceVariant": "SK",
    "SeriesDescription": "fMRI_Resting_State",
    "SliceTiming": [
      2.3325,
      2.275,
      2.2175,
      2.16,
      2.105,
      2.0475,
      1.99,
      1.9325,
      1.8775,
      1.82,
      1.7625,
      1.705,
      1.65,
      1.5925,
      1.535,
      1.4775,
      1.4225,
      1.365,
      1.3075,
      1.25,
      1.195,
      1.1375,
      1.08,
      1.0225,
      0.9675,
      0.91,
      0.8525,
      0.795,
      0.74,
      0.6825,
      0.625,
      0.5675,
      0.5125,
      0.455,
      0.3975,
      0.34,
      0.285,
      0.2275,
      0.17,
      0.1125,
      0.0575,
      0
    ],
    "SoftwareVersions": "syngo_MR_B17",
    "TaskName": "rest",
    "TotalReadoutTime": 0.01464,
    "TrueEchoSpacing": 0.000480001,
    "dataset": "<unset>",
    "modality": "bold",
    "session_id": "preop",
    "subject_id": "PAT22",
    "task_id": "rest"
  },
  "dummy_trs": 1,
  "dvars_nstd": 33.88591197370788,
  "dvars_std": 1.0711527666853933,
  "dvars_vstd": 0.9775060346067421,
  "efc": 0.556907355749945,
  "fber": 293.4477844238281,
  "fd_mean": 0.20131124507268694,
  "fd_num": 76,
  "fd_perc": 42.45810055865922,
  "fwhm_avg": 3.1391677777777782,
  "fwhm_x": 3.1670433333333334,
  "fwhm_y": 3.06997,
  "fwhm_z": 3.1804900000000003,
  "gcor": 0.00450085,
  "gsr_x": -0.013580241240561008,
  "gsr_y": 0.06676582247018814,
  "provenance": {
    "md5sum": "9049571971cf1409adcc2cf908188968",
    "settings": {
      "fd_thres": 0.2,
      "testing": false
    },
    "software": "mriqc",
    "version": "21.0.0rc2",
    "webapi_port": null,
    "webapi_url": "https://mriqc.nimh.nih.gov/api/v1"
  },
  "size_t": 179,
  "size_x": 64,
  "size_y": 64,
  "size_z": 42,
  "snr": 1.986299368296914,
  "spacing_tr": 2.4000000953674316,
  "spacing_x": 3.0,
  "spacing_y": 3.0,
  "spacing_z": 3.0,
  "summary_bg_k": 70.65310235622748,
  "summary_bg_mad": 23.84587378853162,
  "summary_bg_mean": 75.05573272705078,
  "summary_bg_median": 39.13966369628906,
  "summary_bg_n": 96479.0,
  "summary_bg_p05": 20.507820320129397,
  "summary_bg_p95": 248.8078109741208,
  "summary_bg_stdv": 114.97557830810547,
  "summary_fg_k": 3.124742811295044,
  "summary_fg_mad": 259.173780688188,
  "summary_fg_mean": 761.343017578125,
  "summary_fg_median": 679.18994140625,
  "summary_fg_n": 38093.0,
  "summary_fg_p05": 382.6134033203125,
  "summary_fg_p95": 1467.6871093750005,
  "summary_fg_stdv": 341.932861328125,
  "tsnr": 44.08243730920367
}