{
  "bids_meta": {
    "AccelFactPE": 2,
    "AcquisitionNumber": 1,
    "AcquisitionTime": "13:18:27.212500",
    "BodyPartExamined": "HEAD",
    "ConversionSoftware": "dcm2niix",
    "ConversionSoftwareVersion": "v1.0.20170724 GCC4.8.5",
    "DeviceSerialNumber": "35353",
    "EchoTime": 0.00418,
    "FlipAngle": 9,
    "ImageType": [
      "ORIGINAL",
      "PRIMARY",
      "M",
      "ND",
      "NORM"
    ],
    "InstitutionAddress": "De_Pintelaan_185_Gent_88C96F_District_BE_9000",
    "InstitutionName": "UZ",
    "InversionTime": 0.9,
    "MagneticFieldStrength": 3,
    "Manufacturer": "Siemens",
    "ManufacturersModelName": "TrioTim",
    "Modality": "MR",
    "PhaseEncodingDirection": "i-",
    "PhaseEncodingLines": 256,
    "ProcedureStepDescription": "MR_hersenen_(structuur_alleen)",
    "ProtocolName": "T1_mprage",
    "RepetitionTime": 1.75,
    "ScanningSequence": "GR_IR",
    "SequenceName": "_tfl3d1_ns",
    "SequenceVariant": "SP_MP",
    "SeriesDescription": "T1_mprage",
    "SoftwareVersions": "syngo_MR_B17",
    "dataset": "<unset>",
    "modality": "T1w",
    "session_id": "preop",
    "subject_id": "CON05"
  },
  "cjv": 0.4674636587286158,
  "cnr": 2.841659183781583,
  "efc": 0.5894334083769879,
  "fber": 12012.16,
  "fwhm_avg": 3.488054332967639,
  "fwhm_x": 3.5938029989029157,
  "fwhm_y": 3.64571,
  "fwhm_z": 3.22465,
  "icvs_csf": 0.1855443155475137,
  "icvs_gm": 0.40492756241360955,
  "icvs_wm": 0.40952812203887673,
  "inu_med": 1.2671130895614624,
  "inu_range": 0.4317519426345824,
  "provenance": {
    "md5sum": "7dd69b153d15bd738602129fa50ca104",
    "settings": {
      "testing": false
    },
    "software": "mriqc",
    "version": "21.0.0rc2",
    "warnings": {
      "large_rot_frame": true,
      "small_air_mask": false
    },
    "webapi_port": null,
    "webapi_url": "https://mriqc.nimh.nih.gov/api/v1"
  },
  "qi_1": 0.0,
  "qi_2": 0.02047037165313498,
  "rpve_csf": 26.621131471823087,
  "rpve_gm": 12.452128499437727,
  "rpve_wm": 14.529187180587252,
  "size_x": 160,
  "size_y": 256,
  "size_z": 256,
  "snr_csf": 3.641947133998629,
  "snr_gm": 12.829001417448714,
  "snr_total": 13.316946805828918,
  "snr_wm": 23.47989186603941,
  "snrd_csf": 51.92122566842637,
  "snrd_gm": 104.65494546536347,
  "snrd_total": 96.51812561112598,
  "snrd_wm": 132.97820569958807,
  "spacing_x": 0.9999991655349731,
  "spacing_y": 1.0,
  "spacing_z": 1.0,
  "summary_bg_k": 8.520137114161091,
  "summary_bg_mad": 4.926644874422459,
  "summary_bg_mean": 6.244221356727758,
  "summary_bg_median": 3.3229714706540108,
  "summary_bg_n": 2630437.0,
  "summary_bg_p05": 0.0,
  "summary_bg_p95": 16.882838923484087,
  "summary_bg_stdv": 6.417954708207705,
  "summary_csf_k": 0.7834479235407934,
  "summary_csf_mad": 92.25539837426572,
  "summary_csf_mean": 414.0448642115989,
  "summary_csf_median": 390.44914780184627,
  "summary_csf_n": 24443.0,
  "summary_csf_p05": 280.8982818983495,
  "summary_csf_p95": 621.2080779131496,
  "summary_csf_stdv": 107.20670740755068,
  "summary_gm_k": 0.18210380817806104,
  "summary_gm_mad": 60.073282662312565,
  "summary_gm_mean": 790.5196977050016,
  "summary_gm_median": 787.0082754045725,
  "summary_gm_n": 9525.0,
  "summary_gm_p05": 694.2973713733256,
  "summary_gm_p95": 897.2558933906257,
  "summary_gm_stdv": 61.34280728034493,
  "summary_wm_k": 0.6629816834246056,
  "summary_wm_mad": 39.49262100948326,
  "summary_wm_mean": 998.9459600080115,
  "summary_wm_median": 1000.000027410686,
  "summary_wm_n": 201536.0,
  "summary_wm_p05": 926.841058742255,
  "summary_wm_p95": 1066.4058605097234,
  "summary_wm_stdv": 42.589529464893914,
  "tpm_overlap_csf": 0.1791684776544571,
  "tpm_overlap_gm": 0.4267979562282562,
  "tpm_overlap_wm": 0.48302504420280457,
  "wm2max": 0.5129206069936222
}