{
  "aor": 0.0009782777777777778,
  "aqi": 0.010781478833333333,
  "bids_meta": {
    "AccelFactPE": 2,
    "AcquisitionNumber": 1,
    "AcquisitionTime": "13:50:20.140000",
    "BandwidthPerPixelPhaseEncode": 65.104,
    "BodyPartExamined": "HEAD",
    "ConversionSoftware": "dcm2niix",
    "ConversionSoftwareVersion": "v1.0.20170724 GCC4.8.5",
    "DeviceSerialNumber": "35353",
    "EchoTime": 0.027,
    "EffectiveEchoSpacing": 0.000240001,
    "FlipAngle": 90,
    "ImageType": [
      "ORIGINAL",
      "PRIMARY",
      "M",
      "ND",
      "MOSAIC"
    ],
    "InstitutionAddress": "De_Pintelaan_185_Gent_88C96F_District_BE_9000",
    "InstitutionName": "UZ",
    "MagneticFieldStrength": 3,
    "Manufacturer": "Siemens",
    "ManufacturersModelName": "TrioTim",
    "Modality": "MR",
    "PhaseEncodingDirection": "j-",
    "PhaseEncodingLines": 64,
    "ProcedureStepDescription": "MR_hersenen_(structuur_alleen)",
    "ProtocolName": "RESTING_STATE",
    "RepetitionTime": 2.1,
    "ScanningSequence": "EP",
    "SequenceName": "_epfid2d1_64",
    "SequenceVariant": "SK",
    "SeriesDescription": "RESTING_STATE",
    "SliceTiming": [
      2.0375,
      1.9875,
      1.9375,
      1.8875,
      1.8375,
      1.79,
      1.74,
      1.69,
      1.64,
      1.59,
      1.54,
      1.49,
      1.44,
      1.39,
      1.3425,
      1.2925,
      1.2425,
      1.1925,
      1.1425,
      1.0925,
      1.0425,
      0.9925,
      0.9425,
      0.895,
      0.845,
      0.795,
      0.745,
      0.695,
      0.645,
      0.595,
      0.545,
      0.4975,
      0.4475,
      0.3975,
      0.3475,
      0.2975,
      0.2475,
      0.1975,
      0.1475,
      0.0975,
      0.05,
      0
    ],
    "SoftwareVersions": "syngo_MR_B17",
    "TaskName": "rest",
    "TotalReadoutTime": 0.01464,
    "TrueEchoSpacing": 0.000480001,
    "dataset": "<unset>",
    "modality": "bold",
    "session_id": "preop",
    "subject_id": "PAT07",
    "task_id": "rest"
  },
  "dummy_trs": 0,
  "dvars_nstd": 58.550248087653635,
  "dvars_std": 1.058115299329609,
  "dvars_vstd": 0.9986832364245807,
  "efc": 0.6242340328007837,
  "fber": 112.24893188476562,
  "fd_mean": 0.41203999398215113,
  "fd_num": 145,
  "fd_perc": 80.55555555555556,
  "fwhm_avg": 2.693045164813668,
  "fwhm_x": 2.4951833333333333,
  "fwhm_y": 2.8229399999999996,
  "fwhm_z": 2.7610121611076726,
  "gcor": 0.0106433,
  "gsr_x": 0.015863783657550812,
  "gsr_y": 0.11131706088781357,
  "provenance": {
    "md5sum": "b93b2c531946093c196dfab9f4ecb9d7",
    "settings": {
      "fd_thres": 0.2,
      "testing": false
    },
    "software": "mriqc",
    "version": "21.0.0rc2",
    "webapi_port": null,
    "webapi_url": "https://mriqc.nimh.nih.gov/api/v1"
  },
  "size_t": 180,
  "size_x": 64,
  "size_y": 64,
  "size_z": 42,
  "snr": 2.6104247488534824,
  "spacing_tr": 2.0999999046325684,
  "spacing_x": 3.0,
  "spacing_y": 3.0,
  "spacing_z": 3.299999952316284,
  "summary_bg_k": 49.23898748467287,
  "summary_bg_mad": 34.71760383523239,
  "summary_bg_mean": 85.5920181274414,
  "summary_bg_median": 53.144447326660156,
  "summary_bg_n": 93986.0,
  "summary_bg_p05": 22.190277576446533,
  "summary_bg_p95": 248.4763946533203,
  "summary_bg_stdv": 104.94562530517578,
  "summary_fg_k": 2.690814704939071,
  "summary_fg_mad": 184.50981894576475,
  "summary_fg_mean": 598.6509399414062,
  "summary_fg_median": 560.4722290039062,
  "summary_fg_n": 38749.0,
  "summary_fg_p05": 322.7989074707031,
  "summary_fg_p95": 1005.6578002929688,
  "summary_fg_stdv": 214.70260620117188,
  "tsnr": 26.105797917873133
}