{
  "aor": 0.0008032777777777778,
  "aqi": 0.0077962629444444445,
  "bids_meta": {
    "AccelFactPE": 2,
    "AcquisitionNumber": 1,
    "AcquisitionTime": "14:54:45.035000",
    "BandwidthPerPixelPhaseEncode": 65.104,
    "BodyPartExamined": "HEAD",
    "ConversionSoftware": "dcm2niix",
    "ConversionSoftwareVersion": "v1.0.20170724 GCC4.8.5",
    "DeviceSerialNumber": "35353",
    "EchoTime": 0.027,
    "EffectiveEchoSpacing": 0.000240001,
    "FlipAngle": 90,
    "ImageType": [
      "ORIGINAL",
      "PRIMARY",
      "M",
      "ND",
      "MOSAIC"
    ],
    "InstitutionAddress": "De_Pintelaan_185_Gent_ACCD6F_District_BE_9000",
    "InstitutionName": "UZ",
    "MagneticFieldStrength": 3,
    "Manufacturer": "Siemens",
    "ManufacturersModelName": "TrioTim",
    "Modality": "MR",
    "PhaseEncodingDirection": "j-",
    "PhaseEncodingLines": 64,
    "ProcedureStepDescription": "Brain_Research_3T_MRP",
    "ProtocolName": "fMRI_Resting_State",
    "RepetitionTime": 2.4,
    "ScanningSequence": "EP",
    "SequenceName": "_epfid2d1_64",
    "SequenceVariant": "SK",
    "SeriesDescription": "fMRI_Resting_State",
    "SliceTiming": [
      2.3325,
      2.275,
      2.2175,
      2.16,
      2.105,
      2.0475,
      1.99,
      1.9325,
      1.8775,
      1.82,
      1.7625,
      1.705,
      1.65,
      1.5925,
      1.535,
      1.4775,
      1.4225,
      1.365,
      1.3075,
      1.25,
      1.195,
      1.1375,
      1.08,
      1.0225,
      0.9675,
      0.91,
      0.8525,
      0.795,
      0.74,
      0.6825,
      0.625,
      0.5675,
      0.5125,
      0.455,
      0.3975,
      0.34,
      0.285,
      0.2275,
      0.17,
      0.1125,
      0.0575,
      0
    ],
    "SoftwareVersions": "syngo_MR_B17",
    "TaskName": "rest",
    "TotalReadoutTime": 0.01464,
    "TrueEchoSpacing": 0.000480001,
    "dataset": "<unset>",
    "modality": "bold",
    "session_id": "preop",
    "subject_id": "CON08",
    "task_id": "rest"
  },
  "dummy_trs": 0,
  "dvars_nstd": 40.73806811720672,
  "dvars_std": 1.0549790005586588,
  "dvars_vstd": 0.9864049670391065,
  "efc": 0.5928354466140489,
  "fber": 296.91461181640625,
  "fd_mean": 0.17459379975371234,
  "fd_num": 56,
  "fd_perc": 31.11111111111111,
  "fwhm_avg": 2.5201211111111115,
  "fwhm_x": 2.3500900000000002,
  "fwhm_y": 2.5649833333333336,
  "fwhm_z": 2.64529,
  "gcor": 0.00745603,
  "gsr_x": 0.009266133420169353,
  "gsr_y": 0.07109084725379944,
  "provenance": {
    "md5sum": "8348a9deeb43cbe29fe743ffddd78ce4",
    "settings": {
      "fd_thres": 0.2,
      "testing": false
    },
    "software": "mriqc",
    "version": "21.0.0rc2",
    "webapi_port": null,
    "webapi_url": "https://mriqc.nimh.nih.gov/api/v1"
  },
  "size_t": 180,
  "size_x": 64,
  "size_y": 64,
  "size_z": 42,
  "snr": 3.1844052043445656,
  "spacing_tr": 2.4000000953674316,
  "spacing_x": 3.0,
  "spacing_y": 3.0,
  "spacing_z": 3.0,
  "summary_bg_k": 46.144747558168625,
  "summary_bg_mad": 15.484956818596212,
  "summary_bg_mean": 56.70002365112305,
  "summary_bg_median": 30.822223663330078,
  "summary_bg_n": 96109.0,
  "summary_bg_p05": 18.677778244018555,
  "summary_bg_p95": 179.816674804687,
  "summary_bg_stdv": 78.52301025390625,
  "summary_fg_k": 1.4098466055668988,
  "summary_fg_mad": 149.75929340523328,
  "summary_fg_mean": 560.6678466796875,
  "summary_fg_median": 536.522216796875,
  "summary_fg_n": 38949.0,
  "summary_fg_p05": 327.21112060546875,
  "summary_fg_p95": 874.1044799804686,
  "summary_fg_stdv": 168.48211669921875,
  "tsnr": 37.3596406057477
}