{
  "bids_meta": {
    "AccelFactPE": 2,
    "AcquisitionNumber": 1,
    "AcquisitionTime": "13:00:17.197500",
    "BodyPartExamined": "HEAD",
    "ConversionSoftware": "dcm2niix",
    "ConversionSoftwareVersion": "v1.0.20170724 GCC4.8.5",
    "DeviceSerialNumber": "35353",
    "EchoTime": 0.00418,
    "FlipAngle": 9,
    "ImageType": [
      "ORIGINAL",
      "PRIMARY",
      "M",
      "ND",
      "NORM"
    ],
    "InstitutionAddress": "De_Pintelaan_185_Gent_ACCD6F_District_BE_9000",
    "InstitutionName": "UZ_Gent",
    "InversionTime": 0.9,
    "MagneticFieldStrength": 3,
    "Manufacturer": "Siemens",
    "ManufacturersModelName": "TrioTim",
    "Modality": "MR",
    "PhaseEncodingDirection": "i-",
    "PhaseEncodingLines": 256,
    "ProcedureStepDescription": "Brain_Research_3T_Experimentele_Psychologie",
    "ProtocolName": "T1_mprage",
    "RepetitionTime": 1.75,
    "ScanningSequence": "GR_IR",
    "SequenceName": "_tfl3d1_ns",
    "SequenceVariant": "SP_MP",
    "SeriesDescription": "T1_mprage",
    "SoftwareVersions": "syngo_MR_B17",
    "dataset": "<unset>",
    "modality": "T1w",
    "session_id": "preop",
    "subject_id": "PAT22"
  },
  "cjv": 0.6571224458358659,
  "cnr": 1.9429367469435836,
  "efc": 0.644868825986474,
  "fber": 3179.938847397924,
  "fwhm_avg": 3.4809368997707817,
  "fwhm_x": 3.663360699312345,
  "fwhm_y": 3.55157,
  "fwhm_z": 3.22788,
  "icvs_csf": 0.2428501408767645,
  "icvs_gm": 0.3796849611123873,
  "icvs_wm": 0.3774648980108482,
  "inu_med": 1.439514398574829,
  "inu_range": 0.4520082473754883,
  "provenance": {
    "md5sum": "d0b4e260d84180ed35641855d8822f37",
    "settings": {
      "testing": false
    },
    "software": "mriqc",
    "version": "21.0.0rc2",
    "warnings": {
      "large_rot_frame": true,
      "small_air_mask": false
    },
    "webapi_port": null,
    "webapi_url": "https://mriqc.nimh.nih.gov/api/v1"
  },
  "qi_1": 0.0,
  "qi_2": 0.013887976249226719,
  "rpve_csf": 23.701135360850063,
  "rpve_gm": 14.269370658680984,
  "rpve_wm": 17.03868749549974,
  "size_x": 160,
  "size_y": 256,
  "size_z": 256,
  "snr_csf": 4.376360690594177,
  "snr_gm": 11.05251085020479,
  "snr_total": 11.684312795986957,
  "snr_wm": 19.624066847161902,
  "snrd_csf": 52.68382980658994,
  "snrd_gm": 112.15269830039223,
  "snrd_total": 100.32164344663961,
  "snrd_wm": 136.12840223293668,
  "spacing_x": 0.999997079372406,
  "spacing_y": 1.0,
  "spacing_z": 1.0,
  "summary_bg_k": 7.324163034939943,
  "summary_bg_mad": 4.8128873829484515,
  "summary_bg_mean": 7.860429781942397,
  "summary_bg_median": 6.440127655863762,
  "summary_bg_n": 1596920.0,
  "summary_bg_p05": 0.0,
  "summary_bg_p95": 22.671343699097633,
  "summary_bg_stdv": 8.044549828352626,
  "summary_csf_k": 2.4883265640504026,
  "summary_csf_mad": 76.15229875278114,
  "summary_csf_mean": 400.7046313868993,
  "summary_csf_median": 387.03596448898315,
  "summary_csf_n": 43820.0,
  "summary_csf_p05": 287.0804709814489,
  "summary_csf_p95": 565.3699059188366,
  "summary_csf_stdv": 88.43684870247715,
  "summary_gm_k": 0.41333105670956893,
  "summary_gm_mad": 69.2434765417745,
  "summary_gm_mean": 828.6066232529627,
  "summary_gm_median": 823.9174698591232,
  "summary_gm_n": 9236.0,
  "summary_gm_p05": 713.7939048819244,
  "summary_gm_p95": 962.1184206530452,
  "summary_gm_stdv": 74.5416924923334,
  "summary_wm_k": 0.7082937380448362,
  "summary_wm_mad": 46.49870229655036,
  "summary_wm_mean": 1003.8560990454213,
  "summary_wm_median": 1000.0523433089256,
  "summary_wm_n": 177122.0,
  "summary_wm_p05": 926.4882835000753,
  "summary_wm_p95": 1095.5023653954268,
  "summary_wm_stdv": 50.96036046110342,
  "tpm_overlap_csf": 0.1705317497253418,
  "tpm_overlap_gm": 0.40786850452423096,
  "tpm_overlap_wm": 0.4822540283203125,
  "wm2max": 0.46179749403776305
}