{
  "aor": 0.0004907222222222223,
  "aqi": 0.003472731666666667,
  "bids_meta": {
    "AccelFactPE": 2,
    "AcquisitionNumber": 1,
    "AcquisitionTime": "11:46:44.305000",
    "BandwidthPerPixelPhaseEncode": 65.104,
    "BodyPartExamined": "HEAD",
    "ConversionSoftware": "dcm2niix",
    "ConversionSoftwareVersion": "v1.0.20170724 GCC4.8.5",
    "DeviceSerialNumber": "35353",
    "EchoTime": 0.027,
    "EffectiveEchoSpacing": 0.000240001,
    "FlipAngle": 90,
    "ImageType": [
      "ORIGINAL",
      "PRIMARY",
      "M",
      "ND",
      "MOSAIC"
    ],
    "InstitutionAddress": "De_Pintelaan_185_Gent_9C4B6E_District_BE_9000",
    "InstitutionName": "UZ_Gent",
    "MagneticFieldStrength": 3,
    "Manufacturer": "Siemens",
    "ManufacturersModelName": "TrioTim",
    "Modality": "MR",
    "PhaseEncodingDirection": "j-",
    "PhaseEncodingLines": 64,
    "ProcedureStepDescription": "Brain_Research_3T_MRP",
    "ProtocolName": "fMRI_Resting_State",
    "RepetitionTime": 2.4,
    "ScanningSequence": "EP",
    "SequenceName": "_epfid2d1_64",
    "SequenceVariant": "SK",
    "SeriesDescription": "fMRI_Resting_State",
    "SliceTiming": [
      2.3325,
      2.275,
      2.22,
      2.1625,
      2.105,
      2.0475,
      1.9925,
      1.935,
      1.8775,
      1.82,
      1.765,
      1.7075,
      1.65,
      1.5925,
      1.5375,
      1.48,
      1.4225,
      1.365,
      1.31,
      1.2525,
      1.195,
      1.1375,
      1.0825,
      1.025,
      0.9675,
      0.91,
      0.855,
      0.7975,
      0.74,
      0.6825,
      0.6275,
      0.57,
      0.5125,
      0.455,
      0.4,
      0.3425,
      0.285,
      0.2275,
      0.1725,
      0.115,
      0.0575,
      0
    ],
    "SoftwareVersions": "syngo_MR_B17",
    "TaskName": "rest",
    "TotalReadoutTime": 0.01464,
    "TrueEchoSpacing": 0.000480001,
    "dataset": "<unset>",
    "modality": "bold",
    "session_id": "preop",
    "subject_id": "PAT31",
    "task_id": "rest"
  },
  "dummy_trs": 0,
  "dvars_nstd": 27.37551092446927,
  "dvars_std": 1.0740298527932952,
  "dvars_vstd": 0.9886863362011178,
  "efc": 0.5449355245111758,
  "fber": 661.2181396484375,
  "fd_mean": 0.1304674090001654,
  "fd_num": 13,
  "fd_perc": 7.222222222222222,
  "fwhm_avg": 2.5337211111111113,
  "fwhm_x": 2.391286666666667,
  "fwhm_y": 2.6105933333333335,
  "fwhm_z": 2.5992833333333336,
  "gcor": 0.0107958,
  "gsr_x": -0.006832419894635677,
  "gsr_y": 0.06033621355891228,
  "provenance": {
    "md5sum": "8b8fed24d3d1af653a95d8aa537b9afb",
    "settings": {
      "fd_thres": 0.2,
      "testing": false
    },
    "software": "mriqc",
    "version": "21.0.0rc2",
    "webapi_port": null,
    "webapi_url": "https://mriqc.nimh.nih.gov/api/v1"
  },
  "size_t": 180,
  "size_x": 64,
  "size_y": 64,
  "size_z": 42,
  "snr": 3.4693016796562604,
  "spacing_tr": 2.4000000953674316,
  "spacing_x": 3.0,
  "spacing_y": 3.0,
  "spacing_z": 3.0,
  "summary_bg_k": 32.93978455006092,
  "summary_bg_mad": 9.027401934445239,
  "summary_bg_mean": 47.59990310668945,
  "summary_bg_median": 25.644445419311523,
  "summary_bg_n": 101620.0,
  "summary_bg_p05": 18.100000381469727,
  "summary_bg_p95": 156.877778625487,
  "summary_bg_stdv": 66.90951538085938,
  "summary_fg_k": 0.744792839578202,
  "summary_fg_mad": 181.9688356513533,
  "summary_fg_mean": 689.11328125,
  "summary_fg_median": 663.1944580078125,
  "summary_fg_n": 34288.0,
  "summary_fg_p05": 427.94390258789065,
  "summary_fg_p95": 1045.4142272949218,
  "summary_fg_stdv": 191.1580047607422,
  "tsnr": 55.136754191247746
}